{
  "bids_meta": {
    "AcquisitionMatrixPE": 256,
    "AcquisitionNumber": 1,
    "AcquisitionTime": "15:27:56.372500",
    "BaseResolution": 256,
    "CoilString": "T:HEA;HEP",
    "ConversionSoftware": "dcm2niix",
    "ConversionSoftwareVersion": "v1.0.20190720  GCC7.4.0",
    "Dcm2bidsVersion": "2.1.4",
    "DeviceSerialNumber": "40296",
    "DwellTime": 9.8e-06,
    "EchoTime": 0.00226,
    "FlipAngle": 9,
    "ImageOrientationPatientDICOM": [
      0.0333844,
      0.999443,
      -2.82863e-08,
      -0.0122622,
      0.000409567,
      -0.999925
    ],
    "ImageType": [
      "ORIGINAL",
      "PRIMARY",
      "M",
      "ND",
      "NORM",
      "FM",
      "FIL"
    ],
    "ImagingFrequency": 123.197,
    "InPlanePhaseEncodingDirectionDICOM": "ROW",
    "InstitutionAddress": "Henri_le_Guilloux_2_Rennes_3BA938_District_FR_35000",
    "InstitutionName": "CHU_PONTCHAILLOU",
    "InstitutionalDepartmentName": "Department",
    "Interpolation2D": 1,
    "InversionTime": 0.9,
    "MRAcquisitionType": "3D",
    "MagneticFieldStrength": 3,
    "Manufacturer": "Siemens",
    "ManufacturersModelName": "Verio",
    "Modality": "MR",
    "ParallelReductionFactorInPlane": 2,
    "PartialFourier": 1,
    "PatientPosition": "HFS",
    "PercentPhaseFOV": 100,
    "PhaseEncodingSteps": 255,
    "PhaseResolution": 1,
    "PixelBandwidth": 199,
    "ProcedureStepDescription": "OSS-IRM",
    "ProtocolName": "T1_3D_MPRAGE",
    "PulseSequenceDetails": "%SiemensSeq%_tfl",
    "ReceiveCoilName": "HeadMatrix",
    "ReconMatrixPE": 512,
    "RefLinesPE": 24,
    "RepetitionTime": 1.9,
    "SAR": 0.0393006,
    "ScanOptions": "IR",
    "ScanningSequence": "GR_IR",
    "SequenceName": "_tfl3d1_ns",
    "SequenceVariant": "SP_MP",
    "SeriesDescription": "T1_3D_MPRAGE",
    "SeriesNumber": 15,
    "ShimSetting": [
      936,
      13482,
      -6965,
      33,
      -607,
      -326,
      728,
      -255
    ],
    "SliceThickness": 1,
    "SoftwareVersions": "syngo_MR_B17",
    "StationName": "MRC40296",
    "TxRefAmp": 489.175,
    "dataset": "ds002336",
    "modality": "T1w",
    "subject_id": "xp110"
  },
  "cjv": 0.39842741712141083,
  "cnr": 3.3172449338976597,
  "efc": 0.6039450303336519,
  "fber": 2486.106313799622,
  "fwhm_avg": 6.6604133333333335,
  "fwhm_x": 3.96588,
  "fwhm_y": 8.15804,
  "fwhm_z": 7.85732,
  "icvs_csf": 0.21885670974847674,
  "icvs_gm": 0.4161984036005132,
  "icvs_wm": 0.3649448866510101,
  "inu_med": 1.6529029607772827,
  "inu_range": 0.5978963673114777,
  "provenance": {
    "md5sum": "978291cc191fb5c758713353109b2c9a",
    "settings": {
      "testing": false
    },
    "software": "mriqc",
    "version": "21.0.0rc2",
    "warnings": {
      "large_rot_frame": true,
      "small_air_mask": false
    },
    "webapi_port": null,
    "webapi_url": "https://mriqc.nimh.nih.gov/api/v1"
  },
  "qi_1": 0.0,
  "qi_2": 0.0033628790759644626,
  "rpve_csf": 22.035660409448607,
  "rpve_gm": 12.228932795419361,
  "rpve_wm": 16.3174940963211,
  "size_x": 176,
  "size_y": 512,
  "size_z": 512,
  "snr_csf": 3.6880637678058106,
  "snr_gm": 13.53414596015854,
  "snr_total": 12.902163348032355,
  "snr_wm": 21.484280316132715,
  "snrd_csf": 34.208613010167404,
  "snrd_gm": 67.88352345198294,
  "snrd_total": 63.933359281206464,
  "snrd_wm": 89.70794138146904,
  "spacing_x": 1.0,
  "spacing_y": 0.5,
  "spacing_z": 0.5,
  "summary_bg_k": 43.99973907805777,
  "summary_bg_mad": 7.302991971488991,
  "summary_bg_mean": 13.682293891465402,
  "summary_bg_median": 12.28249740600586,
  "summary_bg_n": 10243233.0,
  "summary_bg_p05": 4.861821889877319,
  "summary_bg_p95": 29.74667340517044,
  "summary_bg_stdv": 9.272992444734596,
  "summary_csf_k": 23.92755195138682,
  "summary_csf_mad": 111.44176060389044,
  "summary_csf_mean": 394.2809343251181,
  "summary_csf_median": 381.33316165208817,
  "summary_csf_n": 226381.0,
  "summary_csf_p05": 252.30296754837036,
  "summary_csf_p95": 563.7794252038002,
  "summary_csf_stdv": 103.39634654431973,
  "summary_gm_k": 0.24135007886349324,
  "summary_gm_mad": 53.207512935134076,
  "summary_gm_mean": 761.4298770626121,
  "summary_gm_median": 756.7169886231422,
  "summary_gm_n": 265866.0,
  "summary_gm_p05": 677.2006121873856,
  "summary_gm_p95": 862.3976433873177,
  "summary_gm_stdv": 55.91158597905918,
  "summary_wm_k": 0.4727209338120155,
  "summary_wm_mad": 43.72310777735617,
  "summary_wm_mean": 999.0403057171757,
  "summary_wm_median": 999.999997138977,
  "summary_wm_n": 1199674.0,
  "summary_wm_p05": 920.0997926592827,
  "summary_wm_p95": 1073.886895596981,
  "summary_wm_stdv": 46.545640144533586,
  "tpm_overlap_csf": 0.17451554536819458,
  "tpm_overlap_gm": 0.4382401406764984,
  "tpm_overlap_wm": 0.50146484375,
  "wm2max": 0.43885457608085343
}