{
  "aor": 0.0003718095238095239,
  "aqi": 0.01870054380952381,
  "bids_meta": {
    "AcquisitionMatrixPE": 106,
    "AcquisitionNumber": 1,
    "AcquisitionTime": "10:53:52.232500",
    "BandwidthPerPixelPhaseEncode": 27.345,
    "BaseResolution": 106,
    "CoilString": "T:HEA;HEP",
    "ConversionSoftware": "dcm2niix",
    "ConversionSoftwareVersion": "v1.0.20190720  GCC7.4.0",
    "Dcm2bidsVersion": "2.1.4",
    "DerivedVendorReportedEchoSpacing": 0.000689995,
    "DeviceSerialNumber": "40296",
    "DwellTime": 2.8e-06,
    "EchoTime": 0.023,
    "EffectiveEchoSpacing": 0.000344998,
    "FlipAngle": 90,
    "ImageOrientationPatientDICOM": [
      0.996636,
      0.0816388,
      -0.00717436,
      -0.0819385,
      0.990956,
      -0.106263
    ],
    "ImageType": [
      "ORIGINAL",
      "PRIMARY",
      "M",
      "ND",
      "MOSAIC"
    ],
    "ImagingFrequency": 123.197,
    "InPlanePhaseEncodingDirectionDICOM": "COL",
    "InstitutionAddress": "Henri_le_Guilloux_2_Rennes_3BA938_District_FR_35000",
    "InstitutionName": "CHU_PONTCHAILLOU",
    "InstitutionalDepartmentName": "Department",
    "Instructions": "Try to move up the ball by feeling the movement of your right arm and hand. When the symbol + is displayed, rest",
    "MRAcquisitionType": "2D",
    "MagneticFieldStrength": 3,
    "Manufacturer": "Siemens",
    "ManufacturersModelName": "Verio",
    "Modality": "MR",
    "ParallelReductionFactorInPlane": 2,
    "PartialFourier": 1,
    "PatientPosition": "HFS",
    "PercentPhaseFOV": 100,
    "PhaseEncodingDirection": "j-",
    "PhaseEncodingSteps": 106,
    "PhaseResolution": 1,
    "PixelBandwidth": 1685,
    "ProcedureStepDescription": "OSS-IRM",
    "ProtocolName": "ep2d_bold_online_NF_IRMF_2X10x20",
    "PulseSequenceDetails": "%SiemensSeq%_ep2d_bold",
    "ReceiveCoilName": "HeadMatrix",
    "ReconMatrixPE": 106,
    "RefLinesPE": 24,
    "RepetitionTime": 2,
    "SAR": 0.0504412,
    "ScanOptions": "FS",
    "ScanningSequence": "EP",
    "SequenceName": "_epfid2d1_106",
    "SequenceVariant": "SK",
    "SeriesDescription": "ep2d_bold_online_NF_IRMF_2X10x20",
    "SeriesNumber": 10,
    "ShimSetting": [
      980,
      13343,
      -6493,
      521,
      -533,
      -457,
      1035,
      -351
    ],
    "SliceThickness": 4,
    "SliceTiming": [
      1.005,
      0,
      1.0675,
      0.065,
      1.13,
      0.1275,
      1.1925,
      0.19,
      1.255,
      0.2525,
      1.3175,
      0.315,
      1.3825,
      0.3775,
      1.445,
      0.44,
      1.5075,
      0.5025,
      1.57,
      0.565,
      1.6325,
      0.6275,
      1.695,
      0.6925,
      1.7575,
      0.755,
      1.82,
      0.8175,
      1.8825,
      0.88,
      1.945,
      0.9425
    ],
    "SoftwareVersions": "syngo_MR_B17",
    "SpacingBetweenSlices": 4,
    "StationName": "MRC40296",
    "TaskName": "fmriNF",
    "TotalReadoutTime": 0.0362248,
    "TxRefAmp": 463.944,
    "dataset": "ds002336",
    "modality": "bold",
    "subject_id": "xp109",
    "task_id": "fmriNF"
  },
  "dummy_trs": 0,
  "dvars_nstd": 42.18000769717703,
  "dvars_std": 1.0393533925837313,
  "dvars_vstd": 1.0148965970813397,
  "efc": 0.5840722116163397,
  "fber": 444.8659973144531,
  "fd_mean": 0.14195617155620635,
  "fd_num": 41,
  "fd_perc": 19.523809523809526,
  "fwhm_avg": 2.5463139389814673,
  "fwhm_x": 2.503649390182527,
  "fwhm_y": 3.0660349267618754,
  "fwhm_z": 2.0692575,
  "gcor": 0.0356686,
  "gsr_x": 0.001795461867004633,
  "gsr_y": 0.04613609239459038,
  "provenance": {
    "md5sum": "490589d523c3a046ca7bb93ecd4d283c",
    "settings": {
      "fd_thres": 0.2,
      "testing": false
    },
    "software": "mriqc",
    "version": "21.0.0rc2",
    "webapi_port": null,
    "webapi_url": "https://mriqc.nimh.nih.gov/api/v1"
  },
  "size_t": 210,
  "size_x": 106,
  "size_y": 106,
  "size_z": 32,
  "snr": 5.522597414353359,
  "spacing_tr": 2.0,
  "spacing_x": 1.9811320304870605,
  "spacing_y": 1.9811320304870605,
  "spacing_z": 4.0,
  "summary_bg_k": 23.899594677862414,
  "summary_bg_mad": 13.498739040897762,
  "summary_bg_mean": 68.23776245117188,
  "summary_bg_median": 40.10476303100586,
  "summary_bg_n": 213880.0,
  "summary_bg_p05": 28.257143020629883,
  "summary_bg_p95": 208.92428894042956,
  "summary_bg_stdv": 83.60413360595703,
  "summary_fg_k": 2.4820657046773027,
  "summary_fg_mad": 133.43781929982669,
  "summary_fg_mean": 866.0789184570312,
  "summary_fg_median": 855.4833374023438,
  "summary_fg_n": 79334.0,
  "summary_fg_p05": 650.0871826171875,
  "summary_fg_p95": 1130.4000244140625,
  "summary_fg_stdv": 154.90499877929688,
  "tsnr": 30.54358467401471
}