{
  "aor": 0.004122075471698113,
  "aqi": 0.009298789150943397,
  "bids_meta": {
    "AcquisitionMatrixPE": 106,
    "AcquisitionNumber": 1,
    "AcquisitionTime": "16:28:33.300000",
    "BandwidthPerPixelPhaseEncode": 27.345,
    "BaseResolution": 106,
    "CoilString": "T:HEA;HEP",
    "ConversionSoftware": "dcm2niix",
    "ConversionSoftwareVersion": "v1.0.20190720  GCC7.4.0",
    "Dcm2bidsVersion": "2.1.4",
    "DerivedVendorReportedEchoSpacing": 0.000689995,
    "DeviceSerialNumber": "40296",
    "DwellTime": 2.8e-06,
    "EchoTime": 0.023,
    "EffectiveEchoSpacing": 0.000344998,
    "FlipAngle": 90,
    "ImageOrientationPatientDICOM": [
      0.999847,
      0.0135187,
      0.011086,
      -0.00698033,
      0.890051,
      -0.455808
    ],
    "ImageType": [
      "ORIGINAL",
      "PRIMARY",
      "M",
      "ND",
      "MOSAIC"
    ],
    "ImagingFrequency": 123.197,
    "InPlanePhaseEncodingDirectionDICOM": "COL",
    "InstitutionAddress": "Henri_le_Guilloux_2_Rennes_3BA938_District_FR_35000",
    "InstitutionName": "CHU_PONTCHAILLOU",
    "InstitutionalDepartmentName": "Department",
    "Instructions": "When demanded, try to feel the movement of your right arm and hand. When the symbol + is displayed, rest",
    "MRAcquisitionType": "2D",
    "MagneticFieldStrength": 3,
    "Manufacturer": "Siemens",
    "ManufacturersModelName": "Verio",
    "Modality": "MR",
    "ParallelReductionFactorInPlane": 2,
    "PartialFourier": 1,
    "PatientPosition": "HFS",
    "PercentPhaseFOV": 100,
    "PhaseEncodingDirection": "j-",
    "PhaseEncodingSteps": 106,
    "PhaseResolution": 1,
    "PixelBandwidth": 1685,
    "ProcedureStepDescription": "RECHERCHE_HEMISFER",
    "ProtocolName": "ep2d_bold_MI_POST_2x5x20",
    "PulseSequenceDetails": "%SiemensSeq%_ep2d_bold",
    "ReceiveCoilName": "HeadMatrix",
    "ReconMatrixPE": 106,
    "RefLinesPE": 24,
    "RepetitionTime": 2,
    "SAR": 0.0538185,
    "ScanOptions": "FS",
    "ScanningSequence": "EP",
    "SequenceName": "_epfid2d1_106",
    "SequenceVariant": "SK",
    "SeriesDescription": "ep2d_bold_MI_POST_2x5x20",
    "SeriesNumber": 15,
    "ShimSetting": [
      937,
      13523,
      -6519,
      440,
      -704,
      -332,
      767,
      -279
    ],
    "SliceThickness": 4,
    "SliceTiming": [
      1.0025,
      0,
      1.065,
      0.0625,
      1.1275,
      0.125,
      1.19,
      0.1875,
      1.255,
      0.25,
      1.3175,
      0.3125,
      1.38,
      0.375,
      1.4425,
      0.4375,
      1.505,
      0.5,
      1.5675,
      0.565,
      1.63,
      0.6275,
      1.6925,
      0.69,
      1.755,
      0.7525,
      1.8175,
      0.815,
      1.88,
      0.8775,
      1.945,
      0.94
    ],
    "SoftwareVersions": "syngo_MR_B17",
    "SpacingBetweenSlices": 4,
    "StationName": "MRC40296",
    "TaskName": "MIpost",
    "TotalReadoutTime": 0.0362248,
    "TxRefAmp": 453.861,
    "dataset": "ds002336",
    "modality": "bold",
    "subject_id": "xp103",
    "task_id": "MIpost"
  },
  "dummy_trs": 0,
  "dvars_nstd": 41.04129696780952,
  "dvars_std": 1.0551196184761906,
  "dvars_vstd": 1.0386118685714292,
  "efc": 0.5920199995102922,
  "fber": 467.8126525878906,
  "fd_mean": 0.13622893968331592,
  "fd_num": 8,
  "fd_perc": 7.547169811320755,
  "fwhm_avg": 2.8808442463380133,
  "fwhm_x": 2.8764816843625405,
  "fwhm_y": 3.4554385546515,
  "fwhm_z": 2.3106125,
  "gcor": 0.0123466,
  "gsr_x": -0.013621846213936806,
  "gsr_y": 0.05156128108501434,
  "provenance": {
    "md5sum": "047bf8e94e2ccc0248398890f44947f5",
    "settings": {
      "fd_thres": 0.2,
      "testing": false
    },
    "software": "mriqc",
    "version": "21.0.0rc2",
    "webapi_port": null,
    "webapi_url": "https://mriqc.nimh.nih.gov/api/v1"
  },
  "size_t": 106,
  "size_x": 106,
  "size_y": 106,
  "size_z": 32,
  "snr": 4.457830559277962,
  "spacing_tr": 2.0,
  "spacing_x": 1.9811320304870605,
  "spacing_y": 1.9811320304870605,
  "spacing_z": 4.0,
  "summary_bg_k": 14.802159435029267,
  "summary_bg_mad": 10.993635371708319,
  "summary_bg_mean": 74.2760009765625,
  "summary_bg_median": 38.98113250732422,
  "summary_bg_n": 208707.0,
  "summary_bg_p05": 29.462265014648438,
  "summary_bg_p95": 263.68679504394464,
  "summary_bg_stdv": 91.72698211669922,
  "summary_fg_k": 0.471835502847453,
  "summary_fg_mad": 182.15031506719882,
  "summary_fg_mean": 867.6785888671875,
  "summary_fg_median": 860.2830200195312,
  "summary_fg_n": 81901.0,
  "summary_fg_p05": 567.103759765625,
  "summary_fg_p95": 1209.245361328125,
  "summary_fg_stdv": 192.98126220703125,
  "tsnr": 33.66992861148901
}