{
  "bids_meta": {
    "AcquisitionMatrixPE": 256,
    "AcquisitionNumber": 1,
    "AcquisitionTime": "12:47:49.380000",
    "BaseResolution": 256,
    "CoilString": "T:HEA;HEP",
    "ConversionSoftware": "dcm2niix",
    "ConversionSoftwareVersion": "v1.0.20190720  GCC7.4.0",
    "Dcm2bidsVersion": "2.1.4",
    "DeviceSerialNumber": "40296",
    "DwellTime": 9.8e-06,
    "EchoTime": 0.00226,
    "FlipAngle": 9,
    "ImageOrientationPatientDICOM": [
      -0.0157073,
      0.999877,
      -4.75525e-08,
      -0.0191951,
      -0.000301588,
      -0.999816
    ],
    "ImageType": [
      "ORIGINAL",
      "PRIMARY",
      "M",
      "ND",
      "NORM",
      "FM",
      "FIL"
    ],
    "ImagingFrequency": 123.197,
    "InPlanePhaseEncodingDirectionDICOM": "ROW",
    "InstitutionAddress": "Henri_le_Guilloux_2_Rennes_3BA938_District_FR_35000",
    "InstitutionName": "CHU_PONTCHAILLOU",
    "InstitutionalDepartmentName": "Department",
    "Interpolation2D": 1,
    "InversionTime": 0.9,
    "MRAcquisitionType": "3D",
    "MagneticFieldStrength": 3,
    "Manufacturer": "Siemens",
    "ManufacturersModelName": "Verio",
    "Modality": "MR",
    "ParallelReductionFactorInPlane": 2,
    "PartialFourier": 1,
    "PatientPosition": "HFS",
    "PercentPhaseFOV": 100,
    "PhaseEncodingSteps": 255,
    "PhaseResolution": 1,
    "PixelBandwidth": 199,
    "ProcedureStepDescription": "OSS-IRM",
    "ProtocolName": "T1_3D_MPRAGE",
    "PulseSequenceDetails": "%SiemensSeq%_tfl",
    "ReceiveCoilName": "HeadMatrix",
    "ReconMatrixPE": 512,
    "RefLinesPE": 24,
    "RepetitionTime": 1.9,
    "SAR": 0.0322131,
    "ScanOptions": "IR",
    "ScanningSequence": "GR_IR",
    "SequenceName": "_tfl3d1_ns",
    "SequenceVariant": "SP_MP",
    "SeriesDescription": "T1_3D_MPRAGE",
    "SeriesNumber": 18,
    "ShimSetting": [
      936,
      13482,
      -6965,
      33,
      -607,
      -326,
      728,
      -255
    ],
    "SliceThickness": 1,
    "SoftwareVersions": "syngo_MR_B17",
    "StationName": "MRC40296",
    "TxRefAmp": 462.301,
    "dataset": "ds002336",
    "modality": "T1w",
    "subject_id": "xp107"
  },
  "cjv": 0.45817134674597554,
  "cnr": 2.8686965438348326,
  "efc": 0.584041988787578,
  "fber": 1928.2430795847752,
  "fwhm_avg": 6.76861,
  "fwhm_x": 4.14137,
  "fwhm_y": 8.54386,
  "fwhm_z": 7.6206,
  "icvs_csf": 0.25355430294708525,
  "icvs_gm": 0.4124045641374803,
  "icvs_wm": 0.33404113291543447,
  "inu_med": 1.4951444864273071,
  "inu_range": 0.7178791999816894,
  "provenance": {
    "md5sum": "045d53a4a7598fa4f0101533857f750d",
    "settings": {
      "testing": false
    },
    "software": "mriqc",
    "version": "21.0.0rc2",
    "warnings": {
      "large_rot_frame": true,
      "small_air_mask": false
    },
    "webapi_port": null,
    "webapi_url": "https://mriqc.nimh.nih.gov/api/v1"
  },
  "qi_1": 0.0,
  "qi_2": 0.00562355502501523,
  "rpve_csf": 19.964343374336035,
  "rpve_gm": 12.367569942817983,
  "rpve_wm": 17.908144686876792,
  "size_x": 176,
  "size_y": 512,
  "size_z": 512,
  "snr_csf": 4.201298858066355,
  "snr_gm": 12.066066469484948,
  "snr_total": 11.647150149770837,
  "snr_wm": 18.674085121761212,
  "snrd_csf": 35.26112648680419,
  "snrd_gm": 60.41488375380266,
  "snrd_total": 58.3471706999815,
  "snrd_wm": 79.36550185933766,
  "spacing_x": 1.0,
  "spacing_y": 0.5,
  "spacing_z": 0.5,
  "summary_bg_k": 48.411946876897794,
  "summary_bg_mad": 8.25467416319093,
  "summary_bg_mean": 15.066126269287249,
  "summary_bg_median": 14.095425605773926,
  "summary_bg_n": 12350533.0,
  "summary_bg_p05": 5.63817024230957,
  "summary_bg_p95": 31.432799100875854,
  "summary_bg_stdv": 8.967202630171315,
  "summary_csf_k": 0.47042104738361745,
  "summary_csf_mad": 121.52134242773484,
  "summary_csf_mean": 440.67725987057764,
  "summary_csf_median": 444.28781509399414,
  "summary_csf_n": 279798.0,
  "summary_csf_p05": 268.37690353393555,
  "summary_csf_p95": 604.0594643354416,
  "summary_csf_stdv": 105.74992071711254,
  "summary_gm_k": 0.37556121976390555,
  "summary_gm_mad": 58.61863551329256,
  "summary_gm_mean": 766.5360486478978,
  "summary_gm_median": 761.2234598398209,
  "summary_gm_n": 211272.0,
  "summary_gm_p05": 671.8972239196302,
  "summary_gm_p95": 882.23268866539,
  "summary_gm_stdv": 63.08780580963151,
  "summary_wm_k": 0.7443612097008327,
  "summary_wm_mad": 50.78191953557965,
  "summary_wm_mean": 998.6065671471731,
  "summary_wm_median": 999.9999696016312,
  "summary_wm_n": 1060831.0,
  "summary_wm_p05": 908.168271780014,
  "summary_wm_p95": 1083.5153663158417,
  "summary_wm_stdv": 53.55011995246876,
  "tpm_overlap_csf": 0.14432725310325623,
  "tpm_overlap_gm": 0.4388313591480255,
  "tpm_overlap_wm": 0.4957912564277649,
  "wm2max": 0.4305568199059323
}