{
  "aor": 0.0008337619047619047,
  "aqi": 0.01602149047619048,
  "bids_meta": {
    "AcquisitionMatrixPE": 106,
    "AcquisitionNumber": 1,
    "AcquisitionTime": "11:54:57.567500",
    "BandwidthPerPixelPhaseEncode": 27.345,
    "BaseResolution": 106,
    "CoilString": "T:HEA;HEP",
    "ConversionSoftware": "dcm2niix",
    "ConversionSoftwareVersion": "v1.0.20190720  GCC7.4.0",
    "Dcm2bidsVersion": "2.1.4",
    "DerivedVendorReportedEchoSpacing": 0.000689995,
    "DeviceSerialNumber": "40296",
    "DwellTime": 2.8e-06,
    "EchoTime": 0.023,
    "EffectiveEchoSpacing": 0.000344998,
    "FlipAngle": 90,
    "ImageOrientationPatientDICOM": [
      0.999588,
      0.0255987,
      -0.0129762,
      -0.0279211,
      0.971998,
      -0.233323
    ],
    "ImageType": [
      "ORIGINAL",
      "PRIMARY",
      "M",
      "ND",
      "MOSAIC"
    ],
    "ImagingFrequency": 123.197,
    "InPlanePhaseEncodingDirectionDICOM": "COL",
    "InstitutionAddress": "Henri_le_Guilloux_2_Rennes_3BA938_District_FR_35000",
    "InstitutionName": "CHU_PONTCHAILLOU",
    "InstitutionalDepartmentName": "Department",
    "Instructions": "Try to move up the ball by feeling the movement of your right arm and hand. When the symbol + is displayed, rest",
    "MRAcquisitionType": "2D",
    "MagneticFieldStrength": 3,
    "Manufacturer": "Siemens",
    "ManufacturersModelName": "Verio",
    "Modality": "MR",
    "ParallelReductionFactorInPlane": 2,
    "PartialFourier": 1,
    "PatientPosition": "HFS",
    "PercentPhaseFOV": 100,
    "PhaseEncodingDirection": "j-",
    "PhaseEncodingSteps": 106,
    "PhaseResolution": 1,
    "PixelBandwidth": 1685,
    "ProcedureStepDescription": "OSS-IRM",
    "ProtocolName": "ep2d_bold_online_2X10x20_EEG_IRMF",
    "PulseSequenceDetails": "%SiemensSeq%_ep2d_bold",
    "ReceiveCoilName": "HeadMatrix",
    "ReconMatrixPE": 106,
    "RefLinesPE": 24,
    "RepetitionTime": 2,
    "SAR": 0.0533226,
    "ScanOptions": "FS",
    "ScanningSequence": "EP",
    "SequenceName": "_epfid2d1_106",
    "SequenceVariant": "SK",
    "SeriesDescription": "ep2d_bold_online_2X10x20_EEG_IRMF",
    "SeriesNumber": 10,
    "ShimSetting": [
      908,
      13394,
      -6519,
      292,
      -491,
      -816,
      597,
      -416
    ],
    "SliceThickness": 4,
    "SliceTiming": [
      1.005,
      0,
      1.0675,
      0.0625,
      1.13,
      0.125,
      1.1925,
      0.19,
      1.255,
      0.2525,
      1.3175,
      0.315,
      1.38,
      0.3775,
      1.4425,
      0.44,
      1.505,
      0.5025,
      1.57,
      0.565,
      1.6325,
      0.6275,
      1.695,
      0.69,
      1.7575,
      0.7525,
      1.82,
      0.815,
      1.8825,
      0.88,
      1.945,
      0.9425
    ],
    "SoftwareVersions": "syngo_MR_B17",
    "SpacingBetweenSlices": 4,
    "StationName": "MRC40296",
    "TaskName": "eegfmriNF",
    "TotalReadoutTime": 0.0362248,
    "TxRefAmp": 479.038,
    "dataset": "ds002336",
    "modality": "bold",
    "subject_id": "xp105",
    "task_id": "eegfmriNF"
  },
  "dummy_trs": 0,
  "dvars_nstd": 38.861901534401916,
  "dvars_std": 0.988694415741627,
  "dvars_vstd": 0.9708188645933021,
  "efc": 0.5782747402647442,
  "fber": 442.7786560058594,
  "fd_mean": 0.1866574944976516,
  "fd_num": 68,
  "fd_perc": 32.38095238095238,
  "fwhm_avg": 2.92976715210577,
  "fwhm_x": 2.978039781906668,
  "fwhm_y": 3.486774174410642,
  "fwhm_z": 2.3244875,
  "gcor": 0.028263,
  "gsr_x": 0.001357140950858593,
  "gsr_y": 0.04645109921693802,
  "provenance": {
    "md5sum": "7fa87a480868fc154f677f5b941afbcb",
    "settings": {
      "fd_thres": 0.2,
      "testing": false
    },
    "software": "mriqc",
    "version": "21.0.0rc2",
    "webapi_port": null,
    "webapi_url": "https://mriqc.nimh.nih.gov/api/v1"
  },
  "size_t": 210,
  "size_x": 106,
  "size_y": 106,
  "size_z": 32,
  "snr": 4.142126927554925,
  "spacing_tr": 2.0,
  "spacing_x": 1.9811320304870605,
  "spacing_y": 1.9811320304870605,
  "spacing_z": 4.0,
  "summary_bg_k": 16.15185215359938,
  "summary_bg_mad": 13.0469040473922,
  "summary_bg_mean": 77.06985473632812,
  "summary_bg_median": 40.80000305175781,
  "summary_bg_n": 216699.0,
  "summary_bg_p05": 29.761905670166016,
  "summary_bg_p95": 267.715246582031,
  "summary_bg_stdv": 95.36688232421875,
  "summary_fg_k": 0.7767088896271166,
  "summary_fg_mad": 185.07108849290103,
  "summary_fg_mean": 882.55126953125,
  "summary_fg_median": 861.8524169921875,
  "summary_fg_n": 76109.0,
  "summary_fg_p05": 574.8866943359375,
  "summary_fg_p95": 1269.5123779296875,
  "summary_fg_stdv": 208.0686492919922,
  "tsnr": 27.88611710164696
}