{
  "aor": 0.001995188679245283,
  "aqi": 0.008413331226415095,
  "bids_meta": {
    "AcquisitionMatrixPE": 106,
    "AcquisitionNumber": 1,
    "AcquisitionTime": "11:46:34.637500",
    "BandwidthPerPixelPhaseEncode": 27.345,
    "BaseResolution": 106,
    "CoilString": "T:HEA;HEP",
    "ConversionSoftware": "dcm2niix",
    "ConversionSoftwareVersion": "v1.0.20190720  GCC7.4.0",
    "Dcm2bidsVersion": "2.1.4",
    "DerivedVendorReportedEchoSpacing": 0.000689995,
    "DeviceSerialNumber": "40296",
    "DwellTime": 2.8e-06,
    "EchoTime": 0.023,
    "EffectiveEchoSpacing": 0.000344998,
    "FlipAngle": 90,
    "ImageOrientationPatientDICOM": [
      0.999588,
      0.0255987,
      -0.0129762,
      -0.0279211,
      0.971998,
      -0.233323
    ],
    "ImageType": [
      "ORIGINAL",
      "PRIMARY",
      "M",
      "ND",
      "MOSAIC"
    ],
    "ImagingFrequency": 123.197,
    "InPlanePhaseEncodingDirectionDICOM": "COL",
    "InstitutionAddress": "Henri_le_Guilloux_2_Rennes_3BA938_District_FR_35000",
    "InstitutionName": "CHU_PONTCHAILLOU",
    "InstitutionalDepartmentName": "Department",
    "Instructions": "When demanded, try to feel the movement of your right arm and hand. When the symbol + is displayed, rest",
    "MRAcquisitionType": "2D",
    "MagneticFieldStrength": 3,
    "Manufacturer": "Siemens",
    "ManufacturersModelName": "Verio",
    "Modality": "MR",
    "ParallelReductionFactorInPlane": 2,
    "PartialFourier": 1,
    "PatientPosition": "HFS",
    "PercentPhaseFOV": 100,
    "PhaseEncodingDirection": "j-",
    "PhaseEncodingSteps": 106,
    "PhaseResolution": 1,
    "PixelBandwidth": 1685,
    "ProcedureStepDescription": "OSS-IRM",
    "ProtocolName": "ep2d_bold_MI_PRE_2x5x20",
    "PulseSequenceDetails": "%SiemensSeq%_ep2d_bold",
    "ReceiveCoilName": "HeadMatrix",
    "ReconMatrixPE": 106,
    "RefLinesPE": 24,
    "RepetitionTime": 2,
    "SAR": 0.0531435,
    "ScanOptions": "FS",
    "ScanningSequence": "EP",
    "SequenceName": "_epfid2d1_106",
    "SequenceVariant": "SK",
    "SeriesDescription": "ep2d_bold_MI_PRE_2x5x20",
    "SeriesNumber": 9,
    "ShimSetting": [
      904,
      13396,
      -6521,
      271,
      -540,
      -806,
      538,
      -414
    ],
    "SliceThickness": 4,
    "SliceTiming": [
      1.0025,
      0,
      1.065,
      0.0625,
      1.13,
      0.125,
      1.1925,
      0.1875,
      1.255,
      0.25,
      1.3175,
      0.3125,
      1.38,
      0.375,
      1.4425,
      0.4375,
      1.505,
      0.5025,
      1.5675,
      0.565,
      1.63,
      0.6275,
      1.6925,
      0.69,
      1.755,
      0.7525,
      1.82,
      0.815,
      1.8825,
      0.8775,
      1.945,
      0.94
    ],
    "SoftwareVersions": "syngo_MR_B17",
    "SpacingBetweenSlices": 4,
    "StationName": "MRC40296",
    "TaskName": "MIpre",
    "TotalReadoutTime": 0.0362248,
    "TxRefAmp": 479.038,
    "dataset": "ds002336",
    "modality": "bold",
    "subject_id": "xp105",
    "task_id": "MIpre"
  },
  "dummy_trs": 0,
  "dvars_nstd": 38.02435222828572,
  "dvars_std": 1.0589467,
  "dvars_vstd": 1.0318578988571432,
  "efc": 0.5761824767310795,
  "fber": 457.6278381347656,
  "fd_mean": 0.12650294601029263,
  "fd_num": 13,
  "fd_perc": 12.264150943396226,
  "fwhm_avg": 2.893526262484651,
  "fwhm_x": 2.934160828529377,
  "fwhm_y": 3.433910458924576,
  "fwhm_z": 2.3125075,
  "gcor": 0.0190504,
  "gsr_x": 0.003015137743204832,
  "gsr_y": 0.042248111218214035,
  "provenance": {
    "md5sum": "03d95ff5957bc693136ac167af05abe3",
    "settings": {
      "fd_thres": 0.2,
      "testing": false
    },
    "software": "mriqc",
    "version": "21.0.0rc2",
    "webapi_port": null,
    "webapi_url": "https://mriqc.nimh.nih.gov/api/v1"
  },
  "size_t": 106,
  "size_x": 106,
  "size_y": 106,
  "size_z": 32,
  "snr": 4.060620386386011,
  "spacing_tr": 2.0,
  "spacing_x": 1.9811320304870605,
  "spacing_y": 1.9811320304870605,
  "spacing_z": 4.0,
  "summary_bg_k": 17.995540927215146,
  "summary_bg_mad": 11.371279172959406,
  "summary_bg_mean": 72.31768798828125,
  "summary_bg_median": 39.150943756103516,
  "summary_bg_n": 215710.0,
  "summary_bg_p05": 28.716981887817383,
  "summary_bg_p95": 249.8773651123047,
  "summary_bg_stdv": 91.00700378417969,
  "summary_fg_k": 0.7717112585598636,
  "summary_fg_mad": 185.1784558959929,
  "summary_fg_mean": 871.0971069335938,
  "summary_fg_median": 852.089599609375,
  "summary_fg_n": 76588.0,
  "summary_fg_p05": 560.4906005859375,
  "summary_fg_p95": 1258.7613708496083,
  "summary_fg_stdv": 209.84085083007812,
  "tsnr": 35.2136998095084
}