{
  "aor": 0.0013838571428571428,
  "aqi": 0.010699744380952381,
  "bids_meta": {
    "AcquisitionMatrixPE": 106,
    "AcquisitionNumber": 1,
    "AcquisitionTime": "12:04:32.617500",
    "BandwidthPerPixelPhaseEncode": 27.345,
    "BaseResolution": 106,
    "CoilString": "T:HEA;HEP",
    "ConversionSoftware": "dcm2niix",
    "ConversionSoftwareVersion": "v1.0.20190720  GCC7.4.0",
    "Dcm2bidsVersion": "2.1.4",
    "DerivedVendorReportedEchoSpacing": 0.000689995,
    "DeviceSerialNumber": "40296",
    "DwellTime": 2.8e-06,
    "EchoTime": 0.023,
    "EffectiveEchoSpacing": 0.000344998,
    "FlipAngle": 90,
    "ImageOrientationPatientDICOM": [
      0.999588,
      0.0255987,
      -0.0129762,
      -0.0279211,
      0.971998,
      -0.233323
    ],
    "ImageType": [
      "ORIGINAL",
      "PRIMARY",
      "M",
      "ND",
      "MOSAIC"
    ],
    "ImagingFrequency": 123.197,
    "InPlanePhaseEncodingDirectionDICOM": "COL",
    "InstitutionAddress": "Henri_le_Guilloux_2_Rennes_3BA938_District_FR_35000",
    "InstitutionName": "CHU_PONTCHAILLOU",
    "InstitutionalDepartmentName": "Department",
    "Instructions": "Try to move up the ball by feeling the movement of your right arm and hand. When the symbol + is displayed, rest",
    "MRAcquisitionType": "2D",
    "MagneticFieldStrength": 3,
    "Manufacturer": "Siemens",
    "ManufacturersModelName": "Verio",
    "Modality": "MR",
    "ParallelReductionFactorInPlane": 2,
    "PartialFourier": 1,
    "PatientPosition": "HFS",
    "PercentPhaseFOV": 100,
    "PhaseEncodingDirection": "j-",
    "PhaseEncodingSteps": 106,
    "PhaseResolution": 1,
    "PixelBandwidth": 1685,
    "ProcedureStepDescription": "OSS-IRM",
    "ProtocolName": "ep2d_bold_online_2X10x20_IRMF",
    "PulseSequenceDetails": "%SiemensSeq%_ep2d_bold",
    "ReceiveCoilName": "HeadMatrix",
    "ReconMatrixPE": 106,
    "RefLinesPE": 24,
    "RepetitionTime": 2,
    "SAR": 0.0533226,
    "ScanOptions": "FS",
    "ScanningSequence": "EP",
    "SequenceName": "_epfid2d1_106",
    "SequenceVariant": "SK",
    "SeriesDescription": "ep2d_bold_online_2X10x20_IRMF",
    "SeriesNumber": 11,
    "ShimSetting": [
      904,
      13396,
      -6521,
      271,
      -540,
      -806,
      538,
      -414
    ],
    "SliceThickness": 4,
    "SliceTiming": [
      1.005,
      0,
      1.0675,
      0.0625,
      1.13,
      0.125,
      1.1925,
      0.1875,
      1.255,
      0.2525,
      1.3175,
      0.315,
      1.38,
      0.3775,
      1.4425,
      0.44,
      1.505,
      0.5025,
      1.57,
      0.565,
      1.6325,
      0.6275,
      1.695,
      0.69,
      1.7575,
      0.7525,
      1.82,
      0.815,
      1.8825,
      0.88,
      1.945,
      0.9425
    ],
    "SoftwareVersions": "syngo_MR_B17",
    "SpacingBetweenSlices": 4,
    "StationName": "MRC40296",
    "TaskName": "fmriNF",
    "TotalReadoutTime": 0.0362248,
    "TxRefAmp": 479.038,
    "dataset": "ds002336",
    "modality": "bold",
    "subject_id": "xp105",
    "task_id": "fmriNF"
  },
  "dummy_trs": 0,
  "dvars_nstd": 39.02421299669856,
  "dvars_std": 1.057558507894736,
  "dvars_vstd": 1.0217749995215315,
  "efc": 0.5785555207706007,
  "fber": 456.6213073730469,
  "fd_mean": 0.14022829657357588,
  "fd_num": 36,
  "fd_perc": 17.142857142857142,
  "fwhm_avg": 2.8445647616967946,
  "fwhm_x": 2.88821235129557,
  "fwhm_y": 3.3757669337948144,
  "fwhm_z": 2.269715,
  "gcor": 0.036761,
  "gsr_x": 0.0033124617766588926,
  "gsr_y": 0.04492541775107384,
  "provenance": {
    "md5sum": "12fe2711bf3f6d09cd9b590bbfd2c701",
    "settings": {
      "fd_thres": 0.2,
      "testing": false
    },
    "software": "mriqc",
    "version": "21.0.0rc2",
    "webapi_port": null,
    "webapi_url": "https://mriqc.nimh.nih.gov/api/v1"
  },
  "size_t": 210,
  "size_x": 106,
  "size_y": 106,
  "size_z": 32,
  "snr": 4.163189472944992,
  "spacing_tr": 2.0,
  "spacing_x": 1.9811320304870605,
  "spacing_y": 1.9811320304870605,
  "spacing_z": 4.0,
  "summary_bg_k": 17.532727566870342,
  "summary_bg_mad": 11.691379272000315,
  "summary_bg_mean": 74.72290802001953,
  "summary_bg_median": 39.81904983520508,
  "summary_bg_n": 215600.0,
  "summary_bg_p05": 29.395238876342773,
  "summary_bg_p95": 259.4719116210936,
  "summary_bg_stdv": 94.27177429199219,
  "summary_fg_k": 0.8094981016129101,
  "summary_fg_mad": 183.87090824241034,
  "summary_fg_mean": 883.927734375,
  "summary_fg_median": 864.9214477539062,
  "summary_fg_n": 76930.0,
  "summary_fg_p05": 578.6117004394531,
  "summary_fg_p95": 1268.369317626953,
  "summary_fg_stdv": 207.753173828125,
  "tsnr": 32.548942017834634
}