{
  "aor": 0.0009416981132075472,
  "aqi": 0.00756607,
  "bids_meta": {
    "AcquisitionMatrixPE": 106,
    "AcquisitionNumber": 1,
    "AcquisitionTime": "12:22:15.230000",
    "BandwidthPerPixelPhaseEncode": 27.345,
    "BaseResolution": 106,
    "CoilString": "T:HEA;HEP",
    "ConversionSoftware": "dcm2niix",
    "ConversionSoftwareVersion": "v1.0.20190720  GCC7.4.0",
    "Dcm2bidsVersion": "2.1.4",
    "DerivedVendorReportedEchoSpacing": 0.000689995,
    "DeviceSerialNumber": "40296",
    "DwellTime": 2.8e-06,
    "EchoTime": 0.023,
    "EffectiveEchoSpacing": 0.000344998,
    "FlipAngle": 90,
    "ImageOrientationPatientDICOM": [
      0.999588,
      0.0255987,
      -0.0129762,
      -0.0279211,
      0.971998,
      -0.233323
    ],
    "ImageType": [
      "ORIGINAL",
      "PRIMARY",
      "M",
      "ND",
      "MOSAIC"
    ],
    "ImagingFrequency": 123.197,
    "InPlanePhaseEncodingDirectionDICOM": "COL",
    "InstitutionAddress": "Henri_le_Guilloux_2_Rennes_3BA938_District_FR_35000",
    "InstitutionName": "CHU_PONTCHAILLOU",
    "InstitutionalDepartmentName": "Department",
    "Instructions": "When demanded, try to feel the movement of your right arm and hand. When the symbol + is displayed, rest",
    "MRAcquisitionType": "2D",
    "MagneticFieldStrength": 3,
    "Manufacturer": "Siemens",
    "ManufacturersModelName": "Verio",
    "Modality": "MR",
    "ParallelReductionFactorInPlane": 2,
    "PartialFourier": 1,
    "PatientPosition": "HFS",
    "PercentPhaseFOV": 100,
    "PhaseEncodingDirection": "j-",
    "PhaseEncodingSteps": 106,
    "PhaseResolution": 1,
    "PixelBandwidth": 1685,
    "ProcedureStepDescription": "OSS-IRM",
    "ProtocolName": "ep2d_bold_MI_POST_2x5x20",
    "PulseSequenceDetails": "%SiemensSeq%_ep2d_bold",
    "ReceiveCoilName": "HeadMatrix",
    "ReconMatrixPE": 106,
    "RefLinesPE": 24,
    "RepetitionTime": 2,
    "SAR": 0.0531435,
    "ScanOptions": "FS",
    "ScanningSequence": "EP",
    "SequenceName": "_epfid2d1_106",
    "SequenceVariant": "SK",
    "SeriesDescription": "ep2d_bold_MI_POST_2x5x20",
    "SeriesNumber": 13,
    "ShimSetting": [
      904,
      13396,
      -6521,
      271,
      -540,
      -806,
      538,
      -414
    ],
    "SliceThickness": 4,
    "SliceTiming": [
      1.005,
      0,
      1.0675,
      0.0625,
      1.13,
      0.125,
      1.1925,
      0.1875,
      1.255,
      0.2525,
      1.3175,
      0.315,
      1.38,
      0.3775,
      1.4425,
      0.44,
      1.505,
      0.5025,
      1.57,
      0.565,
      1.6325,
      0.6275,
      1.695,
      0.69,
      1.7575,
      0.7525,
      1.82,
      0.815,
      1.8825,
      0.88,
      1.945,
      0.9425
    ],
    "SoftwareVersions": "syngo_MR_B17",
    "SpacingBetweenSlices": 4,
    "StationName": "MRC40296",
    "TaskName": "MIpost",
    "TotalReadoutTime": 0.0362248,
    "TxRefAmp": 479.038,
    "dataset": "ds002336",
    "modality": "bold",
    "subject_id": "xp105",
    "task_id": "MIpost"
  },
  "dummy_trs": 0,
  "dvars_nstd": 38.73908113742857,
  "dvars_std": 1.0577571687619047,
  "dvars_vstd": 1.0281962334285717,
  "efc": 0.5776600276496784,
  "fber": 458.0857849121094,
  "fd_mean": 0.12241543590536366,
  "fd_num": 13,
  "fd_perc": 12.264150943396226,
  "fwhm_avg": 2.7989004352525892,
  "fwhm_x": 2.822936540289573,
  "fwhm_y": 3.3026622654681947,
  "fwhm_z": 2.2711025,
  "gcor": 0.0305029,
  "gsr_x": 0.0034422387834638357,
  "gsr_y": 0.0420086644589901,
  "provenance": {
    "md5sum": "c223ced1d79b079ad8a9388314a8a81d",
    "settings": {
      "fd_thres": 0.2,
      "testing": false
    },
    "software": "mriqc",
    "version": "21.0.0rc2",
    "webapi_port": null,
    "webapi_url": "https://mriqc.nimh.nih.gov/api/v1"
  },
  "size_t": 106,
  "size_x": 106,
  "size_y": 106,
  "size_z": 32,
  "snr": 4.258111734134551,
  "spacing_tr": 2.0,
  "spacing_x": 1.9811320304870605,
  "spacing_y": 1.9811320304870605,
  "spacing_z": 4.0,
  "summary_bg_k": 17.132457297435643,
  "summary_bg_mad": 11.007624692797009,
  "summary_bg_mean": 74.24378204345703,
  "summary_bg_median": 39.632076263427734,
  "summary_bg_n": 216656.0,
  "summary_bg_p05": 29.679244995117188,
  "summary_bg_p95": 263.5896224975586,
  "summary_bg_stdv": 95.83059692382812,
  "summary_fg_k": 0.7189986643066035,
  "summary_fg_mad": 181.03139560724875,
  "summary_fg_mean": 883.9032592773438,
  "summary_fg_median": 864.5848999023438,
  "summary_fg_n": 76621.0,
  "summary_fg_p05": 584.29248046875,
  "summary_fg_p95": 1261.3868408203125,
  "summary_fg_stdv": 203.04287719726562,
  "tsnr": 37.069079987704754
}