{
  "aor": 0.0007597142857142858,
  "aqi": 0.009589735476190474,
  "bids_meta": {
    "AcquisitionMatrixPE": 106,
    "AcquisitionNumber": 1,
    "AcquisitionTime": "12:13:38.190000",
    "BandwidthPerPixelPhaseEncode": 27.345,
    "BaseResolution": 106,
    "CoilString": "T:HEA;HEP",
    "ConversionSoftware": "dcm2niix",
    "ConversionSoftwareVersion": "v1.0.20190720  GCC7.4.0",
    "Dcm2bidsVersion": "2.1.4",
    "DerivedVendorReportedEchoSpacing": 0.000689995,
    "DeviceSerialNumber": "40296",
    "DwellTime": 2.8e-06,
    "EchoTime": 0.023,
    "EffectiveEchoSpacing": 0.000344998,
    "FlipAngle": 90,
    "ImageOrientationPatientDICOM": [
      0.999588,
      0.0255987,
      -0.0129762,
      -0.0279211,
      0.971998,
      -0.233323
    ],
    "ImageType": [
      "ORIGINAL",
      "PRIMARY",
      "M",
      "ND",
      "MOSAIC"
    ],
    "ImagingFrequency": 123.197,
    "InPlanePhaseEncodingDirectionDICOM": "COL",
    "InstitutionAddress": "Henri_le_Guilloux_2_Rennes_3BA938_District_FR_35000",
    "InstitutionName": "CHU_PONTCHAILLOU",
    "InstitutionalDepartmentName": "Department",
    "Instructions": "Try to move up the ball by feeling the movement of your right arm and hand. When the symbol + is displayed, rest",
    "MRAcquisitionType": "2D",
    "MagneticFieldStrength": 3,
    "Manufacturer": "Siemens",
    "ManufacturersModelName": "Verio",
    "Modality": "MR",
    "ParallelReductionFactorInPlane": 2,
    "PartialFourier": 1,
    "PatientPosition": "HFS",
    "PercentPhaseFOV": 100,
    "PhaseEncodingDirection": "j-",
    "PhaseEncodingSteps": 106,
    "PhaseResolution": 1,
    "PixelBandwidth": 1685,
    "ProcedureStepDescription": "OSS-IRM",
    "ProtocolName": "ep2d_bold_online_2X10x20_EEG",
    "PulseSequenceDetails": "%SiemensSeq%_ep2d_bold",
    "ReceiveCoilName": "HeadMatrix",
    "ReconMatrixPE": 106,
    "RefLinesPE": 24,
    "RepetitionTime": 2,
    "SAR": 0.0533226,
    "ScanOptions": "FS",
    "ScanningSequence": "EP",
    "SequenceName": "_epfid2d1_106",
    "SequenceVariant": "SK",
    "SeriesDescription": "ep2d_bold_online_2X10x20_EEG",
    "SeriesNumber": 12,
    "ShimSetting": [
      904,
      13396,
      -6521,
      271,
      -540,
      -806,
      538,
      -414
    ],
    "SliceThickness": 4,
    "SliceTiming": [
      1.0025,
      0,
      1.065,
      0.0625,
      1.13,
      0.125,
      1.1925,
      0.1875,
      1.255,
      0.25,
      1.3175,
      0.3125,
      1.38,
      0.375,
      1.4425,
      0.44,
      1.505,
      0.5025,
      1.5675,
      0.565,
      1.63,
      0.6275,
      1.6925,
      0.69,
      1.755,
      0.7525,
      1.82,
      0.815,
      1.8825,
      0.8775,
      1.945,
      0.94
    ],
    "SoftwareVersions": "syngo_MR_B17",
    "SpacingBetweenSlices": 4,
    "StationName": "MRC40296",
    "TaskName": "eegNF",
    "TotalReadoutTime": 0.0362248,
    "TxRefAmp": 479.038,
    "dataset": "ds002336",
    "modality": "bold",
    "subject_id": "xp105",
    "task_id": "eegNF"
  },
  "dummy_trs": 0,
  "dvars_nstd": 39.65301855014352,
  "dvars_std": 1.0429035200956935,
  "dvars_vstd": 1.0123368239234447,
  "efc": 0.5785331780008081,
  "fber": 456.3693542480469,
  "fd_mean": 0.1797138078088611,
  "fd_num": 64,
  "fd_perc": 30.476190476190474,
  "fwhm_avg": 2.7721254351964286,
  "fwhm_x": 2.8181160639896405,
  "fwhm_y": 3.300062741599645,
  "fwhm_z": 2.1981975,
  "gcor": 0.0237346,
  "gsr_x": 0.004615296144038439,
  "gsr_y": 0.045154545456171036,
  "provenance": {
    "md5sum": "f13b70b75a2d44e2cbc3cc54efe552f3",
    "settings": {
      "fd_thres": 0.2,
      "testing": false
    },
    "software": "mriqc",
    "version": "21.0.0rc2",
    "webapi_port": null,
    "webapi_url": "https://mriqc.nimh.nih.gov/api/v1"
  },
  "size_t": 210,
  "size_x": 106,
  "size_y": 106,
  "size_z": 32,
  "snr": 4.178987337728255,
  "spacing_tr": 2.0,
  "spacing_x": 1.9811320304870605,
  "spacing_y": 1.9811320304870605,
  "spacing_z": 4.0,
  "summary_bg_k": 18.19235299826261,
  "summary_bg_mad": 11.966717502532456,
  "summary_bg_mean": 74.11101531982422,
  "summary_bg_median": 39.79523849487305,
  "summary_bg_n": 215601.0,
  "summary_bg_p05": 29.014286041259766,
  "summary_bg_p95": 257.433349609375,
  "summary_bg_stdv": 94.15357208251953,
  "summary_fg_k": 0.8534699405042621,
  "summary_fg_mad": 181.39290658521077,
  "summary_fg_mean": 881.7205200195312,
  "summary_fg_median": 863.452392578125,
  "summary_fg_n": 76981.0,
  "summary_fg_p05": 577.5,
  "summary_fg_p95": 1262.0380859375,
  "summary_fg_stdv": 206.61627197265625,
  "tsnr": 34.18342226650566
}