{
  "aor": 0.0014604819277108433,
  "aqi": 0.010974911024096385,
  "bids_meta": {
    "AcquisitionMatrixPE": 106,
    "AcquisitionNumber": 1,
    "AcquisitionTime": "11:34:47.562500",
    "BandwidthPerPixelPhaseEncode": 27.345,
    "BaseResolution": 106,
    "CoilString": "T:HEA;HEP",
    "ConversionSoftware": "dcm2niix",
    "ConversionSoftwareVersion": "v1.0.20190720  GCC7.4.0",
    "Dcm2bidsVersion": "2.1.4",
    "DerivedVendorReportedEchoSpacing": 0.000689995,
    "DeviceSerialNumber": "40296",
    "DwellTime": 2.8e-06,
    "EchoTime": 0.023,
    "EffectiveEchoSpacing": 0.000344998,
    "FlipAngle": 90,
    "ImageOrientationPatientDICOM": [
      0.999588,
      0.0255987,
      -0.0129762,
      -0.0279211,
      0.971998,
      -0.233323
    ],
    "ImageType": [
      "ORIGINAL",
      "PRIMARY",
      "FMRI",
      "NONE",
      "ND",
      "MOSAIC"
    ],
    "ImagingFrequency": 123.197,
    "InPlanePhaseEncodingDirectionDICOM": "COL",
    "InstitutionAddress": "Henri_le_Guilloux_2_Rennes_3BA938_District_FR_35000",
    "InstitutionName": "CHU_PONTCHAILLOU",
    "InstitutionalDepartmentName": "Department",
    "Instructions": "When demanded,move your right hand. When the symbol + is displayed, rest",
    "MRAcquisitionType": "2D",
    "MagneticFieldStrength": 3,
    "Manufacturer": "Siemens",
    "ManufacturersModelName": "Verio",
    "Modality": "MR",
    "ParallelReductionFactorInPlane": 2,
    "PartialFourier": 1,
    "PatientPosition": "HFS",
    "PercentPhaseFOV": 100,
    "PhaseEncodingDirection": "j-",
    "PhaseEncodingSteps": 106,
    "PhaseResolution": 1,
    "PixelBandwidth": 1685,
    "ProcedureStepDescription": "OSS-IRM",
    "ProtocolName": "ep2d_bold_me_avec_GLM_2X8x20S_AVEC_EEG",
    "PulseSequenceDetails": "%SiemensSeq%_ep2d_bold",
    "ReceiveCoilName": "HeadMatrix",
    "ReconMatrixPE": 106,
    "RefLinesPE": 24,
    "RepetitionTime": 2,
    "SAR": 0.0532736,
    "ScanOptions": "FS",
    "ScanningSequence": "EP",
    "SequenceName": "_epfid2d1_106",
    "SequenceVariant": "SK",
    "SeriesDescription": "ep2d_bold_me_avec_GLM_2X8x20S_AVEC_EEG",
    "SeriesNumber": 3,
    "ShimSetting": [
      904,
      13396,
      -6521,
      271,
      -540,
      -806,
      538,
      -414
    ],
    "SliceThickness": 4,
    "SliceTiming": [
      1.0025,
      0,
      1.065,
      0.0625,
      1.13,
      0.125,
      1.1925,
      0.1875,
      1.255,
      0.25,
      1.3175,
      0.3125,
      1.38,
      0.375,
      1.4425,
      0.44,
      1.505,
      0.5025,
      1.5675,
      0.565,
      1.63,
      0.6275,
      1.6925,
      0.69,
      1.755,
      0.7525,
      1.82,
      0.815,
      1.8825,
      0.8775,
      1.945,
      0.94
    ],
    "SoftwareVersions": "syngo_MR_B17",
    "SpacingBetweenSlices": 4,
    "StationName": "MRC40296",
    "TaskName": "motorloc",
    "TotalReadoutTime": 0.0362248,
    "TxRefAmp": 479.038,
    "dataset": "ds002336",
    "modality": "bold",
    "subject_id": "xp105",
    "task_id": "motorloc"
  },
  "dummy_trs": 0,
  "dvars_nstd": 37.79864030327274,
  "dvars_std": 1.0266248935151512,
  "dvars_vstd": 0.9992419118181814,
  "efc": 0.5749599261993454,
  "fber": 456.67889404296875,
  "fd_mean": 0.1317769078058975,
  "fd_num": 25,
  "fd_perc": 15.060240963855422,
  "fwhm_avg": 2.9525652318874323,
  "fwhm_x": 3.0055947349132976,
  "fwhm_y": 3.5142584607490006,
  "fwhm_z": 2.3378425,
  "gcor": 0.0532525,
  "gsr_x": 0.00404285779222846,
  "gsr_y": 0.04170185700058937,
  "provenance": {
    "md5sum": "61c8a0cdd97d1cbccef66dfdd04ec4df",
    "settings": {
      "fd_thres": 0.2,
      "testing": false
    },
    "software": "mriqc",
    "version": "21.0.0rc2",
    "webapi_port": null,
    "webapi_url": "https://mriqc.nimh.nih.gov/api/v1"
  },
  "size_t": 166,
  "size_x": 106,
  "size_y": 106,
  "size_z": 32,
  "snr": 4.067160459070707,
  "spacing_tr": 2.0,
  "spacing_x": 1.9811320304870605,
  "spacing_y": 1.9811320304870605,
  "spacing_z": 4.0,
  "summary_bg_k": 17.482794366012136,
  "summary_bg_mad": 12.119828034375198,
  "summary_bg_mean": 72.17097473144531,
  "summary_bg_median": 39.16867446899414,
  "summary_bg_n": 216302.0,
  "summary_bg_p05": 28.58433723449707,
  "summary_bg_p95": 248.25812911987273,
  "summary_bg_stdv": 89.88715362548828,
  "summary_fg_k": 0.7170310908143951,
  "summary_fg_mad": 186.23624878132134,
  "summary_fg_mean": 865.5519409179688,
  "summary_fg_median": 847.09033203125,
  "summary_fg_n": 76271.0,
  "summary_fg_p05": 556.7861328125,
  "summary_fg_p95": 1249.117431640625,
  "summary_fg_stdv": 208.2742462158203,
  "tsnr": 31.42266344674863
}