{
  "aor": 0.00041266666666666665,
  "aqi": 0.012435972666666668,
  "bids_meta": {
    "AcquisitionMatrixPE": 106,
    "AcquisitionNumber": 1,
    "AcquisitionTime": "12:26:32.365000",
    "BandwidthPerPixelPhaseEncode": 27.345,
    "BaseResolution": 106,
    "CoilString": "T:HEA;HEP",
    "ConversionSoftware": "dcm2niix",
    "ConversionSoftwareVersion": "v1.0.20190720  GCC7.4.0",
    "Dcm2bidsVersion": "2.1.4",
    "DerivedVendorReportedEchoSpacing": 0.000689995,
    "DeviceSerialNumber": "40296",
    "DwellTime": 2.8e-06,
    "EchoTime": 0.023,
    "EffectiveEchoSpacing": 0.000344998,
    "FlipAngle": 90,
    "ImageOrientationPatientDICOM": [
      0.999627,
      0.0191341,
      -0.019466,
      -0.0226848,
      0.978995,
      -0.202618
    ],
    "ImageType": [
      "ORIGINAL",
      "PRIMARY",
      "M",
      "ND",
      "MOSAIC"
    ],
    "ImagingFrequency": 123.197,
    "InPlanePhaseEncodingDirectionDICOM": "COL",
    "InstitutionAddress": "Henri_le_Guilloux_2_Rennes_3BA938_District_FR_35000",
    "InstitutionName": "CHU_PONTCHAILLOU",
    "InstitutionalDepartmentName": "Department",
    "Instructions": "Try to move up the ball by feeling the movement of your right arm and hand. When the symbol + is displayed, rest",
    "MRAcquisitionType": "2D",
    "MagneticFieldStrength": 3,
    "Manufacturer": "Siemens",
    "ManufacturersModelName": "Verio",
    "Modality": "MR",
    "ParallelReductionFactorInPlane": 2,
    "PartialFourier": 1,
    "PatientPosition": "HFS",
    "PercentPhaseFOV": 100,
    "PhaseEncodingDirection": "j-",
    "PhaseEncodingSteps": 106,
    "PhaseResolution": 1,
    "PixelBandwidth": 1685,
    "ProcedureStepDescription": "OSS-IRM",
    "ProtocolName": "ep2d_bold_online_2X10x20_IRMf_NF",
    "PulseSequenceDetails": "%SiemensSeq%_ep2d_bold",
    "ReceiveCoilName": "HeadMatrix",
    "ReconMatrixPE": 106,
    "RefLinesPE": 24,
    "RepetitionTime": 2,
    "SAR": 0.044377,
    "ScanOptions": "FS",
    "ScanningSequence": "EP",
    "SequenceName": "_epfid2d1_106",
    "SequenceVariant": "SK",
    "SeriesDescription": "ep2d_bold_online_2X10x20_IRMf_NF",
    "SeriesNumber": 15,
    "ShimSetting": [
      929,
      13451,
      -6519,
      463,
      -866,
      -393,
      818,
      -181
    ],
    "SliceThickness": 4,
    "SliceTiming": [
      1.005,
      0,
      1.0675,
      0.0625,
      1.13,
      0.125,
      1.1925,
      0.19,
      1.255,
      0.2525,
      1.3175,
      0.315,
      1.38,
      0.3775,
      1.4425,
      0.44,
      1.5075,
      0.5025,
      1.57,
      0.565,
      1.6325,
      0.6275,
      1.695,
      0.69,
      1.7575,
      0.7525,
      1.82,
      0.8175,
      1.8825,
      0.88,
      1.945,
      0.9425
    ],
    "SoftwareVersions": "syngo_MR_B17",
    "SpacingBetweenSlices": 4,
    "StationName": "MRC40296",
    "TaskName": "fmriNF",
    "TotalReadoutTime": 0.0362248,
    "TxRefAmp": 462.301,
    "dataset": "ds002336",
    "modality": "bold",
    "subject_id": "xp107",
    "task_id": "fmriNF"
  },
  "dummy_trs": 0,
  "dvars_nstd": 40.6482526608134,
  "dvars_std": 1.0630033568899528,
  "dvars_vstd": 0.9917320420095687,
  "efc": 0.5879053015553916,
  "fber": 486.8704528808594,
  "fd_mean": 0.15589147415445803,
  "fd_num": 68,
  "fd_perc": 32.38095238095238,
  "fwhm_avg": 2.7386135380635985,
  "fwhm_x": 2.790651968127931,
  "fwhm_y": 3.286908646062866,
  "fwhm_z": 2.13828,
  "gcor": 0.0664122,
  "gsr_x": -0.017421700060367584,
  "gsr_y": 0.0609290786087513,
  "provenance": {
    "md5sum": "0f124735bc5709b7aaae483e788e17c7",
    "settings": {
      "fd_thres": 0.2,
      "testing": false
    },
    "software": "mriqc",
    "version": "21.0.0rc2",
    "webapi_port": null,
    "webapi_url": "https://mriqc.nimh.nih.gov/api/v1"
  },
  "size_t": 210,
  "size_x": 106,
  "size_y": 106,
  "size_z": 32,
  "snr": 4.475968350954116,
  "spacing_tr": 2.0,
  "spacing_x": 1.9811320304870605,
  "spacing_y": 1.9811320304870605,
  "spacing_z": 4.0,
  "summary_bg_k": 13.384045035767773,
  "summary_bg_mad": 10.65355658791067,
  "summary_bg_mean": 81.68727111816406,
  "summary_bg_median": 38.27619171142578,
  "summary_bg_n": 216252.0,
  "summary_bg_p05": 28.904762268066406,
  "summary_bg_p95": 336.1164306640624,
  "summary_bg_stdv": 112.43401336669922,
  "summary_fg_k": 1.5412976323513883,
  "summary_fg_mad": 163.79225371022443,
  "summary_fg_mean": 872.4979858398438,
  "summary_fg_median": 860.664306640625,
  "summary_fg_n": 77060.0,
  "summary_fg_p05": 594.2426208496094,
  "summary_fg_p95": 1216.3471801757814,
  "summary_fg_stdv": 192.28436279296875,
  "tsnr": 33.188418305595405
}