{
  "aor": 0.0005663333333333334,
  "aqi": 0.01298856814285714,
  "bids_meta": {
    "AcquisitionMatrixPE": 106,
    "AcquisitionNumber": 1,
    "AcquisitionTime": "12:35:34.477500",
    "BandwidthPerPixelPhaseEncode": 27.345,
    "BaseResolution": 106,
    "CoilString": "T:HEA;HEP",
    "ConversionSoftware": "dcm2niix",
    "ConversionSoftwareVersion": "v1.0.20190720  GCC7.4.0",
    "Dcm2bidsVersion": "2.1.4",
    "DerivedVendorReportedEchoSpacing": 0.000689995,
    "DeviceSerialNumber": "40296",
    "DwellTime": 2.8e-06,
    "EchoTime": 0.023,
    "EffectiveEchoSpacing": 0.000344998,
    "FlipAngle": 90,
    "ImageOrientationPatientDICOM": [
      0.999627,
      0.0191341,
      -0.019466,
      -0.0226848,
      0.978995,
      -0.202618
    ],
    "ImageType": [
      "ORIGINAL",
      "PRIMARY",
      "M",
      "ND",
      "MOSAIC"
    ],
    "ImagingFrequency": 123.197,
    "InPlanePhaseEncodingDirectionDICOM": "COL",
    "InstitutionAddress": "Henri_le_Guilloux_2_Rennes_3BA938_District_FR_35000",
    "InstitutionName": "CHU_PONTCHAILLOU",
    "InstitutionalDepartmentName": "Department",
    "Instructions": "Try to move up the ball by feeling the movement of your right arm and hand. When the symbol + is displayed, rest",
    "MRAcquisitionType": "2D",
    "MagneticFieldStrength": 3,
    "Manufacturer": "Siemens",
    "ManufacturersModelName": "Verio",
    "Modality": "MR",
    "ParallelReductionFactorInPlane": 2,
    "PartialFourier": 1,
    "PatientPosition": "HFS",
    "PercentPhaseFOV": 100,
    "PhaseEncodingDirection": "j-",
    "PhaseEncodingSteps": 106,
    "PhaseResolution": 1,
    "PixelBandwidth": 1685,
    "ProcedureStepDescription": "OSS-IRM",
    "ProtocolName": "ep2d_bold_online_2X10x20_EEG_IRMf_NF",
    "PulseSequenceDetails": "%SiemensSeq%_ep2d_bold",
    "ReceiveCoilName": "HeadMatrix",
    "ReconMatrixPE": 106,
    "RefLinesPE": 24,
    "RepetitionTime": 2,
    "SAR": 0.044377,
    "ScanOptions": "FS",
    "ScanningSequence": "EP",
    "SequenceName": "_epfid2d1_106",
    "SequenceVariant": "SK",
    "SeriesDescription": "ep2d_bold_online_2X10x20_EEG_IRMf_NF",
    "SeriesNumber": 16,
    "ShimSetting": [
      929,
      13451,
      -6519,
      463,
      -866,
      -393,
      818,
      -181
    ],
    "SliceThickness": 4,
    "SliceTiming": [
      1.0025,
      0,
      1.065,
      0.0625,
      1.1275,
      0.125,
      1.19,
      0.1875,
      1.2525,
      0.25,
      1.3175,
      0.3125,
      1.38,
      0.375,
      1.4425,
      0.4375,
      1.505,
      0.5,
      1.5675,
      0.5625,
      1.63,
      0.6275,
      1.6925,
      0.69,
      1.755,
      0.7525,
      1.8175,
      0.815,
      1.88,
      0.8775,
      1.9425,
      0.94
    ],
    "SoftwareVersions": "syngo_MR_B17",
    "SpacingBetweenSlices": 4,
    "StationName": "MRC40296",
    "TaskName": "eegfmriNF",
    "TotalReadoutTime": 0.0362248,
    "TxRefAmp": 462.301,
    "dataset": "ds002336",
    "modality": "bold",
    "subject_id": "xp107",
    "task_id": "eegfmriNF"
  },
  "dummy_trs": 0,
  "dvars_nstd": 40.94563014157897,
  "dvars_std": 1.0735960600478474,
  "dvars_vstd": 0.9989091374162686,
  "efc": 0.5878208318815599,
  "fber": 503.95831298828125,
  "fd_mean": 0.20865892783048517,
  "fd_num": 85,
  "fd_perc": 40.476190476190474,
  "fwhm_avg": 2.7260454107229464,
  "fwhm_x": 2.7535873006196545,
  "fwhm_y": 3.2768689315491843,
  "fwhm_z": 2.14768,
  "gcor": 0.055897,
  "gsr_x": -0.017061317339539528,
  "gsr_y": 0.06249658763408661,
  "provenance": {
    "md5sum": "23bbd4b6df2f52d843b3b3dd7a0ea74f",
    "settings": {
      "fd_thres": 0.2,
      "testing": false
    },
    "software": "mriqc",
    "version": "21.0.0rc2",
    "webapi_port": null,
    "webapi_url": "https://mriqc.nimh.nih.gov/api/v1"
  },
  "size_t": 210,
  "size_x": 106,
  "size_y": 106,
  "size_z": 32,
  "snr": 4.537256437287997,
  "spacing_tr": 2.0,
  "spacing_x": 1.9811320304870605,
  "spacing_y": 1.9811320304870605,
  "spacing_z": 4.0,
  "summary_bg_k": 12.766182332747452,
  "summary_bg_mad": 10.371157242610293,
  "summary_bg_mean": 82.94829559326172,
  "summary_bg_median": 38.06190490722656,
  "summary_bg_n": 216475.0,
  "summary_bg_p05": 28.985715866088867,
  "summary_bg_p95": 344.72048339843747,
  "summary_bg_stdv": 115.85250091552734,
  "summary_fg_k": 1.4617577246451399,
  "summary_fg_mad": 164.62884169301765,
  "summary_fg_mean": 885.4262084960938,
  "summary_fg_median": 871.5762329101562,
  "summary_fg_n": 76992.0,
  "summary_fg_p05": 610.0169006347656,
  "summary_fg_p95": 1231.447393798828,
  "summary_fg_stdv": 192.09197998046875,
  "tsnr": 33.64958396600559
}