{
  "aor": 0.00035590361445783127,
  "aqi": 0.008256209939759037,
  "bids_meta": {
    "AcquisitionMatrixPE": 106,
    "AcquisitionNumber": 1,
    "AcquisitionTime": "11:31:10.940000",
    "BandwidthPerPixelPhaseEncode": 27.345,
    "BaseResolution": 106,
    "CoilString": "T:HEA;HEP",
    "ConversionSoftware": "dcm2niix",
    "ConversionSoftwareVersion": "v1.0.20190720  GCC7.4.0",
    "Dcm2bidsVersion": "2.1.4",
    "DerivedVendorReportedEchoSpacing": 0.000689995,
    "DeviceSerialNumber": "40296",
    "DwellTime": 2.8e-06,
    "EchoTime": 0.023,
    "EffectiveEchoSpacing": 0.000344998,
    "FlipAngle": 90,
    "ImageOrientationPatientDICOM": [
      0.999527,
      -0.0275752,
      -0.0136227,
      0.0244279,
      0.980866,
      -0.193147
    ],
    "ImageType": [
      "ORIGINAL",
      "PRIMARY",
      "FMRI",
      "NONE",
      "ND",
      "MOSAIC"
    ],
    "ImagingFrequency": 123.197,
    "InPlanePhaseEncodingDirectionDICOM": "COL",
    "InstitutionAddress": "Henri_le_Guilloux_2_Rennes_3BA938_District_FR_35000",
    "InstitutionName": "CHU_PONTCHAILLOU",
    "InstitutionalDepartmentName": "Department",
    "Instructions": "When demanded,move your right hand. When the symbol + is displayed, rest",
    "MRAcquisitionType": "2D",
    "MagneticFieldStrength": 3,
    "Manufacturer": "Siemens",
    "ManufacturersModelName": "Verio",
    "Modality": "MR",
    "ParallelReductionFactorInPlane": 2,
    "PartialFourier": 1,
    "PatientPosition": "HFS",
    "PercentPhaseFOV": 100,
    "PhaseEncodingDirection": "j-",
    "PhaseEncodingSteps": 106,
    "PhaseResolution": 1,
    "PixelBandwidth": 1685,
    "ProcedureStepDescription": "OSS-IRM",
    "ProtocolName": "ep2d_bold_me_avec_GLM_2X8x20S_AVEC_EEG",
    "PulseSequenceDetails": "%SiemensSeq%_ep2d_bold",
    "ReceiveCoilName": "HeadMatrix",
    "ReconMatrixPE": 106,
    "RefLinesPE": 24,
    "RepetitionTime": 2,
    "SAR": 0.0443362,
    "ScanOptions": "FS",
    "ScanningSequence": "EP",
    "SequenceName": "_epfid2d1_106",
    "SequenceVariant": "SK",
    "SeriesDescription": "ep2d_bold_me_avec_GLM_2X8x20S_AVEC_EEG",
    "SeriesNumber": 3,
    "ShimSetting": [
      985,
      13388,
      -6567,
      395,
      -535,
      -765,
      1009,
      186
    ],
    "SliceThickness": 4,
    "SliceTiming": [
      1.005,
      0,
      1.0675,
      0.0625,
      1.13,
      0.125,
      1.1925,
      0.1875,
      1.255,
      0.25,
      1.3175,
      0.315,
      1.38,
      0.3775,
      1.4425,
      0.44,
      1.505,
      0.5025,
      1.5675,
      0.565,
      1.63,
      0.6275,
      1.695,
      0.69,
      1.7575,
      0.7525,
      1.82,
      0.815,
      1.8825,
      0.8775,
      1.945,
      0.94
    ],
    "SoftwareVersions": "syngo_MR_B17",
    "SpacingBetweenSlices": 4,
    "StationName": "MRC40296",
    "TaskName": "motorloc",
    "TotalReadoutTime": 0.0362248,
    "TxRefAmp": 463.391,
    "dataset": "ds002336",
    "modality": "bold",
    "subject_id": "xp107",
    "task_id": "motorloc"
  },
  "dummy_trs": 0,
  "dvars_nstd": 38.36069902290911,
  "dvars_std": 1.0792636415757564,
  "dvars_vstd": 0.9926539649090909,
  "efc": 0.5783331752011253,
  "fber": 552.0791625976562,
  "fd_mean": 0.14990984565545817,
  "fd_num": 55,
  "fd_perc": 33.13253012048193,
  "fwhm_avg": 2.8121831822737584,
  "fwhm_x": 2.8835433035705043,
  "fwhm_y": 3.3727787432507728,
  "fwhm_z": 2.1802275,
  "gcor": 0.105562,
  "gsr_x": -0.01578493043780327,
  "gsr_y": 0.057252436876297,
  "provenance": {
    "md5sum": "621bc1ada7821557ba1c4395dc6e2889",
    "settings": {
      "fd_thres": 0.2,
      "testing": false
    },
    "software": "mriqc",
    "version": "21.0.0rc2",
    "webapi_port": null,
    "webapi_url": "https://mriqc.nimh.nih.gov/api/v1"
  },
  "size_t": 166,
  "size_x": 106,
  "size_y": 106,
  "size_z": 32,
  "snr": 4.248222159873344,
  "spacing_tr": 2.0,
  "spacing_x": 1.9811320304870605,
  "spacing_y": 1.9811320304870605,
  "spacing_z": 4.0,
  "summary_bg_k": 14.392317172851993,
  "summary_bg_mad": 9.002791248891393,
  "summary_bg_mean": 77.78234100341797,
  "summary_bg_median": 36.40361404418945,
  "summary_bg_n": 216632.0,
  "summary_bg_p05": 28.3795166015625,
  "summary_bg_p95": 322.6668640136712,
  "summary_bg_stdv": 110.12799835205078,
  "summary_fg_k": 1.0708698942356092,
  "summary_fg_mad": 182.66376019584877,
  "summary_fg_mean": 888.1703491210938,
  "summary_fg_median": 872.4698486328125,
  "summary_fg_n": 76829.0,
  "summary_fg_p05": 586.7265014648438,
  "summary_fg_p95": 1260.1313232421874,
  "summary_fg_stdv": 205.37159729003906,
  "tsnr": 36.33564824023051
}