{
  "aor": 0.000724245283018868,
  "aqi": 0.009189442358490566,
  "bids_meta": {
    "AcquisitionMatrixPE": 106,
    "AcquisitionNumber": 1,
    "AcquisitionTime": "11:43:24.757500",
    "BandwidthPerPixelPhaseEncode": 27.345,
    "BaseResolution": 106,
    "CoilString": "T:HEA;HEP",
    "ConversionSoftware": "dcm2niix",
    "ConversionSoftwareVersion": "v1.0.20190720  GCC7.4.0",
    "Dcm2bidsVersion": "2.1.4",
    "DerivedVendorReportedEchoSpacing": 0.000689995,
    "DeviceSerialNumber": "40296",
    "DwellTime": 2.8e-06,
    "EchoTime": 0.023,
    "EffectiveEchoSpacing": 0.000344998,
    "FlipAngle": 90,
    "ImageOrientationPatientDICOM": [
      0.999527,
      -0.0275752,
      -0.0136227,
      0.0244279,
      0.980866,
      -0.193147
    ],
    "ImageType": [
      "ORIGINAL",
      "PRIMARY",
      "M",
      "ND",
      "MOSAIC"
    ],
    "ImagingFrequency": 123.197,
    "InPlanePhaseEncodingDirectionDICOM": "COL",
    "InstitutionAddress": "Henri_le_Guilloux_2_Rennes_3BA938_District_FR_35000",
    "InstitutionName": "CHU_PONTCHAILLOU",
    "InstitutionalDepartmentName": "Department",
    "Instructions": "When demanded, try to feel the movement of your right arm and hand. When the symbol + is displayed, rest",
    "MRAcquisitionType": "2D",
    "MagneticFieldStrength": 3,
    "Manufacturer": "Siemens",
    "ManufacturersModelName": "Verio",
    "Modality": "MR",
    "ParallelReductionFactorInPlane": 2,
    "PartialFourier": 1,
    "PatientPosition": "HFS",
    "PercentPhaseFOV": 100,
    "PhaseEncodingDirection": "j-",
    "PhaseEncodingSteps": 106,
    "PhaseResolution": 1,
    "PixelBandwidth": 1685,
    "ProcedureStepDescription": "OSS-IRM",
    "ProtocolName": "ep2d_bold_MI_PRE_2x5x20",
    "PulseSequenceDetails": "%SiemensSeq%_ep2d_bold",
    "ReceiveCoilName": "HeadMatrix",
    "ReconMatrixPE": 106,
    "RefLinesPE": 24,
    "RepetitionTime": 2,
    "SAR": 0.0442279,
    "ScanOptions": "FS",
    "ScanningSequence": "EP",
    "SequenceName": "_epfid2d1_106",
    "SequenceVariant": "SK",
    "SeriesDescription": "ep2d_bold_MI_PRE_2x5x20",
    "SeriesNumber": 9,
    "ShimSetting": [
      929,
      13438,
      -6483,
      485,
      -911,
      -465,
      690,
      -177
    ],
    "SliceThickness": 4,
    "SliceTiming": [
      1.0025,
      0,
      1.065,
      0.0625,
      1.1275,
      0.125,
      1.19,
      0.1875,
      1.255,
      0.25,
      1.3175,
      0.3125,
      1.38,
      0.375,
      1.4425,
      0.4375,
      1.505,
      0.5,
      1.5675,
      0.565,
      1.63,
      0.6275,
      1.6925,
      0.69,
      1.755,
      0.7525,
      1.8175,
      0.815,
      1.88,
      0.8775,
      1.945,
      0.94
    ],
    "SoftwareVersions": "syngo_MR_B17",
    "SpacingBetweenSlices": 4,
    "StationName": "MRC40296",
    "TaskName": "MIpre",
    "TotalReadoutTime": 0.0362248,
    "TxRefAmp": 463.391,
    "dataset": "ds002336",
    "modality": "bold",
    "subject_id": "xp107",
    "task_id": "MIpre"
  },
  "dummy_trs": 0,
  "dvars_nstd": 37.568004244952384,
  "dvars_std": 1.0851563593333335,
  "dvars_vstd": 1.0070883587619046,
  "efc": 0.5794215418048735,
  "fber": 564.786376953125,
  "fd_mean": 0.1460952736618605,
  "fd_num": 27,
  "fd_perc": 25.471698113207548,
  "fwhm_avg": 2.772662618008128,
  "fwhm_x": 2.8212758735851984,
  "fwhm_y": 3.3328419804391856,
  "fwhm_z": 2.16387,
  "gcor": 0.0574535,
  "gsr_x": -0.01667553372681141,
  "gsr_y": 0.05894080922007561,
  "provenance": {
    "md5sum": "6e86a2ff65f6d0262549e251ac99b27f",
    "settings": {
      "fd_thres": 0.2,
      "testing": false
    },
    "software": "mriqc",
    "version": "21.0.0rc2",
    "webapi_port": null,
    "webapi_url": "https://mriqc.nimh.nih.gov/api/v1"
  },
  "size_t": 106,
  "size_x": 106,
  "size_y": 106,
  "size_z": 32,
  "snr": 4.353637122505153,
  "spacing_tr": 2.0,
  "spacing_x": 1.9811320304870605,
  "spacing_y": 1.9811320304870605,
  "spacing_z": 4.0,
  "summary_bg_k": 13.755737105910594,
  "summary_bg_mad": 9.147375845201005,
  "summary_bg_mean": 80.16126251220703,
  "summary_bg_median": 36.641510009765625,
  "summary_bg_n": 217147.0,
  "summary_bg_p05": 28.40566062927246,
  "summary_bg_p95": 338.19906311035106,
  "summary_bg_stdv": 115.26654052734375,
  "summary_fg_k": 1.0803283406856892,
  "summary_fg_mad": 181.5347962506537,
  "summary_fg_mean": 900.9622802734375,
  "summary_fg_median": 886.8396606445312,
  "summary_fg_n": 76650.0,
  "summary_fg_p05": 601.1929168701172,
  "summary_fg_p95": 1268.8854431152345,
  "summary_fg_stdv": 203.6995391845703,
  "tsnr": 37.22260487265885
}