{
  "aor": 0.0013663333333333333,
  "aqi": 0.014523098666666666,
  "bids_meta": {
    "AcquisitionMatrixPE": 106,
    "AcquisitionNumber": 1,
    "AcquisitionTime": "11:56:41.135000",
    "BandwidthPerPixelPhaseEncode": 27.345,
    "BaseResolution": 106,
    "CoilString": "T:HEA;HEP",
    "ConversionSoftware": "dcm2niix",
    "ConversionSoftwareVersion": "v1.0.20190720  GCC7.4.0",
    "Dcm2bidsVersion": "2.1.4",
    "DerivedVendorReportedEchoSpacing": 0.000689995,
    "DeviceSerialNumber": "40296",
    "DwellTime": 2.8e-06,
    "EchoTime": 0.023,
    "EffectiveEchoSpacing": 0.000344998,
    "FlipAngle": 90,
    "ImageOrientationPatientDICOM": [
      0.999527,
      -0.0275752,
      -0.0136227,
      0.0244279,
      0.980866,
      -0.193147
    ],
    "ImageType": [
      "ORIGINAL",
      "PRIMARY",
      "M",
      "ND",
      "MOSAIC"
    ],
    "ImagingFrequency": 123.197,
    "InPlanePhaseEncodingDirectionDICOM": "COL",
    "InstitutionAddress": "Henri_le_Guilloux_2_Rennes_3BA938_District_FR_35000",
    "InstitutionName": "CHU_PONTCHAILLOU",
    "InstitutionalDepartmentName": "Department",
    "Instructions": "Try to move up the ball by feeling the movement of your right arm and hand. When the symbol + is displayed, rest",
    "MRAcquisitionType": "2D",
    "MagneticFieldStrength": 3,
    "Manufacturer": "Siemens",
    "ManufacturersModelName": "Verio",
    "Modality": "MR",
    "ParallelReductionFactorInPlane": 2,
    "PartialFourier": 1,
    "PatientPosition": "HFS",
    "PercentPhaseFOV": 100,
    "PhaseEncodingDirection": "j-",
    "PhaseEncodingSteps": 106,
    "PhaseResolution": 1,
    "PixelBandwidth": 1685,
    "ProcedureStepDescription": "OSS-IRM",
    "ProtocolName": "ep2d_bold_online_2X10x20_EEG_NF",
    "PulseSequenceDetails": "%SiemensSeq%_ep2d_bold",
    "ReceiveCoilName": "HeadMatrix",
    "ReconMatrixPE": 106,
    "RefLinesPE": 24,
    "RepetitionTime": 2,
    "SAR": 0.044377,
    "ScanOptions": "FS",
    "ScanningSequence": "EP",
    "SequenceName": "_epfid2d1_106",
    "SequenceVariant": "SK",
    "SeriesDescription": "ep2d_bold_online_2X10x20_EEG_NF",
    "SeriesNumber": 11,
    "ShimSetting": [
      929,
      13438,
      -6483,
      485,
      -911,
      -465,
      690,
      -177
    ],
    "SliceThickness": 4,
    "SliceTiming": [
      1.005,
      0,
      1.0675,
      0.0625,
      1.13,
      0.125,
      1.1925,
      0.19,
      1.255,
      0.2525,
      1.3175,
      0.315,
      1.38,
      0.3775,
      1.4425,
      0.44,
      1.5075,
      0.5025,
      1.57,
      0.565,
      1.6325,
      0.6275,
      1.695,
      0.69,
      1.7575,
      0.7525,
      1.82,
      0.815,
      1.8825,
      0.88,
      1.945,
      0.9425
    ],
    "SoftwareVersions": "syngo_MR_B17",
    "SpacingBetweenSlices": 4,
    "StationName": "MRC40296",
    "TaskName": "eegNF",
    "TotalReadoutTime": 0.0362248,
    "TxRefAmp": 463.391,
    "dataset": "ds002336",
    "modality": "bold",
    "subject_id": "xp107",
    "task_id": "eegNF"
  },
  "dummy_trs": 0,
  "dvars_nstd": 38.671773974114856,
  "dvars_std": 1.0530084523923444,
  "dvars_vstd": 0.9933822705741628,
  "efc": 0.5806216222575852,
  "fber": 560.4336547851562,
  "fd_mean": 0.24551403868208413,
  "fd_num": 108,
  "fd_perc": 51.42857142857143,
  "fwhm_avg": 2.6939168392296176,
  "fwhm_x": 2.7326598715730364,
  "fwhm_y": 3.2892406461158172,
  "fwhm_z": 2.05985,
  "gcor": 0.072868,
  "gsr_x": -0.01739710196852684,
  "gsr_y": 0.05943816900253296,
  "provenance": {
    "md5sum": "636710edf724d012c9b1ca706792cfd1",
    "settings": {
      "fd_thres": 0.2,
      "testing": false
    },
    "software": "mriqc",
    "version": "21.0.0rc2",
    "webapi_port": null,
    "webapi_url": "https://mriqc.nimh.nih.gov/api/v1"
  },
  "size_t": 210,
  "size_x": 106,
  "size_y": 106,
  "size_z": 32,
  "snr": 4.356924755000124,
  "spacing_tr": 2.0,
  "spacing_x": 1.9811320304870605,
  "spacing_y": 1.9811320304870605,
  "spacing_z": 4.0,
  "summary_bg_k": 12.722496994058517,
  "summary_bg_mad": 9.848716757101009,
  "summary_bg_mean": 83.2565689086914,
  "summary_bg_median": 36.866668701171875,
  "summary_bg_n": 217600.0,
  "summary_bg_p05": 28.261905670166016,
  "summary_bg_p95": 357.9385864257811,
  "summary_bg_stdv": 120.84469604492188,
  "summary_fg_k": 1.1451347542210755,
  "summary_fg_mad": 180.19616498732648,
  "summary_fg_mean": 903.529052734375,
  "summary_fg_median": 889.414306640625,
  "summary_fg_n": 76014.0,
  "summary_fg_p05": 602.9507263183593,
  "summary_fg_p95": 1271.9064514160157,
  "summary_fg_stdv": 204.13674926757812,
  "tsnr": 32.80613812501542
}