{
  "bids_meta": {
    "AcquisitionMatrixPE": 256,
    "AcquisitionNumber": 1,
    "AcquisitionTime": "12:26:18.407500",
    "BaseResolution": 256,
    "CoilString": "T:HEA;HEP",
    "ConversionSoftware": "dcm2niix",
    "ConversionSoftwareVersion": "v1.0.20190720  GCC7.4.0",
    "Dcm2bidsVersion": "2.1.4",
    "DeviceSerialNumber": "40296",
    "DwellTime": 9.8e-06,
    "EchoTime": 0.00226,
    "FlipAngle": 9,
    "ImageOrientationPatientDICOM": [
      -0.046886,
      0.9989,
      1.28505e-08,
      -0.0296495,
      -0.00139166,
      -0.999559
    ],
    "ImageType": [
      "ORIGINAL",
      "PRIMARY",
      "M",
      "ND",
      "NORM",
      "FM",
      "FIL"
    ],
    "ImagingFrequency": 123.197,
    "InPlanePhaseEncodingDirectionDICOM": "ROW",
    "InstitutionAddress": "Henri_le_Guilloux_2_Rennes_3BA938_District_FR_35000",
    "InstitutionName": "CHU_PONTCHAILLOU",
    "InstitutionalDepartmentName": "Department",
    "Interpolation2D": 1,
    "InversionTime": 0.9,
    "MRAcquisitionType": "3D",
    "MagneticFieldStrength": 3,
    "Manufacturer": "Siemens",
    "ManufacturersModelName": "Verio",
    "Modality": "MR",
    "ParallelReductionFactorInPlane": 2,
    "PartialFourier": 1,
    "PatientPosition": "HFS",
    "PercentPhaseFOV": 100,
    "PhaseEncodingSteps": 255,
    "PhaseResolution": 1,
    "PixelBandwidth": 199,
    "ProcedureStepDescription": "OSS-IRM",
    "ProtocolName": "T1_3D_MPRAGE",
    "PulseSequenceDetails": "%SiemensSeq%_tfl",
    "ReceiveCoilName": "HeadMatrix",
    "ReconMatrixPE": 512,
    "RefLinesPE": 24,
    "RepetitionTime": 1.9,
    "SAR": 0.0387067,
    "ScanOptions": "IR",
    "ScanningSequence": "GR_IR",
    "SequenceName": "_tfl3d1_ns",
    "SequenceVariant": "SP_MP",
    "SeriesDescription": "T1_3D_MPRAGE",
    "SeriesNumber": 14,
    "ShimSetting": [
      936,
      13482,
      -6965,
      33,
      -607,
      -326,
      728,
      -255
    ],
    "SliceThickness": 1,
    "SoftwareVersions": "syngo_MR_B17",
    "StationName": "MRC40296",
    "TxRefAmp": 479.038,
    "dataset": "ds002336",
    "modality": "T1w",
    "subject_id": "xp105"
  },
  "cjv": 0.40030259899651255,
  "cnr": 3.32382184108011,
  "efc": 0.6066910725795737,
  "fber": 1575.1263323198236,
  "fwhm_avg": 6.480196666666667,
  "fwhm_x": 4.00073,
  "fwhm_y": 8.06364,
  "fwhm_z": 7.37622,
  "icvs_csf": 0.24260523249162355,
  "icvs_gm": 0.4115300393020853,
  "icvs_wm": 0.3458647282062911,
  "inu_med": 1.2279173135757446,
  "inu_range": 0.4866378188133238,
  "provenance": {
    "md5sum": "1873fba2f059c0423d06e3f5ca0c0680",
    "settings": {
      "testing": false
    },
    "software": "mriqc",
    "version": "21.0.0rc2",
    "warnings": {
      "large_rot_frame": true,
      "small_air_mask": false
    },
    "webapi_port": null,
    "webapi_url": "https://mriqc.nimh.nih.gov/api/v1"
  },
  "qi_1": 0.0,
  "qi_2": 0.003996884625235846,
  "rpve_csf": 22.589473819325924,
  "rpve_gm": 13.467904049476342,
  "rpve_wm": 18.6209742643921,
  "size_x": 176,
  "size_y": 512,
  "size_z": 512,
  "snr_csf": 4.265108312949697,
  "snr_gm": 14.113611991908904,
  "snr_total": 11.991886520514887,
  "snr_wm": 17.596939256686056,
  "snrd_csf": 33.85536184784131,
  "snrd_gm": 62.32332465147109,
  "snrd_total": 60.12432553869985,
  "snrd_wm": 84.19429011678716,
  "spacing_x": 1.0,
  "spacing_y": 0.5,
  "spacing_z": 0.5,
  "summary_bg_k": 49.81244001033153,
  "summary_bg_mad": 7.781244523884747,
  "summary_bg_mean": 18.00496748262189,
  "summary_bg_median": 15.692095190286636,
  "summary_bg_n": 10295045.0,
  "summary_bg_p05": 5.248369675129652,
  "summary_bg_p95": 38.91215496510267,
  "summary_bg_stdv": 11.301826492750063,
  "summary_csf_k": -0.5190000941146078,
  "summary_csf_mad": 103.90712384419834,
  "summary_csf_mean": 398.4916579014112,
  "summary_csf_median": 402.10993925109506,
  "summary_csf_n": 205716.0,
  "summary_csf_p05": 241.84911573678255,
  "summary_csf_p95": 545.6714047081769,
  "summary_csf_stdv": 94.27872222766868,
  "summary_gm_k": 0.2678505737767489,
  "summary_gm_mad": 50.85318390862052,
  "summary_gm_mean": 741.9216595083952,
  "summary_gm_median": 740.2321795336902,
  "summary_gm_n": 181988.0,
  "summary_gm_p05": 658.6969011463225,
  "summary_gm_p95": 830.8858375586569,
  "summary_gm_stdv": 52.44795919118908,
  "summary_wm_k": 0.836366099099537,
  "summary_wm_mad": 53.13253836511201,
  "summary_wm_mean": 997.8620041195159,
  "summary_wm_median": 999.9999715350568,
  "summary_wm_n": 993167.0,
  "summary_wm_p05": 899.9098508618772,
  "summary_wm_p95": 1086.4655365869403,
  "summary_wm_stdv": 56.828034325059306,
  "tpm_overlap_csf": 0.1564032882452011,
  "tpm_overlap_gm": 0.4338218867778778,
  "tpm_overlap_wm": 0.4921538531780243,
  "wm2max": 0.42244468332885426
}