{
  "aor": 0.00028009523809523814,
  "aqi": 0.011856738047619048,
  "bids_meta": {
    "AcquisitionMatrixPE": 106,
    "AcquisitionNumber": 1,
    "AcquisitionTime": "14:53:37.212500",
    "BandwidthPerPixelPhaseEncode": 27.345,
    "BaseResolution": 106,
    "CoilString": "T:HEA;HEP",
    "ConversionSoftware": "dcm2niix",
    "ConversionSoftwareVersion": "v1.0.20190720  GCC7.4.0",
    "Dcm2bidsVersion": "2.1.4",
    "DerivedVendorReportedEchoSpacing": 0.000689995,
    "DeviceSerialNumber": "40296",
    "DwellTime": 2.8e-06,
    "EchoTime": 0.023,
    "EffectiveEchoSpacing": 0.000344998,
    "FlipAngle": 90,
    "ImageOrientationPatientDICOM": [
      0.999365,
      0.00999818,
      0.0341921,
      0.00348845,
      0.927728,
      -0.37324
    ],
    "ImageType": [
      "ORIGINAL",
      "PRIMARY",
      "M",
      "ND",
      "MOSAIC"
    ],
    "ImagingFrequency": 123.197,
    "InPlanePhaseEncodingDirectionDICOM": "COL",
    "InstitutionAddress": "Henri_le_Guilloux_2_Rennes_3BA938_District_FR_35000",
    "InstitutionName": "CHU_PONTCHAILLOU",
    "InstitutionalDepartmentName": "Department",
    "Instructions": "Try to move up the ball by feeling the movement of your right arm and hand. When the symbol + is displayed, rest",
    "MRAcquisitionType": "2D",
    "MagneticFieldStrength": 3,
    "Manufacturer": "Siemens",
    "ManufacturersModelName": "Verio",
    "Modality": "MR",
    "ParallelReductionFactorInPlane": 2,
    "PartialFourier": 1,
    "PatientPosition": "HFS",
    "PercentPhaseFOV": 100,
    "PhaseEncodingDirection": "j-",
    "PhaseEncodingSteps": 106,
    "PhaseResolution": 1,
    "PixelBandwidth": 1685,
    "ProcedureStepDescription": "OSS-IRM",
    "ProtocolName": "ep2d_bold_online_2X10x20_EEG_IRMf_NF",
    "PulseSequenceDetails": "%SiemensSeq%_ep2d_bold",
    "ReceiveCoilName": "HeadMatrix",
    "ReconMatrixPE": 106,
    "RefLinesPE": 24,
    "RepetitionTime": 2,
    "SAR": 0.0418446,
    "ScanOptions": "FS",
    "ScanningSequence": "EP",
    "SequenceName": "_epfid2d1_106",
    "SequenceVariant": "SK",
    "SeriesDescription": "ep2d_bold_online_2X10x20_EEG_IRMf_NF",
    "SeriesNumber": 14,
    "ShimSetting": [
      989,
      13545,
      -6584,
      207,
      -589,
      -461,
      364,
      -196
    ],
    "SliceThickness": 4,
    "SliceTiming": [
      1.0025,
      0,
      1.065,
      0.0625,
      1.1275,
      0.125,
      1.19,
      0.1875,
      1.255,
      0.25,
      1.3175,
      0.3125,
      1.38,
      0.375,
      1.4425,
      0.4375,
      1.505,
      0.5,
      1.5675,
      0.565,
      1.63,
      0.6275,
      1.6925,
      0.69,
      1.755,
      0.7525,
      1.8175,
      0.815,
      1.88,
      0.8775,
      1.945,
      0.94
    ],
    "SoftwareVersions": "syngo_MR_B17",
    "SpacingBetweenSlices": 4,
    "StationName": "MRC40296",
    "TaskName": "eegfmriNF",
    "TotalReadoutTime": 0.0362248,
    "TxRefAmp": 441.483,
    "dataset": "ds002336",
    "modality": "bold",
    "subject_id": "xp108",
    "task_id": "eegfmriNF"
  },
  "dummy_trs": 0,
  "dvars_nstd": 35.034945054736845,
  "dvars_std": 1.0257509515311012,
  "dvars_vstd": 0.983506212248804,
  "efc": 0.5610555940714272,
  "fber": 567.6809692382812,
  "fd_mean": 0.16817170779217977,
  "fd_num": 54,
  "fd_perc": 25.714285714285715,
  "fwhm_avg": 2.5976657969712065,
  "fwhm_x": 2.616690821320734,
  "fwhm_y": 3.064884069592886,
  "fwhm_z": 2.1114225,
  "gcor": 0.0298645,
  "gsr_x": -0.014932137914001942,
  "gsr_y": 0.044899798929691315,
  "provenance": {
    "md5sum": "15132066c85fc1039fa717a0401b6320",
    "settings": {
      "fd_thres": 0.2,
      "testing": false
    },
    "software": "mriqc",
    "version": "21.0.0rc2",
    "webapi_port": null,
    "webapi_url": "https://mriqc.nimh.nih.gov/api/v1"
  },
  "size_t": 210,
  "size_x": 106,
  "size_y": 106,
  "size_z": 32,
  "snr": 4.762762117940584,
  "spacing_tr": 2.0,
  "spacing_x": 1.9811320304870605,
  "spacing_y": 1.9811320304870605,
  "spacing_z": 4.0,
  "summary_bg_k": 32.131943347076955,
  "summary_bg_mad": 11.04891680246692,
  "summary_bg_mean": 67.57622528076172,
  "summary_bg_median": 37.585716247558594,
  "summary_bg_n": 220366.0,
  "summary_bg_p05": 27.704763412475586,
  "summary_bg_p95": 219.5595359802246,
  "summary_bg_stdv": 90.50456237792969,
  "summary_fg_k": 1.3197751441817989,
  "summary_fg_mad": 167.56237432970676,
  "summary_fg_mean": 931.194091796875,
  "summary_fg_median": 911.7381591796875,
  "summary_fg_n": 74365.0,
  "summary_fg_p05": 669.3248046875,
  "summary_fg_p95": 1292.3048095703125,
  "summary_fg_stdv": 191.42926025390625,
  "tsnr": 37.2114484468475
}