{
  "aor": 0.000705188679245283,
  "aqi": 0.007939176603773586,
  "bids_meta": {
    "AcquisitionMatrixPE": 106,
    "AcquisitionNumber": 1,
    "AcquisitionTime": "14:30:8.260000",
    "BandwidthPerPixelPhaseEncode": 27.345,
    "BaseResolution": 106,
    "CoilString": "T:HEA;HEP",
    "ConversionSoftware": "dcm2niix",
    "ConversionSoftwareVersion": "v1.0.20190720  GCC7.4.0",
    "Dcm2bidsVersion": "2.1.4",
    "DerivedVendorReportedEchoSpacing": 0.000689995,
    "DeviceSerialNumber": "40296",
    "DwellTime": 2.8e-06,
    "EchoTime": 0.023,
    "EffectiveEchoSpacing": 0.000344998,
    "FlipAngle": 90,
    "ImageOrientationPatientDICOM": [
      0.999365,
      0.00999818,
      0.0341921,
      0.00348845,
      0.927728,
      -0.37324
    ],
    "ImageType": [
      "ORIGINAL",
      "PRIMARY",
      "M",
      "ND",
      "MOSAIC"
    ],
    "ImagingFrequency": 123.197,
    "InPlanePhaseEncodingDirectionDICOM": "COL",
    "InstitutionAddress": "Henri_le_Guilloux_2_Rennes_3BA938_District_FR_35000",
    "InstitutionName": "CHU_PONTCHAILLOU",
    "InstitutionalDepartmentName": "Department",
    "Instructions": "When demanded, try to feel the movement of your right arm and hand. When the symbol + is displayed, rest",
    "MRAcquisitionType": "2D",
    "MagneticFieldStrength": 3,
    "Manufacturer": "Siemens",
    "ManufacturersModelName": "Verio",
    "Modality": "MR",
    "ParallelReductionFactorInPlane": 2,
    "PartialFourier": 1,
    "PatientPosition": "HFS",
    "PercentPhaseFOV": 100,
    "PhaseEncodingDirection": "j-",
    "PhaseEncodingSteps": 106,
    "PhaseResolution": 1,
    "PixelBandwidth": 1685,
    "ProcedureStepDescription": "OSS-IRM",
    "ProtocolName": "ep2d_bold_MI_PRE_2x5x20",
    "PulseSequenceDetails": "%SiemensSeq%_ep2d_bold",
    "ReceiveCoilName": "HeadMatrix",
    "ReconMatrixPE": 106,
    "RefLinesPE": 24,
    "RepetitionTime": 2,
    "SAR": 0.0417041,
    "ScanOptions": "FS",
    "ScanningSequence": "EP",
    "SequenceName": "_epfid2d1_106",
    "SequenceVariant": "SK",
    "SeriesDescription": "ep2d_bold_MI_PRE_2x5x20",
    "SeriesNumber": 11,
    "ShimSetting": [
      989,
      13545,
      -6584,
      207,
      -589,
      -461,
      364,
      -196
    ],
    "SliceThickness": 4,
    "SliceTiming": [
      1.005,
      0,
      1.0675,
      0.0625,
      1.13,
      0.1275,
      1.1925,
      0.19,
      1.255,
      0.2525,
      1.3175,
      0.315,
      1.38,
      0.3775,
      1.4425,
      0.44,
      1.5075,
      0.5025,
      1.57,
      0.565,
      1.6325,
      0.6275,
      1.695,
      0.69,
      1.7575,
      0.7525,
      1.82,
      0.8175,
      1.8825,
      0.88,
      1.945,
      0.9425
    ],
    "SoftwareVersions": "syngo_MR_B17",
    "SpacingBetweenSlices": 4,
    "StationName": "MRC40296",
    "TaskName": "MIpre",
    "TotalReadoutTime": 0.0362248,
    "TxRefAmp": 441.483,
    "dataset": "ds002336",
    "modality": "bold",
    "subject_id": "xp108",
    "task_id": "MIpre"
  },
  "dummy_trs": 0,
  "dvars_nstd": 35.042348371428574,
  "dvars_std": 1.0706832771428567,
  "dvars_vstd": 1.0199627806666667,
  "efc": 0.559272501001817,
  "fber": 568.6710205078125,
  "fd_mean": 0.07690919670914827,
  "fd_num": 1,
  "fd_perc": 0.9433962264150944,
  "fwhm_avg": 2.5707305901601827,
  "fwhm_x": 2.5975653923150333,
  "fwhm_y": 3.0229938781655146,
  "fwhm_z": 2.0916325,
  "gcor": 0.0352599,
  "gsr_x": -0.014606342650949955,
  "gsr_y": 0.044495269656181335,
  "provenance": {
    "md5sum": "9240c1d0a4fd9b222ff17b5d8d983a88",
    "settings": {
      "fd_thres": 0.2,
      "testing": false
    },
    "software": "mriqc",
    "version": "21.0.0rc2",
    "webapi_port": null,
    "webapi_url": "https://mriqc.nimh.nih.gov/api/v1"
  },
  "size_t": 106,
  "size_x": 106,
  "size_y": 106,
  "size_z": 32,
  "snr": 4.80176205178092,
  "spacing_tr": 2.0,
  "spacing_x": 1.9811320304870605,
  "spacing_y": 1.9811320304870605,
  "spacing_z": 4.0,
  "summary_bg_k": 31.82041105150349,
  "summary_bg_mad": 9.210315064823195,
  "summary_bg_mean": 64.75164031982422,
  "summary_bg_median": 36.49056625366211,
  "summary_bg_n": 221118.0,
  "summary_bg_p05": 28.207548141479492,
  "summary_bg_p95": 208.28443450927728,
  "summary_bg_stdv": 85.72148132324219,
  "summary_fg_k": 1.3000636946380686,
  "summary_fg_mad": 163.24709153582336,
  "summary_fg_mean": 903.7662353515625,
  "summary_fg_median": 886.9717407226562,
  "summary_fg_n": 73896.0,
  "summary_fg_p05": 646.8231201171875,
  "summary_fg_p95": 1245.9339599609375,
  "summary_fg_stdv": 184.7167205810547,
  "tsnr": 41.80501034401823
}