{
  "aor": 0.0008221698113207546,
  "aqi": 0.007835726981132076,
  "bids_meta": {
    "AcquisitionMatrixPE": 106,
    "AcquisitionNumber": 1,
    "AcquisitionTime": "15:02:0.875000",
    "BandwidthPerPixelPhaseEncode": 27.345,
    "BaseResolution": 106,
    "CoilString": "T:HEA;HEP",
    "ConversionSoftware": "dcm2niix",
    "ConversionSoftwareVersion": "v1.0.20190720  GCC7.4.0",
    "Dcm2bidsVersion": "2.1.4",
    "DerivedVendorReportedEchoSpacing": 0.000689995,
    "DeviceSerialNumber": "40296",
    "DwellTime": 2.8e-06,
    "EchoTime": 0.023,
    "EffectiveEchoSpacing": 0.000344998,
    "FlipAngle": 90,
    "ImageOrientationPatientDICOM": [
      0.999365,
      0.00999818,
      0.0341921,
      0.00348845,
      0.927728,
      -0.37324
    ],
    "ImageType": [
      "ORIGINAL",
      "PRIMARY",
      "M",
      "ND",
      "MOSAIC"
    ],
    "ImagingFrequency": 123.197,
    "InPlanePhaseEncodingDirectionDICOM": "COL",
    "InstitutionAddress": "Henri_le_Guilloux_2_Rennes_3BA938_District_FR_35000",
    "InstitutionName": "CHU_PONTCHAILLOU",
    "InstitutionalDepartmentName": "Department",
    "Instructions": "When demanded, try to feel the movement of your right arm and hand. When the symbol + is displayed, rest",
    "MRAcquisitionType": "2D",
    "MagneticFieldStrength": 3,
    "Manufacturer": "Siemens",
    "ManufacturersModelName": "Verio",
    "Modality": "MR",
    "ParallelReductionFactorInPlane": 2,
    "PartialFourier": 1,
    "PatientPosition": "HFS",
    "PercentPhaseFOV": 100,
    "PhaseEncodingDirection": "j-",
    "PhaseEncodingSteps": 106,
    "PhaseResolution": 1,
    "PixelBandwidth": 1685,
    "ProcedureStepDescription": "OSS-IRM",
    "ProtocolName": "ep2d_bold_MI_POST_2x5x20",
    "PulseSequenceDetails": "%SiemensSeq%_ep2d_bold",
    "ReceiveCoilName": "HeadMatrix",
    "ReconMatrixPE": 106,
    "RefLinesPE": 24,
    "RepetitionTime": 2,
    "SAR": 0.0417041,
    "ScanOptions": "FS",
    "ScanningSequence": "EP",
    "SequenceName": "_epfid2d1_106",
    "SequenceVariant": "SK",
    "SeriesDescription": "ep2d_bold_MI_POST_2x5x20",
    "SeriesNumber": 15,
    "ShimSetting": [
      989,
      13545,
      -6584,
      207,
      -589,
      -461,
      364,
      -196
    ],
    "SliceThickness": 4,
    "SliceTiming": [
      1.0025,
      0,
      1.065,
      0.0625,
      1.1275,
      0.125,
      1.1925,
      0.1875,
      1.255,
      0.25,
      1.3175,
      0.3125,
      1.38,
      0.375,
      1.4425,
      0.4375,
      1.505,
      0.5025,
      1.5675,
      0.565,
      1.63,
      0.6275,
      1.6925,
      0.69,
      1.755,
      0.7525,
      1.8175,
      0.815,
      1.8825,
      0.8775,
      1.945,
      0.94
    ],
    "SoftwareVersions": "syngo_MR_B17",
    "SpacingBetweenSlices": 4,
    "StationName": "MRC40296",
    "TaskName": "MIpost",
    "TotalReadoutTime": 0.0362248,
    "TxRefAmp": 441.483,
    "dataset": "ds002336",
    "modality": "bold",
    "subject_id": "xp108",
    "task_id": "MIpost"
  },
  "dummy_trs": 0,
  "dvars_nstd": 34.809136091142854,
  "dvars_std": 1.0708827834285708,
  "dvars_vstd": 1.0271047737142855,
  "efc": 0.5619098390019631,
  "fber": 557.4202880859375,
  "fd_mean": 0.10028830027194578,
  "fd_num": 5,
  "fd_perc": 4.716981132075472,
  "fwhm_avg": 2.5894887808606724,
  "fwhm_x": 2.599533963788304,
  "fwhm_y": 3.0506598787937134,
  "fwhm_z": 2.1182725,
  "gcor": 0.0216532,
  "gsr_x": -0.015253223478794098,
  "gsr_y": 0.04632151871919632,
  "provenance": {
    "md5sum": "509ba1f70e2920ba8a850af58577ed27",
    "settings": {
      "fd_thres": 0.2,
      "testing": false
    },
    "software": "mriqc",
    "version": "21.0.0rc2",
    "webapi_port": null,
    "webapi_url": "https://mriqc.nimh.nih.gov/api/v1"
  },
  "size_t": 106,
  "size_x": 106,
  "size_y": 106,
  "size_z": 32,
  "snr": 4.7816558803739735,
  "spacing_tr": 2.0,
  "spacing_x": 1.9811320304870605,
  "spacing_y": 1.9811320304870605,
  "spacing_z": 4.0,
  "summary_bg_k": 33.33874745294861,
  "summary_bg_mad": 10.252331434616202,
  "summary_bg_mean": 68.02079772949219,
  "summary_bg_median": 37.70754623413086,
  "summary_bg_n": 220331.0,
  "summary_bg_p05": 28.561321258544922,
  "summary_bg_p95": 221.59434509277344,
  "summary_bg_stdv": 92.05490112304688,
  "summary_fg_k": 1.3294584070092865,
  "summary_fg_mad": 166.98857179872874,
  "summary_fg_mean": 928.7855834960938,
  "summary_fg_median": 909.3773803710938,
  "summary_fg_n": 74381.0,
  "summary_fg_p05": 666.9716796875,
  "summary_fg_p95": 1286.424560546875,
  "summary_fg_stdv": 190.1791534423828,
  "tsnr": 43.131182566750795
}