{
  "aor": 0.00037266666666666665,
  "aqi": 0.011789654333333333,
  "bids_meta": {
    "AcquisitionMatrixPE": 106,
    "AcquisitionNumber": 1,
    "AcquisitionTime": "14:36:37.085000",
    "BandwidthPerPixelPhaseEncode": 27.345,
    "BaseResolution": 106,
    "CoilString": "T:HEA;HEP",
    "ConversionSoftware": "dcm2niix",
    "ConversionSoftwareVersion": "v1.0.20190720  GCC7.4.0",
    "Dcm2bidsVersion": "2.1.4",
    "DerivedVendorReportedEchoSpacing": 0.000689995,
    "DeviceSerialNumber": "40296",
    "DwellTime": 2.8e-06,
    "EchoTime": 0.023,
    "EffectiveEchoSpacing": 0.000344998,
    "FlipAngle": 90,
    "ImageOrientationPatientDICOM": [
      0.999365,
      0.00999818,
      0.0341921,
      0.00348845,
      0.927728,
      -0.37324
    ],
    "ImageType": [
      "ORIGINAL",
      "PRIMARY",
      "M",
      "ND",
      "MOSAIC"
    ],
    "ImagingFrequency": 123.197,
    "InPlanePhaseEncodingDirectionDICOM": "COL",
    "InstitutionAddress": "Henri_le_Guilloux_2_Rennes_3BA938_District_FR_35000",
    "InstitutionName": "CHU_PONTCHAILLOU",
    "InstitutionalDepartmentName": "Department",
    "Instructions": "Try to move up the ball by feeling the movement of your right arm and hand. When the symbol + is displayed, rest",
    "MRAcquisitionType": "2D",
    "MagneticFieldStrength": 3,
    "Manufacturer": "Siemens",
    "ManufacturersModelName": "Verio",
    "Modality": "MR",
    "ParallelReductionFactorInPlane": 2,
    "PartialFourier": 1,
    "PatientPosition": "HFS",
    "PercentPhaseFOV": 100,
    "PhaseEncodingDirection": "j-",
    "PhaseEncodingSteps": 106,
    "PhaseResolution": 1,
    "PixelBandwidth": 1685,
    "ProcedureStepDescription": "OSS-IRM",
    "ProtocolName": "ep2d_bold_online_2X10x20_EEG_NF",
    "PulseSequenceDetails": "%SiemensSeq%_ep2d_bold",
    "ReceiveCoilName": "HeadMatrix",
    "ReconMatrixPE": 106,
    "RefLinesPE": 24,
    "RepetitionTime": 2,
    "SAR": 0.0418446,
    "ScanOptions": "FS",
    "ScanningSequence": "EP",
    "SequenceName": "_epfid2d1_106",
    "SequenceVariant": "SK",
    "SeriesDescription": "ep2d_bold_online_2X10x20_EEG_NF",
    "SeriesNumber": 12,
    "ShimSetting": [
      989,
      13545,
      -6584,
      207,
      -589,
      -461,
      364,
      -196
    ],
    "SliceThickness": 4,
    "SliceTiming": [
      1.0025,
      0,
      1.065,
      0.0625,
      1.1275,
      0.125,
      1.19,
      0.1875,
      1.2525,
      0.25,
      1.315,
      0.3125,
      1.38,
      0.375,
      1.4425,
      0.4375,
      1.505,
      0.5,
      1.5675,
      0.5625,
      1.63,
      0.625,
      1.6925,
      0.69,
      1.755,
      0.7525,
      1.8175,
      0.815,
      1.88,
      0.8775,
      1.9425,
      0.94
    ],
    "SoftwareVersions": "syngo_MR_B17",
    "SpacingBetweenSlices": 4,
    "StationName": "MRC40296",
    "TaskName": "eegNF",
    "TotalReadoutTime": 0.0362248,
    "TxRefAmp": 441.483,
    "dataset": "ds002336",
    "modality": "bold",
    "subject_id": "xp108",
    "task_id": "eegNF"
  },
  "dummy_trs": 0,
  "dvars_nstd": 34.891337654976084,
  "dvars_std": 1.0309566787081335,
  "dvars_vstd": 0.9827047737320574,
  "efc": 0.5592209407638339,
  "fber": 581.2566528320312,
  "fd_mean": 0.1094498148209305,
  "fd_num": 11,
  "fd_perc": 5.238095238095238,
  "fwhm_avg": 2.585064201691163,
  "fwhm_x": 2.6178467261088856,
  "fwhm_y": 3.0581858789646033,
  "fwhm_z": 2.07916,
  "gcor": 0.0835595,
  "gsr_x": -0.014903810806572437,
  "gsr_y": 0.04541762173175812,
  "provenance": {
    "md5sum": "9020be8d03b8dc71ac120cf31c65acf7",
    "settings": {
      "fd_thres": 0.2,
      "testing": false
    },
    "software": "mriqc",
    "version": "21.0.0rc2",
    "webapi_port": null,
    "webapi_url": "https://mriqc.nimh.nih.gov/api/v1"
  },
  "size_t": 210,
  "size_x": 106,
  "size_y": 106,
  "size_z": 32,
  "snr": 4.791422987264238,
  "spacing_tr": 2.0,
  "spacing_x": 1.9811320304870605,
  "spacing_y": 1.9811320304870605,
  "spacing_z": 4.0,
  "summary_bg_k": 34.44844216034027,
  "summary_bg_mad": 9.799294609401992,
  "summary_bg_mean": 65.74102020263672,
  "summary_bg_median": 36.761905670166016,
  "summary_bg_n": 220804.0,
  "summary_bg_p05": 28.090476989746094,
  "summary_bg_p95": 209.49929885864248,
  "summary_bg_stdv": 87.9229965209961,
  "summary_fg_k": 1.3393272705905641,
  "summary_fg_mad": 165.2677976418011,
  "summary_fg_mean": 919.1759643554688,
  "summary_fg_median": 901.531005859375,
  "summary_fg_n": 74096.0,
  "summary_fg_p05": 658.6666870117188,
  "summary_fg_p95": 1269.204833984375,
  "summary_fg_stdv": 188.15390014648438,
  "tsnr": 36.28737574093975
}