{
  "aor": 0.000311952380952381,
  "aqi": 0.01071749738095238,
  "bids_meta": {
    "AcquisitionMatrixPE": 106,
    "AcquisitionNumber": 1,
    "AcquisitionTime": "14:45:18.370000",
    "BandwidthPerPixelPhaseEncode": 27.345,
    "BaseResolution": 106,
    "CoilString": "T:HEA;HEP",
    "ConversionSoftware": "dcm2niix",
    "ConversionSoftwareVersion": "v1.0.20190720  GCC7.4.0",
    "Dcm2bidsVersion": "2.1.4",
    "DerivedVendorReportedEchoSpacing": 0.000689995,
    "DeviceSerialNumber": "40296",
    "DwellTime": 2.8e-06,
    "EchoTime": 0.023,
    "EffectiveEchoSpacing": 0.000344998,
    "FlipAngle": 90,
    "ImageOrientationPatientDICOM": [
      0.999365,
      0.00999818,
      0.0341921,
      0.00348845,
      0.927728,
      -0.37324
    ],
    "ImageType": [
      "ORIGINAL",
      "PRIMARY",
      "M",
      "ND",
      "MOSAIC"
    ],
    "ImagingFrequency": 123.197,
    "InPlanePhaseEncodingDirectionDICOM": "COL",
    "InstitutionAddress": "Henri_le_Guilloux_2_Rennes_3BA938_District_FR_35000",
    "InstitutionName": "CHU_PONTCHAILLOU",
    "InstitutionalDepartmentName": "Department",
    "Instructions": "Try to move up the ball by feeling the movement of your right arm and hand. When the symbol + is displayed, rest",
    "MRAcquisitionType": "2D",
    "MagneticFieldStrength": 3,
    "Manufacturer": "Siemens",
    "ManufacturersModelName": "Verio",
    "Modality": "MR",
    "ParallelReductionFactorInPlane": 2,
    "PartialFourier": 1,
    "PatientPosition": "HFS",
    "PercentPhaseFOV": 100,
    "PhaseEncodingDirection": "j-",
    "PhaseEncodingSteps": 106,
    "PhaseResolution": 1,
    "PixelBandwidth": 1685,
    "ProcedureStepDescription": "OSS-IRM",
    "ProtocolName": "ep2d_bold_online_2X10x20_IRMf_NF",
    "PulseSequenceDetails": "%SiemensSeq%_ep2d_bold",
    "ReceiveCoilName": "HeadMatrix",
    "ReconMatrixPE": 106,
    "RefLinesPE": 24,
    "RepetitionTime": 2,
    "SAR": 0.0418446,
    "ScanOptions": "FS",
    "ScanningSequence": "EP",
    "SequenceName": "_epfid2d1_106",
    "SequenceVariant": "SK",
    "SeriesDescription": "ep2d_bold_online_2X10x20_IRMf_NF",
    "SeriesNumber": 13,
    "ShimSetting": [
      989,
      13545,
      -6584,
      207,
      -589,
      -461,
      364,
      -196
    ],
    "SliceThickness": 4,
    "SliceTiming": [
      1.005,
      0,
      1.0675,
      0.0625,
      1.13,
      0.125,
      1.1925,
      0.1875,
      1.255,
      0.2525,
      1.3175,
      0.315,
      1.38,
      0.3775,
      1.4425,
      0.44,
      1.505,
      0.5025,
      1.57,
      0.565,
      1.6325,
      0.6275,
      1.695,
      0.69,
      1.7575,
      0.7525,
      1.82,
      0.815,
      1.8825,
      0.88,
      1.945,
      0.9425
    ],
    "SoftwareVersions": "syngo_MR_B17",
    "SpacingBetweenSlices": 4,
    "StationName": "MRC40296",
    "TaskName": "fmriNF",
    "TotalReadoutTime": 0.0362248,
    "TxRefAmp": 441.483,
    "dataset": "ds002336",
    "modality": "bold",
    "subject_id": "xp108",
    "task_id": "fmriNF"
  },
  "dummy_trs": 0,
  "dvars_nstd": 34.84493279330144,
  "dvars_std": 1.0381658020095699,
  "dvars_vstd": 0.9895730850239234,
  "efc": 0.5600499148122965,
  "fber": 566.0232543945312,
  "fd_mean": 0.14165733487951998,
  "fd_num": 32,
  "fd_perc": 15.238095238095237,
  "fwhm_avg": 2.6081799479292904,
  "fwhm_x": 2.629188726366423,
  "fwhm_y": 3.0741111174214484,
  "fwhm_z": 2.12124,
  "gcor": 0.0596363,
  "gsr_x": -0.014788690954446793,
  "gsr_y": 0.045370910316705704,
  "provenance": {
    "md5sum": "b18897a60a2ab79a1c0d16602054b1f4",
    "settings": {
      "fd_thres": 0.2,
      "testing": false
    },
    "software": "mriqc",
    "version": "21.0.0rc2",
    "webapi_port": null,
    "webapi_url": "https://mriqc.nimh.nih.gov/api/v1"
  },
  "size_t": 210,
  "size_x": 106,
  "size_y": 106,
  "size_z": 32,
  "snr": 4.782132020599809,
  "spacing_tr": 2.0,
  "spacing_x": 1.9811320304870605,
  "spacing_y": 1.9811320304870605,
  "spacing_z": 4.0,
  "summary_bg_k": 31.444600910362894,
  "summary_bg_mad": 11.070097318932312,
  "summary_bg_mean": 66.9645004272461,
  "summary_bg_median": 37.480953216552734,
  "summary_bg_n": 220724.0,
  "summary_bg_p05": 27.63809585571289,
  "summary_bg_p95": 217.7040588378905,
  "summary_bg_stdv": 89.06159210205078,
  "summary_fg_k": 1.3535203890749639,
  "summary_fg_mad": 167.09634641068186,
  "summary_fg_mean": 928.5697631835938,
  "summary_fg_median": 909.300048828125,
  "summary_fg_n": 74139.0,
  "summary_fg_p05": 667.584326171875,
  "summary_fg_p95": 1286.1486572265624,
  "summary_fg_stdv": 190.14404296875,
  "tsnr": 37.832812254782766
}