{
  "aor": 0.003202545454545455,
  "aqi": 0.008580707272727273,
  "bids_meta": {
    "AcquisitionMatrixPE": 106,
    "AcquisitionNumber": 1,
    "AcquisitionTime": "15:18:20.032500",
    "BandwidthPerPixelPhaseEncode": 27.345,
    "BaseResolution": 106,
    "CoilString": "T:HEA;HEP",
    "ConversionSoftware": "dcm2niix",
    "ConversionSoftwareVersion": "v1.0.20190720  GCC7.4.0",
    "Dcm2bidsVersion": "2.1.4",
    "DerivedVendorReportedEchoSpacing": 0.000689995,
    "DeviceSerialNumber": "40296",
    "DwellTime": 2.8e-06,
    "EchoTime": 0.023,
    "EffectiveEchoSpacing": 0.000344998,
    "FlipAngle": 90,
    "ImageOrientationPatientDICOM": [
      0.999571,
      -0.0284569,
      -0.00688265,
      0.0261747,
      0.973919,
      -0.225383
    ],
    "ImageType": [
      "ORIGINAL",
      "PRIMARY",
      "M",
      "ND",
      "MOSAIC"
    ],
    "ImagingFrequency": 123.197,
    "InPlanePhaseEncodingDirectionDICOM": "COL",
    "InstitutionAddress": "Henri_le_Guilloux_2_Rennes_3BA938_District_FR_35000",
    "InstitutionName": "CHU_PONTCHAILLOU",
    "InstitutionalDepartmentName": "Department",
    "Instructions": "When demanded, try to feel the movement of your right arm and hand. When the symbol + is displayed, rest",
    "MRAcquisitionType": "2D",
    "MagneticFieldStrength": 3,
    "Manufacturer": "Siemens",
    "ManufacturersModelName": "Verio",
    "Modality": "MR",
    "ParallelReductionFactorInPlane": 2,
    "PartialFourier": 1,
    "PatientPosition": "HFS",
    "PercentPhaseFOV": 100,
    "PhaseEncodingDirection": "j-",
    "PhaseEncodingSteps": 106,
    "PhaseResolution": 1,
    "PixelBandwidth": 1685,
    "ProcedureStepDescription": "OSS-IRM",
    "ProtocolName": "ep2d_bold_MI_POST_2x5x20",
    "PulseSequenceDetails": "%SiemensSeq%_ep2d_bold",
    "ReceiveCoilName": "HeadMatrix",
    "ReconMatrixPE": 106,
    "RefLinesPE": 24,
    "RepetitionTime": 2,
    "SAR": 0.0638044,
    "ScanOptions": "FS",
    "ScanningSequence": "EP",
    "SequenceName": "_epfid2d1_106",
    "SequenceVariant": "SK",
    "SeriesDescription": "ep2d_bold_MI_POST_2x5x20",
    "SeriesNumber": 13,
    "ShimSetting": [
      953,
      13370,
      -6463,
      446,
      -718,
      -508,
      880,
      -213
    ],
    "SliceThickness": 4,
    "SliceTiming": [
      1.0025,
      0,
      1.0675,
      0.0625,
      1.13,
      0.125,
      1.1925,
      0.1875,
      1.255,
      0.25,
      1.3175,
      0.3125,
      1.38,
      0.3775,
      1.4425,
      0.44,
      1.505,
      0.5025,
      1.5675,
      0.565,
      1.63,
      0.6275,
      1.6925,
      0.69,
      1.7575,
      0.7525,
      1.82,
      0.815,
      1.8825,
      0.8775,
      1.945,
      0.94
    ],
    "SoftwareVersions": "syngo_MR_B17",
    "SpacingBetweenSlices": 4,
    "StationName": "MRC40296",
    "TaskName": "MIpost",
    "TotalReadoutTime": 0.0362248,
    "TxRefAmp": 441.235,
    "dataset": "ds002336",
    "modality": "bold",
    "subject_id": "xp106",
    "task_id": "MIpost"
  },
  "dummy_trs": 0,
  "dvars_nstd": 37.183374050925934,
  "dvars_std": 1.029317235555555,
  "dvars_vstd": 1.020838623703704,
  "efc": 0.5461634696311355,
  "fber": 531.3388061523438,
  "fd_mean": 0.247315876413996,
  "fd_num": 23,
  "fd_perc": 41.81818181818182,
  "fwhm_avg": 2.8738314132886935,
  "fwhm_x": 2.8772993986668225,
  "fwhm_y": 3.4921448411992584,
  "fwhm_z": 2.25205,
  "gcor": 0.0209435,
  "gsr_x": -0.011891044676303864,
  "gsr_y": 0.03867343068122864,
  "provenance": {
    "md5sum": "f30da6969a4dd1dbb1567877166d65a8",
    "settings": {
      "fd_thres": 0.2,
      "testing": false
    },
    "software": "mriqc",
    "version": "21.0.0rc2",
    "webapi_port": null,
    "webapi_url": "https://mriqc.nimh.nih.gov/api/v1"
  },
  "size_t": 55,
  "size_x": 106,
  "size_y": 106,
  "size_z": 32,
  "snr": 4.448168285446608,
  "spacing_tr": 2.0,
  "spacing_x": 1.9811320304870605,
  "spacing_y": 1.9811320304870605,
  "spacing_z": 4.0,
  "summary_bg_k": 17.983686111139942,
  "summary_bg_mad": 10.297347808663273,
  "summary_bg_mean": 67.00357818603516,
  "summary_bg_median": 35.70909118652344,
  "summary_bg_n": 232892.0,
  "summary_bg_p05": 26.96363639831543,
  "summary_bg_p95": 235.15363159179657,
  "summary_bg_stdv": 83.32841491699219,
  "summary_fg_k": 0.5834492745549937,
  "summary_fg_mad": 174.0305703731981,
  "summary_fg_mean": 859.5368041992188,
  "summary_fg_median": 842.6181640625,
  "summary_fg_n": 62873.0,
  "summary_fg_p05": 580.1636352539062,
  "summary_fg_p95": 1209.2217773437496,
  "summary_fg_stdv": 189.42886352539062,
  "tsnr": 37.64345232397318
}