{
  "aor": 0.0006280476190476189,
  "aqi": 0.00808777880952381,
  "bids_meta": {
    "AcquisitionMatrixPE": 106,
    "AcquisitionNumber": 1,
    "AcquisitionTime": "14:51:48.302500",
    "BandwidthPerPixelPhaseEncode": 27.345,
    "BaseResolution": 106,
    "CoilString": "T:HEA;HEP",
    "ConversionSoftware": "dcm2niix",
    "ConversionSoftwareVersion": "v1.0.20190720  GCC7.4.0",
    "Dcm2bidsVersion": "2.1.4",
    "DerivedVendorReportedEchoSpacing": 0.000689995,
    "DeviceSerialNumber": "40296",
    "DwellTime": 2.8e-06,
    "EchoTime": 0.023,
    "EffectiveEchoSpacing": 0.000344998,
    "FlipAngle": 90,
    "ImageOrientationPatientDICOM": [
      0.999571,
      -0.0284569,
      -0.00688265,
      0.0261747,
      0.973919,
      -0.225383
    ],
    "ImageType": [
      "ORIGINAL",
      "PRIMARY",
      "M",
      "ND",
      "MOSAIC"
    ],
    "ImagingFrequency": 123.197,
    "InPlanePhaseEncodingDirectionDICOM": "COL",
    "InstitutionAddress": "Henri_le_Guilloux_2_Rennes_3BA938_District_FR_35000",
    "InstitutionName": "CHU_PONTCHAILLOU",
    "InstitutionalDepartmentName": "Department",
    "Instructions": "Try to move up the ball by feeling the movement of your right arm and hand. When the symbol + is displayed, rest",
    "MRAcquisitionType": "2D",
    "MagneticFieldStrength": 3,
    "Manufacturer": "Siemens",
    "ManufacturersModelName": "Verio",
    "Modality": "MR",
    "ParallelReductionFactorInPlane": 2,
    "PartialFourier": 1,
    "PatientPosition": "HFS",
    "PercentPhaseFOV": 100,
    "PhaseEncodingDirection": "j-",
    "PhaseEncodingSteps": 106,
    "PhaseResolution": 1,
    "PixelBandwidth": 1685,
    "ProcedureStepDescription": "OSS-IRM",
    "ProtocolName": "ep2d_bold_online_2X10x20_EEG",
    "PulseSequenceDetails": "%SiemensSeq%_ep2d_bold",
    "ReceiveCoilName": "HeadMatrix",
    "ReconMatrixPE": 106,
    "RefLinesPE": 24,
    "RepetitionTime": 2,
    "SAR": 0.0640194,
    "ScanOptions": "FS",
    "ScanningSequence": "EP",
    "SequenceName": "_epfid2d1_106",
    "SequenceVariant": "SK",
    "SeriesDescription": "ep2d_bold_online_2X10x20_EEG",
    "SeriesNumber": 11,
    "ShimSetting": [
      953,
      13370,
      -6463,
      446,
      -718,
      -508,
      880,
      -213
    ],
    "SliceThickness": 4,
    "SliceTiming": [
      1.0025,
      0,
      1.065,
      0.0625,
      1.1275,
      0.125,
      1.19,
      0.1875,
      1.2525,
      0.25,
      1.3175,
      0.3125,
      1.38,
      0.375,
      1.4425,
      0.4375,
      1.505,
      0.5,
      1.5675,
      0.5625,
      1.63,
      0.6275,
      1.6925,
      0.69,
      1.755,
      0.7525,
      1.8175,
      0.815,
      1.88,
      0.8775,
      1.9425,
      0.94
    ],
    "SoftwareVersions": "syngo_MR_B17",
    "SpacingBetweenSlices": 4,
    "StationName": "MRC40296",
    "TaskName": "eegNF",
    "TotalReadoutTime": 0.0362248,
    "TxRefAmp": 441.235,
    "dataset": "ds002336",
    "modality": "bold",
    "subject_id": "xp106",
    "task_id": "eegNF"
  },
  "dummy_trs": 0,
  "dvars_nstd": 35.01568174598087,
  "dvars_std": 1.0312783588516752,
  "dvars_vstd": 1.0005725626315791,
  "efc": 0.5448102361752293,
  "fber": 556.4811401367188,
  "fd_mean": 0.1548663298915173,
  "fd_num": 50,
  "fd_perc": 23.80952380952381,
  "fwhm_avg": 2.855452388982089,
  "fwhm_x": 2.860823969721294,
  "fwhm_y": 3.4429456972249732,
  "fwhm_z": 2.2625875,
  "gcor": 0.11117,
  "gsr_x": -0.012170594185590744,
  "gsr_y": 0.039671286940574646,
  "provenance": {
    "md5sum": "3c9f9777c0130492069ff691da83b968",
    "settings": {
      "fd_thres": 0.2,
      "testing": false
    },
    "software": "mriqc",
    "version": "21.0.0rc2",
    "webapi_port": null,
    "webapi_url": "https://mriqc.nimh.nih.gov/api/v1"
  },
  "size_t": 210,
  "size_x": 106,
  "size_y": 106,
  "size_z": 32,
  "snr": 4.526471918243362,
  "spacing_tr": 2.0,
  "spacing_x": 1.9811320304870605,
  "spacing_y": 1.9811320304870605,
  "spacing_z": 4.0,
  "summary_bg_k": 18.011602570060813,
  "summary_bg_mad": 10.131116102401386,
  "summary_bg_mean": 66.2513198852539,
  "summary_bg_median": 35.257144927978516,
  "summary_bg_n": 232289.0,
  "summary_bg_p05": 26.60476303100586,
  "summary_bg_p95": 232.02286682128874,
  "summary_bg_stdv": 83.0774917602539,
  "summary_fg_k": 0.5788296191605045,
  "summary_fg_mad": 172.6525755866134,
  "summary_fg_mean": 867.9764404296875,
  "summary_fg_median": 850.6595458984375,
  "summary_fg_n": 62952.0,
  "summary_fg_p05": 591.6121765136719,
  "summary_fg_p95": 1215.5428466796875,
  "summary_fg_stdv": 187.92843627929688,
  "tsnr": 36.48386054253206
}