{
  "aor": 0.0009553809523809523,
  "aqi": 0.007314315238095239,
  "bids_meta": {
    "AcquisitionMatrixPE": 106,
    "AcquisitionNumber": 1,
    "AcquisitionTime": "15:06:54.540000",
    "BandwidthPerPixelPhaseEncode": 27.345,
    "BaseResolution": 106,
    "CoilString": "T:HEA;HEP",
    "ConversionSoftware": "dcm2niix",
    "ConversionSoftwareVersion": "v1.0.20190720  GCC7.4.0",
    "Dcm2bidsVersion": "2.1.4",
    "DerivedVendorReportedEchoSpacing": 0.000689995,
    "DeviceSerialNumber": "40296",
    "DwellTime": 2.8e-06,
    "EchoTime": 0.023,
    "EffectiveEchoSpacing": 0.000344998,
    "FlipAngle": 90,
    "ImageOrientationPatientDICOM": [
      0.999571,
      -0.0284569,
      -0.00688265,
      0.0261747,
      0.973919,
      -0.225383
    ],
    "ImageType": [
      "ORIGINAL",
      "PRIMARY",
      "M",
      "ND",
      "MOSAIC"
    ],
    "ImagingFrequency": 123.197,
    "InPlanePhaseEncodingDirectionDICOM": "COL",
    "InstitutionAddress": "Henri_le_Guilloux_2_Rennes_3BA938_District_FR_35000",
    "InstitutionName": "CHU_PONTCHAILLOU",
    "InstitutionalDepartmentName": "Department",
    "Instructions": "Try to move up the ball by feeling the movement of your right arm and hand. When the symbol + is displayed, rest",
    "MRAcquisitionType": "2D",
    "MagneticFieldStrength": 3,
    "Manufacturer": "Siemens",
    "ManufacturersModelName": "Verio",
    "Modality": "MR",
    "ParallelReductionFactorInPlane": 2,
    "PartialFourier": 1,
    "PatientPosition": "HFS",
    "PercentPhaseFOV": 100,
    "PhaseEncodingDirection": "j-",
    "PhaseEncodingSteps": 106,
    "PhaseResolution": 1,
    "PixelBandwidth": 1685,
    "ProcedureStepDescription": "OSS-IRM",
    "ProtocolName": "ep2d_bold_online_2X10x20_IRMF",
    "PulseSequenceDetails": "%SiemensSeq%_ep2d_bold",
    "ReceiveCoilName": "HeadMatrix",
    "ReconMatrixPE": 106,
    "RefLinesPE": 24,
    "RepetitionTime": 2,
    "SAR": 0.0640194,
    "ScanOptions": "FS",
    "ScanningSequence": "EP",
    "SequenceName": "_epfid2d1_106",
    "SequenceVariant": "SK",
    "SeriesDescription": "ep2d_bold_online_2X10x20_IRMF",
    "SeriesNumber": 12,
    "ShimSetting": [
      953,
      13370,
      -6463,
      446,
      -718,
      -508,
      880,
      -213
    ],
    "SliceThickness": 4,
    "SliceTiming": [
      1.005,
      0,
      1.0675,
      0.0625,
      1.13,
      0.125,
      1.1925,
      0.19,
      1.255,
      0.2525,
      1.3175,
      0.315,
      1.38,
      0.3775,
      1.4425,
      0.44,
      1.505,
      0.5025,
      1.57,
      0.565,
      1.6325,
      0.6275,
      1.695,
      0.69,
      1.7575,
      0.7525,
      1.82,
      0.815,
      1.8825,
      0.88,
      1.945,
      0.9425
    ],
    "SoftwareVersions": "syngo_MR_B17",
    "SpacingBetweenSlices": 4,
    "StationName": "MRC40296",
    "TaskName": "fmriNF",
    "TotalReadoutTime": 0.0362248,
    "TxRefAmp": 441.235,
    "dataset": "ds002336",
    "modality": "bold",
    "subject_id": "xp106",
    "task_id": "fmriNF"
  },
  "dummy_trs": 0,
  "dvars_nstd": 35.87765871588516,
  "dvars_std": 1.0487780156459336,
  "dvars_vstd": 1.0063808321531098,
  "efc": 0.5448419998280115,
  "fber": 553.9884033203125,
  "fd_mean": 0.17052714501901578,
  "fd_num": 56,
  "fd_perc": 26.666666666666668,
  "fwhm_avg": 2.8708423575769575,
  "fwhm_x": 2.8734531128652008,
  "fwhm_y": 3.4753564598656714,
  "fwhm_z": 2.2637175,
  "gcor": 0.121314,
  "gsr_x": -0.01199728436768055,
  "gsr_y": 0.04029204696416855,
  "provenance": {
    "md5sum": "246116a5e215e1e0290a390e161a5082",
    "settings": {
      "fd_thres": 0.2,
      "testing": false
    },
    "software": "mriqc",
    "version": "21.0.0rc2",
    "webapi_port": null,
    "webapi_url": "https://mriqc.nimh.nih.gov/api/v1"
  },
  "size_t": 210,
  "size_x": 106,
  "size_y": 106,
  "size_z": 32,
  "snr": 4.467662941715243,
  "spacing_tr": 2.0,
  "spacing_x": 1.9811320304870605,
  "spacing_y": 1.9811320304870605,
  "spacing_z": 4.0,
  "summary_bg_k": 18.222653576242642,
  "summary_bg_mad": 10.364096127842057,
  "summary_bg_mean": 66.24298858642578,
  "summary_bg_median": 35.20952606201172,
  "summary_bg_n": 232430.0,
  "summary_bg_p05": 26.185714721679688,
  "summary_bg_p95": 230.37762680053677,
  "summary_bg_stdv": 82.82241821289062,
  "summary_fg_k": 0.5856669062818347,
  "summary_fg_mad": 174.07165322275873,
  "summary_fg_mean": 863.8475341796875,
  "summary_fg_median": 846.1238403320312,
  "summary_fg_n": 62913.0,
  "summary_fg_p05": 586.44287109375,
  "summary_fg_p95": 1213.9533447265624,
  "summary_fg_stdv": 189.386962890625,
  "tsnr": 36.57793040620163
}