{
  "aor": 0.0003278313253012048,
  "aqi": 0.00624095765060241,
  "bids_meta": {
    "AcquisitionMatrixPE": 106,
    "AcquisitionNumber": 1,
    "AcquisitionTime": "14:23:40.405000",
    "BandwidthPerPixelPhaseEncode": 27.345,
    "BaseResolution": 106,
    "CoilString": "T:HEA;HEP",
    "ConversionSoftware": "dcm2niix",
    "ConversionSoftwareVersion": "v1.0.20190720  GCC7.4.0",
    "Dcm2bidsVersion": "2.1.4",
    "DerivedVendorReportedEchoSpacing": 0.000689995,
    "DeviceSerialNumber": "40296",
    "DwellTime": 2.8e-06,
    "EchoTime": 0.023,
    "EffectiveEchoSpacing": 0.000344998,
    "FlipAngle": 90,
    "ImageOrientationPatientDICOM": [
      0.999571,
      -0.0284569,
      -0.00688265,
      0.0261747,
      0.973919,
      -0.225383
    ],
    "ImageType": [
      "ORIGINAL",
      "PRIMARY",
      "FMRI",
      "NONE",
      "ND",
      "MOSAIC"
    ],
    "ImagingFrequency": 123.197,
    "InPlanePhaseEncodingDirectionDICOM": "COL",
    "InstitutionAddress": "Henri_le_Guilloux_2_Rennes_3BA938_District_FR_35000",
    "InstitutionName": "CHU_PONTCHAILLOU",
    "InstitutionalDepartmentName": "Department",
    "Instructions": "When demanded,move your right hand. When the symbol + is displayed, rest",
    "MRAcquisitionType": "2D",
    "MagneticFieldStrength": 3,
    "Manufacturer": "Siemens",
    "ManufacturersModelName": "Verio",
    "Modality": "MR",
    "ParallelReductionFactorInPlane": 2,
    "PartialFourier": 1,
    "PatientPosition": "HFS",
    "PercentPhaseFOV": 100,
    "PhaseEncodingDirection": "j-",
    "PhaseEncodingSteps": 106,
    "PhaseResolution": 1,
    "PixelBandwidth": 1685,
    "ProcedureStepDescription": "OSS-IRM",
    "ProtocolName": "ep2d_bold_me_avec_GLM_2X8x20S_AVEC_EEG",
    "PulseSequenceDetails": "%SiemensSeq%_ep2d_bold",
    "ReceiveCoilName": "HeadMatrix",
    "ReconMatrixPE": 106,
    "RefLinesPE": 24,
    "RepetitionTime": 2,
    "SAR": 0.0639606,
    "ScanOptions": "FS",
    "ScanningSequence": "EP",
    "SequenceName": "_epfid2d1_106",
    "SequenceVariant": "SK",
    "SeriesDescription": "ep2d_bold_me_avec_GLM_2X8x20S_AVEC_EEG",
    "SeriesNumber": 3,
    "ShimSetting": [
      953,
      13370,
      -6463,
      446,
      -718,
      -508,
      880,
      -213
    ],
    "SliceThickness": 4,
    "SliceTiming": [
      1.005,
      0,
      1.0675,
      0.0625,
      1.13,
      0.1275,
      1.1925,
      0.19,
      1.255,
      0.2525,
      1.3175,
      0.315,
      1.38,
      0.3775,
      1.4425,
      0.44,
      1.5075,
      0.5025,
      1.57,
      0.565,
      1.6325,
      0.6275,
      1.695,
      0.69,
      1.7575,
      0.7525,
      1.82,
      0.8175,
      1.8825,
      0.88,
      1.945,
      0.9425
    ],
    "SoftwareVersions": "syngo_MR_B17",
    "SpacingBetweenSlices": 4,
    "StationName": "MRC40296",
    "TaskName": "motorloc",
    "TotalReadoutTime": 0.0362248,
    "TxRefAmp": 441.235,
    "dataset": "ds002336",
    "modality": "bold",
    "subject_id": "xp106",
    "task_id": "motorloc"
  },
  "dummy_trs": 0,
  "dvars_nstd": 35.615630432909086,
  "dvars_std": 1.040812213757576,
  "dvars_vstd": 0.9998856606060613,
  "efc": 0.542595119235012,
  "fber": 552.0477905273438,
  "fd_mean": 0.14484434002877708,
  "fd_num": 37,
  "fd_perc": 22.289156626506024,
  "fwhm_avg": 2.847087936596438,
  "fwhm_x": 2.8712826366254407,
  "fwhm_y": 3.431866173163872,
  "fwhm_z": 2.238115,
  "gcor": 0.158838,
  "gsr_x": -0.011181426234543324,
  "gsr_y": 0.038732364773750305,
  "provenance": {
    "md5sum": "56669da6c66e219114ae557f4f80698e",
    "settings": {
      "fd_thres": 0.2,
      "testing": false
    },
    "software": "mriqc",
    "version": "21.0.0rc2",
    "webapi_port": null,
    "webapi_url": "https://mriqc.nimh.nih.gov/api/v1"
  },
  "size_t": 166,
  "size_x": 106,
  "size_y": 106,
  "size_z": 32,
  "snr": 4.481334850658863,
  "spacing_tr": 2.0,
  "spacing_x": 1.9811320304870605,
  "spacing_y": 1.9811320304870605,
  "spacing_z": 4.0,
  "summary_bg_k": 18.487608557591447,
  "summary_bg_mad": 8.833095439469277,
  "summary_bg_mean": 63.24924850463867,
  "summary_bg_median": 34.23493957519531,
  "summary_bg_n": 232677.0,
  "summary_bg_p05": 26.662649154663086,
  "summary_bg_p95": 218.57830810546875,
  "summary_bg_stdv": 78.6366958618164,
  "summary_fg_k": 0.5490100323489617,
  "summary_fg_mad": 166.72126180401037,
  "summary_fg_mean": 837.3131103515625,
  "summary_fg_median": 820.8192749023438,
  "summary_fg_n": 62679.0,
  "summary_fg_p05": 567.2939575195312,
  "summary_fg_p95": 1176.4355224609374,
  "summary_fg_stdv": 183.1625518798828,
  "tsnr": 37.60185142105911
}