{
  "aor": 0.0009887142857142857,
  "aqi": 0.008028909952380953,
  "bids_meta": {
    "AcquisitionMatrixPE": 106,
    "AcquisitionNumber": 1,
    "AcquisitionTime": "14:41:57.897500",
    "BandwidthPerPixelPhaseEncode": 27.345,
    "BaseResolution": 106,
    "CoilString": "T:HEA;HEP",
    "ConversionSoftware": "dcm2niix",
    "ConversionSoftwareVersion": "v1.0.20190720  GCC7.4.0",
    "Dcm2bidsVersion": "2.1.4",
    "DerivedVendorReportedEchoSpacing": 0.000689995,
    "DeviceSerialNumber": "40296",
    "DwellTime": 2.8e-06,
    "EchoTime": 0.023,
    "EffectiveEchoSpacing": 0.000344998,
    "FlipAngle": 90,
    "ImageOrientationPatientDICOM": [
      0.999571,
      -0.0284569,
      -0.00688265,
      0.0261747,
      0.973919,
      -0.225383
    ],
    "ImageType": [
      "ORIGINAL",
      "PRIMARY",
      "M",
      "ND",
      "MOSAIC"
    ],
    "ImagingFrequency": 123.197,
    "InPlanePhaseEncodingDirectionDICOM": "COL",
    "InstitutionAddress": "Henri_le_Guilloux_2_Rennes_3BA938_District_FR_35000",
    "InstitutionName": "CHU_PONTCHAILLOU",
    "InstitutionalDepartmentName": "Department",
    "Instructions": "Try to move up the ball by feeling the movement of your right arm and hand. When the symbol + is displayed, rest",
    "MRAcquisitionType": "2D",
    "MagneticFieldStrength": 3,
    "Manufacturer": "Siemens",
    "ManufacturersModelName": "Verio",
    "Modality": "MR",
    "ParallelReductionFactorInPlane": 2,
    "PartialFourier": 1,
    "PatientPosition": "HFS",
    "PercentPhaseFOV": 100,
    "PhaseEncodingDirection": "j-",
    "PhaseEncodingSteps": 106,
    "PhaseResolution": 1,
    "PixelBandwidth": 1685,
    "ProcedureStepDescription": "OSS-IRM",
    "ProtocolName": "ep2d_bold_online_2X10x20_EEG_IRMF",
    "PulseSequenceDetails": "%SiemensSeq%_ep2d_bold",
    "ReceiveCoilName": "HeadMatrix",
    "ReconMatrixPE": 106,
    "RefLinesPE": 24,
    "RepetitionTime": 2,
    "SAR": 0.0640194,
    "ScanOptions": "FS",
    "ScanningSequence": "EP",
    "SequenceName": "_epfid2d1_106",
    "SequenceVariant": "SK",
    "SeriesDescription": "ep2d_bold_online_2X10x20_EEG_IRMF",
    "SeriesNumber": 10,
    "ShimSetting": [
      956,
      13367,
      -6468,
      428,
      -709,
      -566,
      931,
      -227
    ],
    "SliceThickness": 4,
    "SliceTiming": [
      1.0025,
      0,
      1.0675,
      0.0625,
      1.13,
      0.125,
      1.1925,
      0.1875,
      1.255,
      0.25,
      1.3175,
      0.3125,
      1.38,
      0.3775,
      1.4425,
      0.44,
      1.505,
      0.5025,
      1.5675,
      0.565,
      1.63,
      0.6275,
      1.6925,
      0.69,
      1.7575,
      0.7525,
      1.82,
      0.815,
      1.8825,
      0.8775,
      1.945,
      0.94
    ],
    "SoftwareVersions": "syngo_MR_B17",
    "SpacingBetweenSlices": 4,
    "StationName": "MRC40296",
    "TaskName": "eegfmriNF",
    "TotalReadoutTime": 0.0362248,
    "TxRefAmp": 441.235,
    "dataset": "ds002336",
    "modality": "bold",
    "subject_id": "xp106",
    "task_id": "eegfmriNF"
  },
  "dummy_trs": 0,
  "dvars_nstd": 35.27604339411478,
  "dvars_std": 1.0345067554066985,
  "dvars_vstd": 1.0032368725358856,
  "efc": 0.5431647643828037,
  "fber": 562.3128051757812,
  "fd_mean": 0.17100153575699625,
  "fd_num": 56,
  "fd_perc": 26.666666666666668,
  "fwhm_avg": 2.86526671479248,
  "fwhm_x": 2.8950215895454225,
  "fwhm_y": 3.4633885548320174,
  "fwhm_z": 2.23739,
  "gcor": 0.1327,
  "gsr_x": -0.011201620101928711,
  "gsr_y": 0.039184872061014175,
  "provenance": {
    "md5sum": "5547f873be8d0b6fbb510d6ea0181670",
    "settings": {
      "fd_thres": 0.2,
      "testing": false
    },
    "software": "mriqc",
    "version": "21.0.0rc2",
    "webapi_port": null,
    "webapi_url": "https://mriqc.nimh.nih.gov/api/v1"
  },
  "size_t": 210,
  "size_x": 106,
  "size_y": 106,
  "size_z": 32,
  "snr": 4.477180224054487,
  "spacing_tr": 2.0,
  "spacing_x": 1.9811320304870605,
  "spacing_y": 1.9811320304870605,
  "spacing_z": 4.0,
  "summary_bg_k": 18.669847023264282,
  "summary_bg_mad": 10.21583251258432,
  "summary_bg_mean": 65.10200500488281,
  "summary_bg_median": 34.89047622680664,
  "summary_bg_n": 232281.0,
  "summary_bg_p05": 26.038095474243164,
  "summary_bg_p95": 224.53334045410156,
  "summary_bg_stdv": 81.81024169921875,
  "summary_fg_k": 0.5760198388097488,
  "summary_fg_mad": 173.28442800303893,
  "summary_fg_mean": 861.74267578125,
  "summary_fg_median": 844.82861328125,
  "summary_fg_n": 62892.0,
  "summary_fg_p05": 583.857177734375,
  "summary_fg_p95": 1210.2948120117187,
  "summary_fg_stdv": 188.69508361816406,
  "tsnr": 35.15841418411583
}