{
  "aor": 0.0008216037735849056,
  "aqi": 0.006533247924528303,
  "bids_meta": {
    "AcquisitionMatrixPE": 106,
    "AcquisitionNumber": 1,
    "AcquisitionTime": "14:33:7.590000",
    "BandwidthPerPixelPhaseEncode": 27.345,
    "BaseResolution": 106,
    "CoilString": "T:HEA;HEP",
    "ConversionSoftware": "dcm2niix",
    "ConversionSoftwareVersion": "v1.0.20190720  GCC7.4.0",
    "Dcm2bidsVersion": "2.1.4",
    "DerivedVendorReportedEchoSpacing": 0.000689995,
    "DeviceSerialNumber": "40296",
    "DwellTime": 2.8e-06,
    "EchoTime": 0.023,
    "EffectiveEchoSpacing": 0.000344998,
    "FlipAngle": 90,
    "ImageOrientationPatientDICOM": [
      0.999571,
      -0.0284569,
      -0.00688265,
      0.0261747,
      0.973919,
      -0.225383
    ],
    "ImageType": [
      "ORIGINAL",
      "PRIMARY",
      "M",
      "ND",
      "MOSAIC"
    ],
    "ImagingFrequency": 123.197,
    "InPlanePhaseEncodingDirectionDICOM": "COL",
    "InstitutionAddress": "Henri_le_Guilloux_2_Rennes_3BA938_District_FR_35000",
    "InstitutionName": "CHU_PONTCHAILLOU",
    "InstitutionalDepartmentName": "Department",
    "Instructions": "When demanded, try to feel the movement of your right arm and hand. When the symbol + is displayed, rest",
    "MRAcquisitionType": "2D",
    "MagneticFieldStrength": 3,
    "Manufacturer": "Siemens",
    "ManufacturersModelName": "Verio",
    "Modality": "MR",
    "ParallelReductionFactorInPlane": 2,
    "PartialFourier": 1,
    "PatientPosition": "HFS",
    "PercentPhaseFOV": 100,
    "PhaseEncodingDirection": "j-",
    "PhaseEncodingSteps": 106,
    "PhaseResolution": 1,
    "PixelBandwidth": 1685,
    "ProcedureStepDescription": "OSS-IRM",
    "ProtocolName": "ep2d_bold_MI_PRE_2x5x20",
    "PulseSequenceDetails": "%SiemensSeq%_ep2d_bold",
    "ReceiveCoilName": "HeadMatrix",
    "ReconMatrixPE": 106,
    "RefLinesPE": 24,
    "RepetitionTime": 2,
    "SAR": 0.0638044,
    "ScanOptions": "FS",
    "ScanningSequence": "EP",
    "SequenceName": "_epfid2d1_106",
    "SequenceVariant": "SK",
    "SeriesDescription": "ep2d_bold_MI_PRE_2x5x20",
    "SeriesNumber": 9,
    "ShimSetting": [
      953,
      13370,
      -6463,
      446,
      -718,
      -508,
      880,
      -213
    ],
    "SliceThickness": 4,
    "SliceTiming": [
      1.0025,
      0,
      1.0675,
      0.0625,
      1.13,
      0.125,
      1.1925,
      0.1875,
      1.255,
      0.25,
      1.3175,
      0.3125,
      1.38,
      0.3775,
      1.4425,
      0.44,
      1.505,
      0.5025,
      1.5675,
      0.565,
      1.63,
      0.6275,
      1.6925,
      0.69,
      1.7575,
      0.7525,
      1.82,
      0.815,
      1.8825,
      0.8775,
      1.945,
      0.94
    ],
    "SoftwareVersions": "syngo_MR_B17",
    "SpacingBetweenSlices": 4,
    "StationName": "MRC40296",
    "TaskName": "MIpre",
    "TotalReadoutTime": 0.0362248,
    "TxRefAmp": 441.235,
    "dataset": "ds002336",
    "modality": "bold",
    "subject_id": "xp106",
    "task_id": "MIpre"
  },
  "dummy_trs": 0,
  "dvars_nstd": 34.821722085523824,
  "dvars_std": 1.0533356239047618,
  "dvars_vstd": 1.018673722380953,
  "efc": 0.5427314674199007,
  "fber": 559.41748046875,
  "fd_mean": 0.14203814765761202,
  "fd_num": 20,
  "fd_perc": 18.867924528301888,
  "fwhm_avg": 2.8376145237975465,
  "fwhm_x": 2.8586131125282357,
  "fwhm_y": 3.4312604588644042,
  "fwhm_z": 2.22297,
  "gcor": 0.0588229,
  "gsr_x": -0.011285788379609585,
  "gsr_y": 0.03936231508851051,
  "provenance": {
    "md5sum": "afacb37b7bb6c169f9dcec4ad570a96e",
    "settings": {
      "fd_thres": 0.2,
      "testing": false
    },
    "software": "mriqc",
    "version": "21.0.0rc2",
    "webapi_port": null,
    "webapi_url": "https://mriqc.nimh.nih.gov/api/v1"
  },
  "size_t": 106,
  "size_x": 106,
  "size_y": 106,
  "size_z": 32,
  "snr": 4.473939715959016,
  "spacing_tr": 2.0,
  "spacing_x": 1.9811320304870605,
  "spacing_y": 1.9811320304870605,
  "spacing_z": 4.0,
  "summary_bg_k": 18.80855256164427,
  "summary_bg_mad": 9.343189578531579,
  "summary_bg_mean": 64.05853271484375,
  "summary_bg_median": 34.50943374633789,
  "summary_bg_n": 232420.0,
  "summary_bg_p05": 26.547170639038086,
  "summary_bg_p95": 221.26557464599577,
  "summary_bg_stdv": 80.36004638671875,
  "summary_fg_k": 0.5951690684070199,
  "summary_fg_mad": 170.1286045735178,
  "summary_fg_mean": 850.2653198242188,
  "summary_fg_median": 833.1792602539062,
  "summary_fg_n": 62798.0,
  "summary_fg_p05": 576.9325500488281,
  "summary_fg_p95": 1194.5283203125,
  "summary_fg_stdv": 186.2279510498047,
  "tsnr": 40.14965640788432
}