{
  "bids_meta": {
    "AcquisitionMatrixPE": 256,
    "AcquisitionNumber": 1,
    "AcquisitionTime": "15:37:25.395000",
    "BaseResolution": 256,
    "CoilString": "T:HEA;HEP",
    "ConversionSoftware": "dcm2niix",
    "ConversionSoftwareVersion": "v1.0.20190720  GCC7.4.0",
    "Dcm2bidsVersion": "2.1.4",
    "DeviceSerialNumber": "40296",
    "DwellTime": 9.8e-06,
    "EchoTime": 0.00226,
    "FlipAngle": 9,
    "ImageOrientationPatientDICOM": [
      0.0592576,
      0.998243,
      2.31595e-08,
      -0.0278738,
      0.00165467,
      -0.99961
    ],
    "ImageType": [
      "ORIGINAL",
      "PRIMARY",
      "M",
      "ND",
      "NORM",
      "FM",
      "FIL"
    ],
    "ImagingFrequency": 123.197,
    "InPlanePhaseEncodingDirectionDICOM": "ROW",
    "InstitutionAddress": "Henri_le_Guilloux_2_Rennes_3BA938_District_FR_35000",
    "InstitutionName": "CHU_PONTCHAILLOU",
    "InstitutionalDepartmentName": "Department",
    "Interpolation2D": 1,
    "InversionTime": 0.9,
    "MRAcquisitionType": "3D",
    "MagneticFieldStrength": 3,
    "Manufacturer": "Siemens",
    "ManufacturersModelName": "Verio",
    "Modality": "MR",
    "ParallelReductionFactorInPlane": 2,
    "PartialFourier": 1,
    "PatientPosition": "HFS",
    "PercentPhaseFOV": 100,
    "PhaseEncodingSteps": 255,
    "PhaseResolution": 1,
    "PixelBandwidth": 199,
    "ProcedureStepDescription": "OSS-IRM",
    "ProtocolName": "T1_3D_MPRAGE",
    "PulseSequenceDetails": "%SiemensSeq%_tfl",
    "ReceiveCoilName": "HeadMatrix",
    "ReconMatrixPE": 512,
    "RefLinesPE": 24,
    "RepetitionTime": 1.9,
    "SAR": 0.0409755,
    "ScanOptions": "IR",
    "ScanningSequence": "GR_IR",
    "SequenceName": "_tfl3d1_ns",
    "SequenceVariant": "SP_MP",
    "SeriesDescription": "T1_3D_MPRAGE",
    "SeriesNumber": 17,
    "ShimSetting": [
      936,
      13482,
      -6965,
      33,
      -607,
      -326,
      728,
      -255
    ],
    "SliceThickness": 1,
    "SoftwareVersions": "syngo_MR_B17",
    "StationName": "MRC40296",
    "TxRefAmp": 470.901,
    "dataset": "ds002336",
    "modality": "T1w",
    "subject_id": "xp106"
  },
  "cjv": 0.44181546111466935,
  "cnr": 2.940704682613699,
  "efc": 0.5438537965058785,
  "fber": 2978.409138818278,
  "fwhm_avg": 6.817963333333334,
  "fwhm_x": 4.13141,
  "fwhm_y": 8.4002,
  "fwhm_z": 7.92228,
  "icvs_csf": 0.21236493686871902,
  "icvs_gm": 0.41769532732300835,
  "icvs_wm": 0.36993973580827266,
  "inu_med": 1.5939124822616577,
  "inu_range": 0.5750693559646607,
  "provenance": {
    "md5sum": "500189c812e2c4903bdafdab94bd5f6f",
    "settings": {
      "testing": false
    },
    "software": "mriqc",
    "version": "21.0.0rc2",
    "warnings": {
      "large_rot_frame": true,
      "small_air_mask": false
    },
    "webapi_port": null,
    "webapi_url": "https://mriqc.nimh.nih.gov/api/v1"
  },
  "qi_1": 0.0,
  "qi_2": 0.001989190845745268,
  "rpve_csf": 29.715098562473905,
  "rpve_gm": 16.1008733926903,
  "rpve_wm": 21.293808812245064,
  "size_x": 176,
  "size_y": 512,
  "size_z": 512,
  "snr_csf": 4.255195023361586,
  "snr_gm": 13.854409350797292,
  "snr_total": 13.055908945781121,
  "snr_wm": 21.05812246318449,
  "snrd_csf": 42.202404002631816,
  "snrd_gm": 73.7424366564834,
  "snrd_total": 70.16058689572789,
  "snrd_wm": 94.53692002806844,
  "spacing_x": 1.0,
  "spacing_y": 0.5,
  "spacing_z": 0.5,
  "summary_bg_k": 127.73560037149818,
  "summary_bg_mad": 6.929952704541041,
  "summary_bg_mean": 13.86031240383692,
  "summary_bg_median": 11.712950360029936,
  "summary_bg_n": 12593247.0,
  "summary_bg_p05": 4.674182068556547,
  "summary_bg_p95": 30.629640143364668,
  "summary_bg_stdv": 13.032496205008542,
  "summary_csf_k": 20.66073710059542,
  "summary_csf_mad": 113.89581092051569,
  "summary_csf_mean": 443.60400943045823,
  "summary_csf_median": 446.4118827357888,
  "summary_csf_n": 156239.0,
  "summary_csf_p05": 287.81963466852903,
  "summary_csf_p95": 597.6904106251895,
  "summary_csf_stdv": 104.90951687620678,
  "summary_gm_k": 0.3216774646387073,
  "summary_gm_mad": 53.482929107987324,
  "summary_gm_mean": 784.5794128301771,
  "summary_gm_median": 780.038501676172,
  "summary_gm_n": 192125.0,
  "summary_gm_p05": 699.9175219833851,
  "summary_gm_p95": 886.2799105755985,
  "summary_gm_stdv": 56.30239816755591,
  "summary_wm_k": 0.6697585270726889,
  "summary_wm_mad": 43.699466466282324,
  "summary_wm_mean": 998.3382075156126,
  "summary_wm_median": 1000.0000107847154,
  "summary_wm_n": 932912.0,
  "summary_wm_p05": 916.2496661916375,
  "summary_wm_p95": 1072.7522799223661,
  "summary_wm_stdv": 47.487589483659534,
  "tpm_overlap_csf": 0.1543826013803482,
  "tpm_overlap_gm": 0.43652987480163574,
  "tpm_overlap_wm": 0.5048354268074036,
  "wm2max": 0.43014949380263034
}