{
  "bids_meta": {
    "AcquisitionMatrixPE": 256,
    "AcquisitionNumber": 1,
    "AcquisitionTime": "15:05:59.190000",
    "BaseResolution": 256,
    "CoilString": "T:HEA;HEP",
    "ConversionSoftware": "dcm2niix",
    "ConversionSoftwareVersion": "v1.0.20190720  GCC7.4.0",
    "Dcm2bidsVersion": "2.1.4",
    "DeviceSerialNumber": "40296",
    "DwellTime": 9.8e-06,
    "EchoTime": 0.00226,
    "FlipAngle": 9,
    "ImageOrientationPatientDICOM": [
      0.00196971,
      0.999998,
      5.59461e-09,
      0.0435402,
      -8.57563e-05,
      -0.999052
    ],
    "ImageType": [
      "ORIGINAL",
      "PRIMARY",
      "M",
      "ND",
      "NORM",
      "FM",
      "FIL"
    ],
    "ImagingFrequency": 123.197,
    "InPlanePhaseEncodingDirectionDICOM": "ROW",
    "InstitutionAddress": "Henri_le_Guilloux_2_Rennes_3BA938_District_FR_35000",
    "InstitutionName": "CHU_PONTCHAILLOU",
    "InstitutionalDepartmentName": "Department",
    "Interpolation2D": 1,
    "InversionTime": 0.9,
    "MRAcquisitionType": "3D",
    "MagneticFieldStrength": 3,
    "Manufacturer": "Siemens",
    "ManufacturersModelName": "Verio",
    "Modality": "MR",
    "ParallelReductionFactorInPlane": 2,
    "PartialFourier": 1,
    "PatientPosition": "HFS",
    "PercentPhaseFOV": 100,
    "PhaseEncodingSteps": 255,
    "PhaseResolution": 1,
    "PixelBandwidth": 199,
    "ProcedureStepDescription": "OSS-IRM",
    "ProtocolName": "T1_3D_MPRAGE",
    "PulseSequenceDetails": "%SiemensSeq%_tfl",
    "ReceiveCoilName": "HeadMatrix",
    "ReconMatrixPE": 512,
    "RefLinesPE": 24,
    "RepetitionTime": 1.9,
    "SAR": 0.0303749,
    "ScanOptions": "IR",
    "ScanningSequence": "GR_IR",
    "SequenceName": "_tfl3d1_ns",
    "SequenceVariant": "SP_MP",
    "SeriesDescription": "T1_3D_MPRAGE",
    "SeriesNumber": 16,
    "ShimSetting": [
      936,
      13482,
      -6965,
      33,
      -607,
      -326,
      728,
      -255
    ],
    "SliceThickness": 1,
    "SoftwareVersions": "syngo_MR_B17",
    "StationName": "MRC40296",
    "TxRefAmp": 441.483,
    "dataset": "ds002336",
    "modality": "T1w",
    "subject_id": "xp108"
  },
  "cjv": 0.36362802694141144,
  "cnr": 3.7327939188466606,
  "efc": 0.5667384141045259,
  "fber": 3396.4139909154983,
  "fwhm_avg": 6.772993333333333,
  "fwhm_x": 4.12354,
  "fwhm_y": 8.27022,
  "fwhm_z": 7.92522,
  "icvs_csf": 0.23169557841745,
  "icvs_gm": 0.3992304447960918,
  "icvs_wm": 0.36907397678645815,
  "inu_med": 1.5193766355514526,
  "inu_range": 0.48189592361450195,
  "provenance": {
    "md5sum": "fd9e8bd7e136c691217d66fcc5f58406",
    "settings": {
      "testing": false
    },
    "software": "mriqc",
    "version": "21.0.0rc2",
    "warnings": {
      "large_rot_frame": true,
      "small_air_mask": false
    },
    "webapi_port": null,
    "webapi_url": "https://mriqc.nimh.nih.gov/api/v1"
  },
  "qi_1": 0.0,
  "qi_2": 0.002700082563907146,
  "rpve_csf": 26.14828579880508,
  "rpve_gm": 15.480568319304265,
  "rpve_wm": 20.203986911174663,
  "size_x": 176,
  "size_y": 512,
  "size_z": 512,
  "snr_csf": 4.355677476573232,
  "snr_gm": 14.167018598787859,
  "snr_total": 13.531635128850397,
  "snr_wm": 22.072209311190097,
  "snrd_csf": 37.8240874900555,
  "snrd_gm": 73.52498215049397,
  "snrd_total": 70.25217560602509,
  "snrd_wm": 99.40745717752583,
  "spacing_x": 1.0,
  "spacing_y": 0.5,
  "spacing_z": 0.5,
  "summary_bg_k": 105.60040315967916,
  "summary_bg_mad": 6.590414651119181,
  "summary_bg_mean": 12.544667219433947,
  "summary_bg_median": 11.167127184569836,
  "summary_bg_n": 12562323.0,
  "summary_bg_p05": 4.445167131721973,
  "summary_bg_p95": 27.484143119305372,
  "summary_bg_stdv": 9.326055845339667,
  "summary_csf_k": -0.2369857507263018,
  "summary_csf_mad": 99.65992887058273,
  "summary_csf_mean": 380.2775528964733,
  "summary_csf_median": 380.49546460434794,
  "summary_csf_n": 164704.0,
  "summary_csf_p05": 243.3457957841456,
  "summary_csf_p95": 518.946157950908,
  "summary_csf_stdv": 87.3559421147097,
  "summary_gm_k": 0.11213944146765664,
  "summary_gm_mad": 51.919608105158424,
  "summary_gm_mean": 741.0084045766814,
  "summary_gm_median": 739.6324432343245,
  "summary_gm_n": 153000.0,
  "summary_gm_p05": 657.8278156718239,
  "summary_gm_p95": 828.8068326450884,
  "summary_gm_stdv": 52.20788135297362,
  "summary_wm_k": 0.6379997250592027,
  "summary_wm_mad": 42.757324321895176,
  "summary_wm_mean": 999.4398286476754,
  "summary_wm_median": 999.9999765716493,
  "summary_wm_n": 997640.0,
  "summary_wm_p05": 923.727413713932,
  "summary_wm_p95": 1072.4236752055585,
  "summary_wm_stdv": 45.30581697962459,
  "tpm_overlap_csf": 0.16187120974063873,
  "tpm_overlap_gm": 0.4070783257484436,
  "tpm_overlap_wm": 0.4863603413105011,
  "wm2max": 0.4733519796771959
}