{
  "aor": 0.006101190476190475,
  "aqi": 0.014351954047619046,
  "bids_meta": {
    "AcquisitionMatrixPE": 106,
    "AcquisitionNumber": 1,
    "AcquisitionTime": "15:18:29.950000",
    "BandwidthPerPixelPhaseEncode": 27.345,
    "BaseResolution": 106,
    "CoilString": "T:HEA;HEP",
    "ConversionSoftware": "dcm2niix",
    "ConversionSoftwareVersion": "v1.0.20190720  GCC7.4.0",
    "Dcm2bidsVersion": "2.1.4",
    "DerivedVendorReportedEchoSpacing": 0.000689995,
    "DeviceSerialNumber": "40296",
    "DwellTime": 2.8e-06,
    "EchoTime": 0.023,
    "EffectiveEchoSpacing": 0.000344998,
    "FlipAngle": 90,
    "ImageOrientationPatientDICOM": [
      0.999599,
      -0.0254587,
      0.0123893,
      0.0279213,
      0.958935,
      -0.282249
    ],
    "ImageType": [
      "ORIGINAL",
      "PRIMARY",
      "M",
      "ND",
      "MOSAIC"
    ],
    "ImagingFrequency": 123.197,
    "InPlanePhaseEncodingDirectionDICOM": "COL",
    "InstitutionAddress": "Henri_le_Guilloux_2_Rennes_3BA938_District_FR_35000",
    "InstitutionName": "CHU_PONTCHAILLOU",
    "InstitutionalDepartmentName": "Department",
    "Instructions": "Try to move up the ball by feeling the movement of your right arm and hand. When the symbol + is displayed, rest",
    "MRAcquisitionType": "2D",
    "MagneticFieldStrength": 3,
    "Manufacturer": "Siemens",
    "ManufacturersModelName": "Verio",
    "Modality": "MR",
    "ParallelReductionFactorInPlane": 2,
    "PartialFourier": 1,
    "PatientPosition": "HFS",
    "PercentPhaseFOV": 100,
    "PhaseEncodingDirection": "j-",
    "PhaseEncodingSteps": 106,
    "PhaseResolution": 1,
    "PixelBandwidth": 1685,
    "ProcedureStepDescription": "OSS-IRM",
    "ProtocolName": "NEUROFEEDBACK_BOLD_IRMF-EEG1",
    "PulseSequenceDetails": "%SiemensSeq%_ep2d_bold",
    "ReceiveCoilName": "HeadMatrix",
    "ReconMatrixPE": 106,
    "RefLinesPE": 24,
    "RepetitionTime": 2,
    "SAR": 0.0541142,
    "ScanOptions": "FS",
    "ScanningSequence": "EP",
    "SequenceName": "_epfid2d1_106",
    "SequenceVariant": "SK",
    "SeriesDescription": "NEUROFEEDBACK_BOLD_IRMF-EEG1",
    "SeriesNumber": 16,
    "ShimSetting": [
      952,
      13491,
      -6460,
      466,
      -786,
      -345,
      829,
      -270
    ],
    "SliceThickness": 4,
    "SliceTiming": [
      1.0025,
      0,
      1.0675,
      0.0625,
      1.13,
      0.125,
      1.1925,
      0.1875,
      1.255,
      0.25,
      1.3175,
      0.3125,
      1.38,
      0.3775,
      1.4425,
      0.44,
      1.505,
      0.5025,
      1.5675,
      0.565,
      1.63,
      0.6275,
      1.6925,
      0.69,
      1.7575,
      0.7525,
      1.82,
      0.815,
      1.8825,
      0.8775,
      1.945,
      0.94
    ],
    "SoftwareVersions": "syngo_MR_B17",
    "SpacingBetweenSlices": 4,
    "StationName": "MRC40296",
    "TaskName": "eegfmriNF",
    "TotalReadoutTime": 0.0362248,
    "TxRefAmp": 483.722,
    "dataset": "ds002336",
    "modality": "bold",
    "subject_id": "xp101",
    "task_id": "eegfmriNF"
  },
  "dummy_trs": 0,
  "dvars_nstd": 43.0764107773206,
  "dvars_std": 1.083246467894736,
  "dvars_vstd": 1.0453818399043067,
  "efc": 0.5883748179941123,
  "fber": 479.97100830078125,
  "fd_mean": 0.2865440905847992,
  "fd_num": 91,
  "fd_perc": 43.333333333333336,
  "fwhm_avg": 2.6297236706599016,
  "fwhm_x": 2.6503382506561795,
  "fwhm_y": 3.1201302613235264,
  "fwhm_z": 2.1187025,
  "gcor": 0.065149,
  "gsr_x": -0.013099810108542442,
  "gsr_y": 0.06046954169869423,
  "provenance": {
    "md5sum": "ab65bbbf5c903068bceeb449f37e6e69",
    "settings": {
      "fd_thres": 0.2,
      "testing": false
    },
    "software": "mriqc",
    "version": "21.0.0rc2",
    "webapi_port": null,
    "webapi_url": "https://mriqc.nimh.nih.gov/api/v1"
  },
  "size_t": 210,
  "size_x": 106,
  "size_y": 106,
  "size_z": 32,
  "snr": 4.83211654674205,
  "spacing_tr": 2.0,
  "spacing_x": 1.9811320304870605,
  "spacing_y": 1.9811320304870605,
  "spacing_z": 4.0,
  "summary_bg_k": 19.445410741448,
  "summary_bg_mad": 10.837117293491639,
  "summary_bg_mean": 76.99352264404297,
  "summary_bg_median": 36.619049072265625,
  "summary_bg_n": 215988.0,
  "summary_bg_p05": 27.76666831970215,
  "summary_bg_p95": 293.6038146972653,
  "summary_bg_stdv": 106.98422241210938,
  "summary_fg_k": 0.7880409386572884,
  "summary_fg_mad": 160.62226846141644,
  "summary_fg_mean": 833.9412231445312,
  "summary_fg_median": 820.319091796875,
  "summary_fg_n": 77401.0,
  "summary_fg_p05": 592.895263671875,
  "summary_fg_p95": 1139.028564453125,
  "summary_fg_stdv": 169.76283264160156,
  "tsnr": 31.351335076615214
}