{
  "aor": 0.0005146625766871166,
  "aqi": 0.010206913865030675,
  "bids_meta": {
    "AcquisitionMatrixPE": 106,
    "AcquisitionNumber": 1,
    "AcquisitionTime": "14:31:5.107500",
    "BandwidthPerPixelPhaseEncode": 27.345,
    "BaseResolution": 106,
    "CoilString": "T:HEA;HEP",
    "ConversionSoftware": "dcm2niix",
    "ConversionSoftwareVersion": "v1.0.20190720  GCC7.4.0",
    "Dcm2bidsVersion": "2.1.4",
    "DerivedVendorReportedEchoSpacing": 0.000689995,
    "DeviceSerialNumber": "40296",
    "DwellTime": 2.8e-06,
    "EchoTime": 0.023,
    "EffectiveEchoSpacing": 0.000344998,
    "FlipAngle": 90,
    "ImageOrientationPatientDICOM": [
      0.999599,
      -0.0254587,
      0.0123893,
      0.0279213,
      0.958935,
      -0.282249
    ],
    "ImageType": [
      "ORIGINAL",
      "PRIMARY",
      "FMRI",
      "NONE",
      "ND",
      "MOSAIC"
    ],
    "ImagingFrequency": 123.197,
    "InPlanePhaseEncodingDirectionDICOM": "COL",
    "InstitutionAddress": "Henri_le_Guilloux_2_Rennes_3BA938_District_FR_35000",
    "InstitutionName": "CHU_PONTCHAILLOU",
    "InstitutionalDepartmentName": "Department",
    "Instructions": "When demanded,move your right hand. When the symbol + is displayed, rest",
    "MRAcquisitionType": "2D",
    "MagneticFieldStrength": 3,
    "Manufacturer": "Siemens",
    "ManufacturersModelName": "Verio",
    "Modality": "MR",
    "ParallelReductionFactorInPlane": 2,
    "PartialFourier": 1,
    "PatientPosition": "HFS",
    "PercentPhaseFOV": 100,
    "PhaseEncodingDirection": "j-",
    "PhaseEncodingSteps": 106,
    "PhaseResolution": 1,
    "PixelBandwidth": 1685,
    "ProcedureStepDescription": "OSS-IRM",
    "ProtocolName": "ep2d_bold_me_avec_GLM_2X8x20S_AVEC_EEG",
    "PulseSequenceDetails": "%SiemensSeq%_ep2d_bold",
    "ReceiveCoilName": "HeadMatrix",
    "ReconMatrixPE": 106,
    "RefLinesPE": 24,
    "RepetitionTime": 2,
    "SAR": 0.0540645,
    "ScanOptions": "FS",
    "ScanningSequence": "EP",
    "SequenceName": "_epfid2d1_106",
    "SequenceVariant": "SK",
    "SeriesDescription": "ep2d_bold_me_avec_GLM_2X8x20S_AVEC_EEG",
    "SeriesNumber": 3,
    "ShimSetting": [
      953,
      13491,
      -6469,
      438,
      -738,
      -396,
      851,
      -272
    ],
    "SliceThickness": 4,
    "SliceTiming": [
      1.0025,
      0,
      1.065,
      0.0625,
      1.13,
      0.125,
      1.1925,
      0.1875,
      1.255,
      0.25,
      1.3175,
      0.3125,
      1.38,
      0.375,
      1.4425,
      0.44,
      1.505,
      0.5025,
      1.5675,
      0.565,
      1.63,
      0.6275,
      1.6925,
      0.69,
      1.755,
      0.7525,
      1.82,
      0.815,
      1.8825,
      0.8775,
      1.945,
      0.94
    ],
    "SoftwareVersions": "syngo_MR_B17",
    "SpacingBetweenSlices": 4,
    "StationName": "MRC40296",
    "TaskName": "motorloc",
    "TotalReadoutTime": 0.0362248,
    "TxRefAmp": 483.722,
    "dataset": "ds002336",
    "modality": "bold",
    "subject_id": "xp101",
    "task_id": "motorloc"
  },
  "dummy_trs": 0,
  "dvars_nstd": 41.08755081086422,
  "dvars_std": 1.073304990432099,
  "dvars_vstd": 1.0007713994444445,
  "efc": 0.5826549416179507,
  "fber": 501.9140319824219,
  "fd_mean": 0.22507891591643836,
  "fd_num": 87,
  "fd_perc": 53.374233128834355,
  "fwhm_avg": 2.6357652104785267,
  "fwhm_x": 2.672391298775975,
  "fwhm_y": 3.1160568326596043,
  "fwhm_z": 2.1188475,
  "gcor": 0.0569675,
  "gsr_x": -0.0046940939500927925,
  "gsr_y": 0.062210265547037125,
  "provenance": {
    "md5sum": "86e92ffb74d1b426fb6e607827226e28",
    "settings": {
      "fd_thres": 0.2,
      "testing": false
    },
    "software": "mriqc",
    "version": "21.0.0rc2",
    "webapi_port": null,
    "webapi_url": "https://mriqc.nimh.nih.gov/api/v1"
  },
  "size_t": 163,
  "size_x": 106,
  "size_y": 106,
  "size_z": 32,
  "snr": 4.7518798937742925,
  "spacing_tr": 2.0,
  "spacing_x": 1.9811320304870605,
  "spacing_y": 1.9811320304870605,
  "spacing_z": 4.0,
  "summary_bg_k": 21.890647583417202,
  "summary_bg_mad": 9.559601293428763,
  "summary_bg_mean": 70.29888153076172,
  "summary_bg_median": 34.90797424316406,
  "summary_bg_n": 214869.0,
  "summary_bg_p05": 26.509201049804688,
  "summary_bg_p95": 256.59877319335925,
  "summary_bg_stdv": 98.653076171875,
  "summary_fg_k": 1.027996430672287,
  "summary_fg_mad": 153.5721257097214,
  "summary_fg_mean": 810.7037353515625,
  "summary_fg_median": 796.6778564453125,
  "summary_fg_n": 77550.0,
  "summary_fg_p05": 573.0696075439453,
  "summary_fg_p95": 1111.2119750976562,
  "summary_fg_stdv": 167.6542205810547,
  "tsnr": 35.60126474290155
}