{
  "aor": 0.009719609756097562,
  "aqi": 0.019689688146341464,
  "bids_meta": {
    "AcquisitionMatrixPE": 106,
    "AcquisitionNumber": 1,
    "AcquisitionTime": "14:56:42.280000",
    "BandwidthPerPixelPhaseEncode": 27.345,
    "BaseResolution": 106,
    "CoilString": "T:HEA;HEP",
    "ConversionSoftware": "dcm2niix",
    "ConversionSoftwareVersion": "v1.0.20190720  GCC7.4.0",
    "Dcm2bidsVersion": "2.1.4",
    "DerivedVendorReportedEchoSpacing": 0.000689995,
    "DeviceSerialNumber": "40296",
    "DwellTime": 2.8e-06,
    "EchoTime": 0.023,
    "EffectiveEchoSpacing": 0.000344998,
    "FlipAngle": 90,
    "ImageOrientationPatientDICOM": [
      0.999599,
      -0.0254587,
      0.0123893,
      0.0279213,
      0.958935,
      -0.282249
    ],
    "ImageType": [
      "ORIGINAL",
      "PRIMARY",
      "M",
      "ND",
      "MOSAIC"
    ],
    "ImagingFrequency": 123.197,
    "InPlanePhaseEncodingDirectionDICOM": "COL",
    "InstitutionAddress": "Henri_le_Guilloux_2_Rennes_3BA938_District_FR_35000",
    "InstitutionName": "CHU_PONTCHAILLOU",
    "InstitutionalDepartmentName": "Department",
    "Instructions": "Try to move up the ball by feeling the movement of your right arm and hand. When the symbol + is displayed, rest",
    "MRAcquisitionType": "2D",
    "MagneticFieldStrength": 3,
    "Manufacturer": "Siemens",
    "ManufacturersModelName": "Verio",
    "Modality": "MR",
    "ParallelReductionFactorInPlane": 2,
    "PartialFourier": 1,
    "PatientPosition": "HFS",
    "PercentPhaseFOV": 100,
    "PhaseEncodingDirection": "j-",
    "PhaseEncodingSteps": 106,
    "PhaseResolution": 1,
    "PixelBandwidth": 1685,
    "ProcedureStepDescription": "OSS-IRM",
    "ProtocolName": "NEUROFEEDBACK_BOLD_EEG",
    "PulseSequenceDetails": "%SiemensSeq%_ep2d_bold",
    "ReceiveCoilName": "HeadMatrix",
    "ReconMatrixPE": 106,
    "RefLinesPE": 24,
    "RepetitionTime": 2,
    "SAR": 0.0541142,
    "ScanOptions": "FS",
    "ScanningSequence": "EP",
    "SequenceName": "_epfid2d1_106",
    "SequenceVariant": "SK",
    "SeriesDescription": "NEUROFEEDBACK_BOLD_EEG",
    "SeriesNumber": 12,
    "ShimSetting": [
      952,
      13491,
      -6460,
      466,
      -786,
      -345,
      829,
      -270
    ],
    "SliceThickness": 4,
    "SliceTiming": [
      1.0025,
      0,
      1.065,
      0.0625,
      1.13,
      0.125,
      1.1925,
      0.1875,
      1.255,
      0.25,
      1.3175,
      0.3125,
      1.38,
      0.375,
      1.4425,
      0.44,
      1.505,
      0.5025,
      1.5675,
      0.565,
      1.63,
      0.6275,
      1.6925,
      0.69,
      1.755,
      0.7525,
      1.82,
      0.815,
      1.8825,
      0.8775,
      1.945,
      0.94
    ],
    "SoftwareVersions": "syngo_MR_B17",
    "SpacingBetweenSlices": 4,
    "StationName": "MRC40296",
    "TaskName": "eegNF",
    "TotalReadoutTime": 0.0362248,
    "TxRefAmp": 483.722,
    "dataset": "ds002336",
    "modality": "bold",
    "subject_id": "xp101",
    "task_id": "eegNF"
  },
  "dummy_trs": 0,
  "dvars_nstd": 47.144640679411765,
  "dvars_std": 1.0667644355882357,
  "dvars_vstd": 1.0315509680882349,
  "efc": 0.5873986108216311,
  "fber": 490.2646179199219,
  "fd_mean": 0.3535724628820737,
  "fd_num": 91,
  "fd_perc": 44.390243902439025,
  "fwhm_avg": 2.6440206630109984,
  "fwhm_x": 2.669857393956534,
  "fwhm_y": 3.1386095950764608,
  "fwhm_z": 2.123595,
  "gcor": 0.0561733,
  "gsr_x": -0.0120535958558321,
  "gsr_y": 0.06333886831998825,
  "provenance": {
    "md5sum": "ae11270cd0108e1ed0beae7b1def6515",
    "settings": {
      "fd_thres": 0.2,
      "testing": false
    },
    "software": "mriqc",
    "version": "21.0.0rc2",
    "webapi_port": null,
    "webapi_url": "https://mriqc.nimh.nih.gov/api/v1"
  },
  "size_t": 205,
  "size_x": 106,
  "size_y": 106,
  "size_z": 32,
  "snr": 4.877434775507916,
  "spacing_tr": 2.0,
  "spacing_x": 1.9811320304870605,
  "spacing_y": 1.9811320304870605,
  "spacing_z": 4.0,
  "summary_bg_k": 20.280819528628577,
  "summary_bg_mad": 10.891703075778882,
  "summary_bg_mean": 75.61709594726562,
  "summary_bg_median": 36.121952056884766,
  "summary_bg_n": 215845.0,
  "summary_bg_p05": 27.107316970825195,
  "summary_bg_p95": 285.5239013671873,
  "summary_bg_stdv": 105.4202880859375,
  "summary_fg_k": 0.8240321049864443,
  "summary_fg_mad": 158.04545078721202,
  "summary_fg_mean": 831.958984375,
  "summary_fg_median": 817.1024169921875,
  "summary_fg_n": 77465.0,
  "summary_fg_p05": 596.1531860351563,
  "summary_fg_p95": 1134.52197265625,
  "summary_fg_stdv": 167.5260009765625,
  "tsnr": 27.497822363104206
}