{
  "aor": 0.0037316190476190483,
  "aqi": 0.013389913857142857,
  "bids_meta": {
    "AcquisitionMatrixPE": 106,
    "AcquisitionNumber": 1,
    "AcquisitionTime": "14:46:15.827500",
    "BandwidthPerPixelPhaseEncode": 27.345,
    "BaseResolution": 106,
    "CoilString": "T:HEA;HEP",
    "ConversionSoftware": "dcm2niix",
    "ConversionSoftwareVersion": "v1.0.20190720  GCC7.4.0",
    "Dcm2bidsVersion": "2.1.4",
    "DerivedVendorReportedEchoSpacing": 0.000689995,
    "DeviceSerialNumber": "40296",
    "DwellTime": 2.8e-06,
    "EchoTime": 0.023,
    "EffectiveEchoSpacing": 0.000344998,
    "FlipAngle": 90,
    "ImageOrientationPatientDICOM": [
      0.999599,
      -0.0254587,
      0.0123893,
      0.0279213,
      0.958935,
      -0.282249
    ],
    "ImageType": [
      "ORIGINAL",
      "PRIMARY",
      "M",
      "ND",
      "MOSAIC"
    ],
    "ImagingFrequency": 123.197,
    "InPlanePhaseEncodingDirectionDICOM": "COL",
    "InstitutionAddress": "Henri_le_Guilloux_2_Rennes_3BA938_District_FR_35000",
    "InstitutionName": "CHU_PONTCHAILLOU",
    "InstitutionalDepartmentName": "Department",
    "Instructions": "Try to move up the ball by feeling the movement of your right arm and hand. When the symbol + is displayed, rest",
    "MRAcquisitionType": "2D",
    "MagneticFieldStrength": 3,
    "Manufacturer": "Siemens",
    "ManufacturersModelName": "Verio",
    "Modality": "MR",
    "ParallelReductionFactorInPlane": 2,
    "PartialFourier": 1,
    "PatientPosition": "HFS",
    "PercentPhaseFOV": 100,
    "PhaseEncodingDirection": "j-",
    "PhaseEncodingSteps": 106,
    "PhaseResolution": 1,
    "PixelBandwidth": 1685,
    "ProcedureStepDescription": "OSS-IRM",
    "ProtocolName": "NEUROFEEDBACK_BOLD_IRMF",
    "PulseSequenceDetails": "%SiemensSeq%_ep2d_bold",
    "ReceiveCoilName": "HeadMatrix",
    "ReconMatrixPE": 106,
    "RefLinesPE": 24,
    "RepetitionTime": 2,
    "SAR": 0.0541142,
    "ScanOptions": "FS",
    "ScanningSequence": "EP",
    "SequenceName": "_epfid2d1_106",
    "SequenceVariant": "SK",
    "SeriesDescription": "NEUROFEEDBACK_BOLD_IRMF",
    "SeriesNumber": 11,
    "ShimSetting": [
      952,
      13491,
      -6460,
      466,
      -786,
      -345,
      829,
      -270
    ],
    "SliceThickness": 4,
    "SliceTiming": [
      1.0025,
      0,
      1.065,
      0.0625,
      1.1275,
      0.125,
      1.19,
      0.1875,
      1.255,
      0.25,
      1.3175,
      0.3125,
      1.38,
      0.375,
      1.4425,
      0.4375,
      1.505,
      0.5,
      1.5675,
      0.565,
      1.63,
      0.6275,
      1.6925,
      0.69,
      1.755,
      0.7525,
      1.8175,
      0.815,
      1.88,
      0.8775,
      1.945,
      0.94
    ],
    "SoftwareVersions": "syngo_MR_B17",
    "SpacingBetweenSlices": 4,
    "StationName": "MRC40296",
    "TaskName": "fmriNF",
    "TotalReadoutTime": 0.0362248,
    "TxRefAmp": 483.722,
    "dataset": "ds002336",
    "modality": "bold",
    "subject_id": "xp101",
    "task_id": "fmriNF"
  },
  "dummy_trs": 0,
  "dvars_nstd": 42.17963750722489,
  "dvars_std": 1.0834570816267945,
  "dvars_vstd": 1.023295087177034,
  "efc": 0.5837643142445811,
  "fber": 516.2655029296875,
  "fd_mean": 0.24252869930614954,
  "fd_num": 84,
  "fd_perc": 40.0,
  "fwhm_avg": 2.611584376752067,
  "fwhm_x": 2.6514335840143834,
  "fwhm_y": 3.085074546241818,
  "fwhm_z": 2.098245,
  "gcor": 0.070808,
  "gsr_x": -0.007250798400491476,
  "gsr_y": 0.0630735456943512,
  "provenance": {
    "md5sum": "0a375380c3320d1cf0de2175d8a3e4b6",
    "settings": {
      "fd_thres": 0.2,
      "testing": false
    },
    "software": "mriqc",
    "version": "21.0.0rc2",
    "webapi_port": null,
    "webapi_url": "https://mriqc.nimh.nih.gov/api/v1"
  },
  "size_t": 210,
  "size_x": 106,
  "size_y": 106,
  "size_z": 32,
  "snr": 4.833780717524246,
  "spacing_tr": 2.0,
  "spacing_x": 1.9811320304870605,
  "spacing_y": 1.9811320304870605,
  "spacing_z": 4.0,
  "summary_bg_k": 20.906901973615376,
  "summary_bg_mad": 10.14523550409854,
  "summary_bg_mean": 72.87865447998047,
  "summary_bg_median": 35.07619094848633,
  "summary_bg_n": 215429.0,
  "summary_bg_p05": 26.290477752685547,
  "summary_bg_p95": 272.04000854492085,
  "summary_bg_stdv": 102.92284393310547,
  "summary_fg_k": 0.9521310105797842,
  "summary_fg_mad": 155.3555195404287,
  "summary_fg_mean": 825.0557250976562,
  "summary_fg_median": 811.4285888671875,
  "summary_fg_n": 77655.0,
  "summary_fg_p05": 586.5023803710938,
  "summary_fg_p95": 1127.138098144532,
  "summary_fg_stdv": 167.8651580810547,
  "tsnr": 32.381156811956316
}