{
  "bids_meta": {
    "AcquisitionMatrixPE": 256,
    "AcquisitionNumber": 1,
    "AcquisitionTime": "15:51:52.372500",
    "BaseResolution": 256,
    "CoilString": "T:HEA;HEP",
    "ConversionSoftware": "dcm2niix",
    "ConversionSoftwareVersion": "v1.0.20190720  GCC7.4.0",
    "Dcm2bidsVersion": "2.1.4",
    "DeviceSerialNumber": "40296",
    "DwellTime": 9.8e-06,
    "EchoTime": 0.00226,
    "FlipAngle": 9,
    "ImageOrientationPatientDICOM": [
      -0.0103593,
      0.999946,
      4.61823e-08,
      0.00876487,
      9.08488e-05,
      -0.999962
    ],
    "ImageType": [
      "ORIGINAL",
      "PRIMARY",
      "M",
      "ND",
      "NORM",
      "FM",
      "FIL"
    ],
    "ImagingFrequency": 123.197,
    "InPlanePhaseEncodingDirectionDICOM": "ROW",
    "InstitutionAddress": "Henri_le_Guilloux_2_Rennes_3BA938_District_FR_35000",
    "InstitutionName": "CHU_PONTCHAILLOU",
    "InstitutionalDepartmentName": "Department",
    "Interpolation2D": 1,
    "InversionTime": 0.9,
    "MRAcquisitionType": "3D",
    "MagneticFieldStrength": 3,
    "Manufacturer": "Siemens",
    "ManufacturersModelName": "Verio",
    "Modality": "MR",
    "ParallelReductionFactorInPlane": 2,
    "PartialFourier": 1,
    "PatientPosition": "HFS",
    "PercentPhaseFOV": 100,
    "PhaseEncodingSteps": 255,
    "PhaseResolution": 1,
    "PixelBandwidth": 199,
    "ProcedureStepDescription": "RECHERCHE_HEMISFER",
    "ProtocolName": "T1_3D_MPRAGE",
    "PulseSequenceDetails": "%SiemensSeq%_tfl",
    "ReceiveCoilName": "HeadMatrix",
    "ReconMatrixPE": 512,
    "RefLinesPE": 24,
    "RepetitionTime": 1.9,
    "SAR": 0.0391983,
    "ScanOptions": "IR",
    "ScanningSequence": "GR_IR",
    "SequenceName": "_tfl3d1_ns",
    "SequenceVariant": "SP_MP",
    "SeriesDescription": "T1_3D_MPRAGE",
    "SeriesNumber": 11,
    "ShimSetting": [
      936,
      13482,
      -6965,
      33,
      -607,
      -326,
      728,
      -255
    ],
    "SliceThickness": 1,
    "SoftwareVersions": "syngo_MR_B17",
    "StationName": "MRC40296",
    "TxRefAmp": 453.861,
    "dataset": "ds002336",
    "modality": "T1w",
    "subject_id": "xp103"
  },
  "cjv": 0.4471340024064514,
  "cnr": 2.9562799340714547,
  "efc": 0.594370684044652,
  "fber": 1985.5783658411865,
  "fwhm_avg": 6.460326666666667,
  "fwhm_x": 3.94392,
  "fwhm_y": 7.91806,
  "fwhm_z": 7.519,
  "icvs_csf": 0.2259447974661132,
  "icvs_gm": 0.4095779651250542,
  "icvs_wm": 0.3644772374088326,
  "inu_med": 1.2856006622314453,
  "inu_range": 0.5397192001342772,
  "provenance": {
    "md5sum": "f9deaf744d1f66a2012260e768625954",
    "settings": {
      "testing": false
    },
    "software": "mriqc",
    "version": "21.0.0rc2",
    "warnings": {
      "large_rot_frame": true,
      "small_air_mask": false
    },
    "webapi_port": null,
    "webapi_url": "https://mriqc.nimh.nih.gov/api/v1"
  },
  "qi_1": 0.0,
  "qi_2": 0.004043082264168089,
  "rpve_csf": 21.847149539921634,
  "rpve_gm": 12.538547516899778,
  "rpve_wm": 16.656139758776746,
  "size_x": 176,
  "size_y": 512,
  "size_z": 512,
  "snr_csf": 3.7455341764461894,
  "snr_gm": 12.30271734046925,
  "snr_total": 12.193385841672914,
  "snr_wm": 20.531906008103302,
  "snrd_csf": 34.60848528187854,
  "snrd_gm": 60.20369505492276,
  "snrd_total": 57.858317266954565,
  "snrd_wm": 78.7627714640624,
  "spacing_x": 1.0,
  "spacing_y": 0.5,
  "spacing_z": 0.5,
  "summary_bg_k": 77.18240677736627,
  "summary_bg_mad": 8.318441873454777,
  "summary_bg_mean": 17.397596481832473,
  "summary_bg_median": 13.954827353358269,
  "summary_bg_n": 11072381.0,
  "summary_bg_p05": 5.53877168148756,
  "summary_bg_p95": 37.11696347594261,
  "summary_bg_stdv": 10.989608876368875,
  "summary_csf_k": 28.505250243883307,
  "summary_csf_mad": 123.39022112291254,
  "summary_csf_mean": 433.8484385673881,
  "summary_csf_median": 439.4331974312663,
  "summary_csf_n": 224242.0,
  "summary_csf_p05": 257.87657763808966,
  "summary_csf_p95": 595.6697181090713,
  "summary_csf_stdv": 117.32164142952624,
  "summary_gm_k": 0.06174982622729752,
  "summary_gm_mad": 59.722146783777895,
  "summary_gm_mean": 770.2038272620481,
  "summary_gm_median": 764.4224241450429,
  "summary_gm_n": 196986.0,
  "summary_gm_p05": 677.0968550369143,
  "summary_gm_p95": 883.5959304217249,
  "summary_gm_stdv": 62.134279988025625,
  "summary_wm_k": 0.6588458646323518,
  "summary_wm_mad": 45.64478361331596,
  "summary_wm_mean": 1000.0102944824308,
  "summary_wm_median": 1000.0719829574227,
  "summary_wm_n": 1145640.0,
  "summary_wm_p05": 919.7957596257329,
  "summary_wm_p95": 1079.413088992238,
  "summary_wm_stdv": 48.708168939305445,
  "tpm_overlap_csf": 0.16333021223545074,
  "tpm_overlap_gm": 0.43768879771232605,
  "tpm_overlap_wm": 0.4961548447608948,
  "wm2max": 0.4026004112008803
}