{
  "bids_meta": {
    "AcquisitionMatrixPE": 256,
    "AcquisitionNumber": 1,
    "AcquisitionTime": "12:01:27.380000",
    "BaseResolution": 256,
    "CoilString": "T:HEA;HEP",
    "ConversionSoftware": "dcm2niix",
    "ConversionSoftwareVersion": "v1.0.20190720  GCC7.4.0",
    "Dcm2bidsVersion": "2.1.4",
    "DeviceSerialNumber": "40296",
    "DwellTime": 9.8e-06,
    "EchoTime": 0.00226,
    "FlipAngle": 9,
    "ImageOrientationPatientDICOM": [
      -0.0346593,
      0.999399,
      1.6712e-08,
      0.00692087,
      0.000240033,
      -0.999976
    ],
    "ImageType": [
      "ORIGINAL",
      "PRIMARY",
      "M",
      "ND",
      "NORM",
      "FM",
      "FIL"
    ],
    "ImagingFrequency": 123.197,
    "InPlanePhaseEncodingDirectionDICOM": "ROW",
    "InstitutionAddress": "Henri_le_Guilloux_2_Rennes_3BA938_District_FR_35000",
    "InstitutionName": "CHU_PONTCHAILLOU",
    "InstitutionalDepartmentName": "Department",
    "Interpolation2D": 1,
    "InversionTime": 0.9,
    "MRAcquisitionType": "3D",
    "MagneticFieldStrength": 3,
    "Manufacturer": "Siemens",
    "ManufacturersModelName": "Verio",
    "Modality": "MR",
    "ParallelReductionFactorInPlane": 2,
    "PartialFourier": 1,
    "PatientPosition": "HFS",
    "PercentPhaseFOV": 100,
    "PhaseEncodingSteps": 255,
    "PhaseResolution": 1,
    "PixelBandwidth": 199,
    "ProcedureStepDescription": "OSS-IRM",
    "ProtocolName": "T1_3D_MPRAGE",
    "PulseSequenceDetails": "%SiemensSeq%_tfl",
    "ReceiveCoilName": "HeadMatrix",
    "ReconMatrixPE": 512,
    "RefLinesPE": 24,
    "RepetitionTime": 1.9,
    "SAR": 0.0472128,
    "ScanOptions": "IR",
    "ScanningSequence": "GR_IR",
    "SequenceName": "_tfl3d1_ns",
    "SequenceVariant": "SP_MP",
    "SeriesDescription": "T1_3D_MPRAGE",
    "SeriesNumber": 22,
    "ShimSetting": [
      936,
      13482,
      -6965,
      33,
      -607,
      -326,
      728,
      -255
    ],
    "SliceThickness": 1,
    "SoftwareVersions": "syngo_MR_B17",
    "StationName": "MRC40296",
    "TxRefAmp": 454.495,
    "dataset": "ds002336",
    "modality": "T1w",
    "subject_id": "xp102"
  },
  "cjv": 0.49224302426739597,
  "cnr": 2.681181642499798,
  "efc": 0.6136578335994193,
  "fber": 1873.9219262374136,
  "fwhm_avg": 6.336316666666666,
  "fwhm_x": 3.92757,
  "fwhm_y": 8.093,
  "fwhm_z": 6.98838,
  "icvs_csf": 0.21637675302806939,
  "icvs_gm": 0.41412351592892666,
  "icvs_wm": 0.369499731043004,
  "inu_med": 1.3758032321929932,
  "inu_range": 0.5496934890747069,
  "provenance": {
    "md5sum": "4ac72d499c026b5ee666040c31e14881",
    "settings": {
      "testing": false
    },
    "software": "mriqc",
    "version": "21.0.0rc2",
    "warnings": {
      "large_rot_frame": true,
      "small_air_mask": false
    },
    "webapi_port": null,
    "webapi_url": "https://mriqc.nimh.nih.gov/api/v1"
  },
  "qi_1": 0.0,
  "qi_2": 0.006151497369009636,
  "rpve_csf": 24.86001000949326,
  "rpve_gm": 13.951553401336529,
  "rpve_wm": 18.601102662183298,
  "size_x": 176,
  "size_y": 512,
  "size_z": 512,
  "snr_csf": 3.9366673639792418,
  "snr_gm": 11.892804426656738,
  "snr_total": 11.784183442578088,
  "snr_wm": 19.523078537098282,
  "snrd_csf": 35.77166097637629,
  "snrd_gm": 58.37438161661778,
  "snrd_total": 56.452608430496184,
  "snrd_wm": 75.21178269849446,
  "spacing_x": 1.0,
  "spacing_y": 0.5,
  "spacing_z": 0.5,
  "summary_bg_k": 67.17052870771175,
  "summary_bg_mad": 8.71103768729493,
  "summary_bg_mean": 16.4486682933417,
  "summary_bg_median": 14.799622680991888,
  "summary_bg_n": 8552771.0,
  "summary_bg_p05": 5.9309349320828915,
  "summary_bg_p95": 33.3684376552701,
  "summary_bg_stdv": 9.43013031525533,
  "summary_csf_k": 16.476005557041212,
  "summary_csf_mad": 130.09030810365917,
  "summary_csf_mean": 467.62100771445034,
  "summary_csf_median": 475.6388098336756,
  "summary_csf_n": 185675.0,
  "summary_csf_p05": 278.86480040475726,
  "summary_csf_p95": 631.3951384238899,
  "summary_csf_stdv": 120.8223822381063,
  "summary_gm_k": 0.15949348801142094,
  "summary_gm_mad": 61.30598221435866,
  "summary_gm_mean": 783.8317857091814,
  "summary_gm_median": 776.1764659248292,
  "summary_gm_n": 189012.0,
  "summary_gm_p05": 688.6536037027836,
  "summary_gm_p95": 905.8255949541926,
  "summary_gm_stdv": 65.26420386900953,
  "summary_wm_k": 0.7224140028127475,
  "summary_wm_mad": 48.89686249000456,
  "summary_wm_mean": 1000.6594514274134,
  "summary_wm_median": 1000.0554022863507,
  "summary_wm_n": 1048421.0,
  "summary_wm_p05": 917.2994597293437,
  "summary_wm_p95": 1085.1393753774464,
  "summary_wm_stdv": 51.22424332063355,
  "tpm_overlap_csf": 0.17609520256519318,
  "tpm_overlap_gm": 0.4507608711719513,
  "tpm_overlap_wm": 0.5126042366027832,
  "wm2max": 0.4098777772729338
}