{
  "aor": 0.0005754285714285715,
  "aqi": 0.019395218571428573,
  "bids_meta": {
    "AcquisitionMatrixPE": 106,
    "AcquisitionNumber": 1,
    "AcquisitionTime": "11:03:49.492500",
    "BandwidthPerPixelPhaseEncode": 27.345,
    "BaseResolution": 106,
    "CoilString": "T:HEA;HEP",
    "ConversionSoftware": "dcm2niix",
    "ConversionSoftwareVersion": "v1.0.20190720  GCC7.4.0",
    "Dcm2bidsVersion": "2.1.4",
    "DerivedVendorReportedEchoSpacing": 0.000689995,
    "DeviceSerialNumber": "40296",
    "DwellTime": 2.8e-06,
    "EchoTime": 0.023,
    "EffectiveEchoSpacing": 0.000344998,
    "FlipAngle": 90,
    "ImageOrientationPatientDICOM": [
      0.996636,
      0.0816388,
      -0.00717436,
      -0.0819385,
      0.990956,
      -0.106263
    ],
    "ImageType": [
      "ORIGINAL",
      "PRIMARY",
      "M",
      "ND",
      "MOSAIC"
    ],
    "ImagingFrequency": 123.197,
    "InPlanePhaseEncodingDirectionDICOM": "COL",
    "InstitutionAddress": "Henri_le_Guilloux_2_Rennes_3BA938_District_FR_35000",
    "InstitutionName": "CHU_PONTCHAILLOU",
    "InstitutionalDepartmentName": "Department",
    "Instructions": "Try to move up the ball by feeling the movement of your right arm and hand. When the symbol + is displayed, rest",
    "MRAcquisitionType": "2D",
    "MagneticFieldStrength": 3,
    "Manufacturer": "Siemens",
    "ManufacturersModelName": "Verio",
    "Modality": "MR",
    "ParallelReductionFactorInPlane": 2,
    "PartialFourier": 1,
    "PatientPosition": "HFS",
    "PercentPhaseFOV": 100,
    "PhaseEncodingDirection": "j-",
    "PhaseEncodingSteps": 106,
    "PhaseResolution": 1,
    "PixelBandwidth": 1685,
    "ProcedureStepDescription": "OSS-IRM",
    "ProtocolName": "ep2d_bold_online_NF_EEG_IRMF_2X10x20",
    "PulseSequenceDetails": "%SiemensSeq%_ep2d_bold",
    "ReceiveCoilName": "HeadMatrix",
    "ReconMatrixPE": 106,
    "RefLinesPE": 24,
    "RepetitionTime": 2,
    "SAR": 0.0504412,
    "ScanOptions": "FS",
    "ScanningSequence": "EP",
    "SequenceName": "_epfid2d1_106",
    "SequenceVariant": "SK",
    "SeriesDescription": "ep2d_bold_online_NF_EEG_IRMF_2X10x20",
    "SeriesNumber": 11,
    "ShimSetting": [
      982,
      13365,
      -6515,
      456,
      -560,
      -463,
      943,
      -309
    ],
    "SliceThickness": 4,
    "SliceTiming": [
      1.0025,
      0,
      1.065,
      0.0625,
      1.1275,
      0.125,
      1.19,
      0.1875,
      1.2525,
      0.25,
      1.315,
      0.3125,
      1.38,
      0.375,
      1.4425,
      0.4375,
      1.505,
      0.5,
      1.5675,
      0.5625,
      1.63,
      0.625,
      1.6925,
      0.69,
      1.755,
      0.7525,
      1.8175,
      0.815,
      1.88,
      0.8775,
      1.9425,
      0.94
    ],
    "SoftwareVersions": "syngo_MR_B17",
    "SpacingBetweenSlices": 4,
    "StationName": "MRC40296",
    "TaskName": "eegfmriNF",
    "TotalReadoutTime": 0.0362248,
    "TxRefAmp": 463.944,
    "dataset": "ds002336",
    "modality": "bold",
    "subject_id": "xp109",
    "task_id": "eegfmriNF"
  },
  "dummy_trs": 0,
  "dvars_nstd": 41.71858620535886,
  "dvars_std": 1.0362369679425838,
  "dvars_vstd": 1.0027124213875598,
  "efc": 0.5841156240636293,
  "fber": 449.68914794921875,
  "fd_mean": 0.14832592497683386,
  "fd_num": 43,
  "fd_perc": 20.476190476190474,
  "fwhm_avg": 2.5817541538995066,
  "fwhm_x": 2.5619090105530193,
  "fwhm_y": 3.0913184511455003,
  "fwhm_z": 2.092035,
  "gcor": 0.0169871,
  "gsr_x": 0.001302429474890232,
  "gsr_y": 0.043973375111818314,
  "provenance": {
    "md5sum": "8be22c5b8866c420b822b9d60f2c2eec",
    "settings": {
      "fd_thres": 0.2,
      "testing": false
    },
    "software": "mriqc",
    "version": "21.0.0rc2",
    "webapi_port": null,
    "webapi_url": "https://mriqc.nimh.nih.gov/api/v1"
  },
  "size_t": 210,
  "size_x": 106,
  "size_y": 106,
  "size_z": 32,
  "snr": 5.481853574532864,
  "spacing_tr": 2.0,
  "spacing_x": 1.9811320304870605,
  "spacing_y": 1.9811320304870605,
  "spacing_z": 4.0,
  "summary_bg_k": 24.256972274575674,
  "summary_bg_mad": 13.378719884712964,
  "summary_bg_mean": 68.92034912109375,
  "summary_bg_median": 40.27619171142578,
  "summary_bg_n": 213881.0,
  "summary_bg_p05": 28.485715866088867,
  "summary_bg_p95": 210.09048461914062,
  "summary_bg_stdv": 84.0615005493164,
  "summary_fg_k": 2.285117534971149,
  "summary_fg_mad": 137.32422067192013,
  "summary_fg_mean": 874.3767700195312,
  "summary_fg_median": 864.4285888671875,
  "summary_fg_n": 79197.0,
  "summary_fg_p05": 653.5733764648437,
  "summary_fg_p95": 1142.4219238281248,
  "summary_fg_stdv": 157.6881103515625,
  "tsnr": 30.24202195747057
}