{
  "aor": 0.0003138095238095238,
  "aqi": 0.018950908095238094,
  "bids_meta": {
    "AcquisitionMatrixPE": 106,
    "AcquisitionNumber": 1,
    "AcquisitionTime": "11:12:12.945000",
    "BandwidthPerPixelPhaseEncode": 27.345,
    "BaseResolution": 106,
    "CoilString": "T:HEA;HEP",
    "ConversionSoftware": "dcm2niix",
    "ConversionSoftwareVersion": "v1.0.20190720  GCC7.4.0",
    "Dcm2bidsVersion": "2.1.4",
    "DerivedVendorReportedEchoSpacing": 0.000689995,
    "DeviceSerialNumber": "40296",
    "DwellTime": 2.8e-06,
    "EchoTime": 0.023,
    "EffectiveEchoSpacing": 0.000344998,
    "FlipAngle": 90,
    "ImageOrientationPatientDICOM": [
      0.996636,
      0.0816388,
      -0.00717436,
      -0.0819385,
      0.990956,
      -0.106263
    ],
    "ImageType": [
      "ORIGINAL",
      "PRIMARY",
      "M",
      "ND",
      "MOSAIC"
    ],
    "ImagingFrequency": 123.197,
    "InPlanePhaseEncodingDirectionDICOM": "COL",
    "InstitutionAddress": "Henri_le_Guilloux_2_Rennes_3BA938_District_FR_35000",
    "InstitutionName": "CHU_PONTCHAILLOU",
    "InstitutionalDepartmentName": "Department",
    "Instructions": "Try to move up the ball by feeling the movement of your right arm and hand. When the symbol + is displayed, rest",
    "MRAcquisitionType": "2D",
    "MagneticFieldStrength": 3,
    "Manufacturer": "Siemens",
    "ManufacturersModelName": "Verio",
    "Modality": "MR",
    "ParallelReductionFactorInPlane": 2,
    "PartialFourier": 1,
    "PatientPosition": "HFS",
    "PercentPhaseFOV": 100,
    "PhaseEncodingDirection": "j-",
    "PhaseEncodingSteps": 106,
    "PhaseResolution": 1,
    "PixelBandwidth": 1685,
    "ProcedureStepDescription": "OSS-IRM",
    "ProtocolName": "ep2d_bold_online_NF_EEG_2X10x20",
    "PulseSequenceDetails": "%SiemensSeq%_ep2d_bold",
    "ReceiveCoilName": "HeadMatrix",
    "ReconMatrixPE": 106,
    "RefLinesPE": 24,
    "RepetitionTime": 2,
    "SAR": 0.0504412,
    "ScanOptions": "FS",
    "ScanningSequence": "EP",
    "SequenceName": "_epfid2d1_106",
    "SequenceVariant": "SK",
    "SeriesDescription": "ep2d_bold_online_NF_EEG_2X10x20",
    "SeriesNumber": 12,
    "ShimSetting": [
      982,
      13365,
      -6515,
      456,
      -560,
      -463,
      943,
      -309
    ],
    "SliceThickness": 4,
    "SliceTiming": [
      1.005,
      0,
      1.0675,
      0.0625,
      1.13,
      0.125,
      1.1925,
      0.1875,
      1.255,
      0.2525,
      1.3175,
      0.315,
      1.38,
      0.3775,
      1.4425,
      0.44,
      1.505,
      0.5025,
      1.5675,
      0.565,
      1.6325,
      0.6275,
      1.695,
      0.69,
      1.7575,
      0.7525,
      1.82,
      0.815,
      1.8825,
      0.8775,
      1.945,
      0.9425
    ],
    "SoftwareVersions": "syngo_MR_B17",
    "SpacingBetweenSlices": 4,
    "StationName": "MRC40296",
    "TaskName": "eegNF",
    "TotalReadoutTime": 0.0362248,
    "TxRefAmp": 463.944,
    "dataset": "ds002336",
    "modality": "bold",
    "subject_id": "xp109",
    "task_id": "eegNF"
  },
  "dummy_trs": 0,
  "dvars_nstd": 41.98916001741624,
  "dvars_std": 1.0276337787081342,
  "dvars_vstd": 0.9897164329665068,
  "efc": 0.584893547111027,
  "fber": 449.61859130859375,
  "fd_mean": 0.09191070515239294,
  "fd_num": 7,
  "fd_perc": 3.3333333333333335,
  "fwhm_avg": 2.5717765903350838,
  "fwhm_x": 2.550799200776945,
  "fwhm_y": 3.0928680702283056,
  "fwhm_z": 2.0716625,
  "gcor": 0.0151006,
  "gsr_x": 0.001333901658654213,
  "gsr_y": 0.04288414493203163,
  "provenance": {
    "md5sum": "c024cdbb337b6313c1fba1eb237645e7",
    "settings": {
      "fd_thres": 0.2,
      "testing": false
    },
    "software": "mriqc",
    "version": "21.0.0rc2",
    "webapi_port": null,
    "webapi_url": "https://mriqc.nimh.nih.gov/api/v1"
  },
  "size_t": 210,
  "size_x": 106,
  "size_y": 106,
  "size_z": 32,
  "snr": 5.433557521968345,
  "spacing_tr": 2.0,
  "spacing_x": 1.9811320304870605,
  "spacing_y": 1.9811320304870605,
  "spacing_z": 4.0,
  "summary_bg_k": 24.075442028185638,
  "summary_bg_mad": 12.510341332346446,
  "summary_bg_mean": 69.51702117919922,
  "summary_bg_median": 40.42857360839844,
  "summary_bg_n": 213627.0,
  "summary_bg_p05": 29.414287567138672,
  "summary_bg_p95": 209.79571838378882,
  "summary_bg_stdv": 84.53955078125,
  "summary_fg_k": 2.394011507138692,
  "summary_fg_mad": 138.24559858871845,
  "summary_fg_mean": 877.0866088867188,
  "summary_fg_median": 866.221435546875,
  "summary_fg_n": 79522.0,
  "summary_fg_p05": 655.0667114257812,
  "summary_fg_p95": 1148.3676513671874,
  "summary_fg_stdv": 159.419677734375,
  "tsnr": 31.13909542444162
}