{
  "aor": 0.0007639156626506025,
  "aqi": 0.01390902530120482,
  "bids_meta": {
    "AcquisitionMatrixPE": 106,
    "AcquisitionNumber": 1,
    "AcquisitionTime": "10:34:52.332500",
    "BandwidthPerPixelPhaseEncode": 27.345,
    "BaseResolution": 106,
    "CoilString": "T:HEA;HEP",
    "ConversionSoftware": "dcm2niix",
    "ConversionSoftwareVersion": "v1.0.20190720  GCC7.4.0",
    "Dcm2bidsVersion": "2.1.4",
    "DerivedVendorReportedEchoSpacing": 0.000689995,
    "DeviceSerialNumber": "40296",
    "DwellTime": 2.8e-06,
    "EchoTime": 0.023,
    "EffectiveEchoSpacing": 0.000344998,
    "FlipAngle": 90,
    "ImageOrientationPatientDICOM": [
      0.996636,
      0.0816388,
      -0.00717436,
      -0.0819385,
      0.990956,
      -0.106263
    ],
    "ImageType": [
      "ORIGINAL",
      "PRIMARY",
      "FMRI",
      "NONE",
      "ND",
      "MOSAIC"
    ],
    "ImagingFrequency": 123.197,
    "InPlanePhaseEncodingDirectionDICOM": "COL",
    "InstitutionAddress": "Henri_le_Guilloux_2_Rennes_3BA938_District_FR_35000",
    "InstitutionName": "CHU_PONTCHAILLOU",
    "InstitutionalDepartmentName": "Department",
    "Instructions": "When demanded,move your right hand. When the symbol + is displayed, rest",
    "MRAcquisitionType": "2D",
    "MagneticFieldStrength": 3,
    "Manufacturer": "Siemens",
    "ManufacturersModelName": "Verio",
    "Modality": "MR",
    "ParallelReductionFactorInPlane": 2,
    "PartialFourier": 1,
    "PatientPosition": "HFS",
    "PercentPhaseFOV": 100,
    "PhaseEncodingDirection": "j-",
    "PhaseEncodingSteps": 106,
    "PhaseResolution": 1,
    "PixelBandwidth": 1685,
    "ProcedureStepDescription": "OSS-IRM",
    "ProtocolName": "ep2d_bold_me_avec_GLM_2X8x20S_AVEC_EEG",
    "PulseSequenceDetails": "%SiemensSeq%_ep2d_bold",
    "ReceiveCoilName": "HeadMatrix",
    "ReconMatrixPE": 106,
    "RefLinesPE": 24,
    "RepetitionTime": 2,
    "SAR": 0.0503949,
    "ScanOptions": "FS",
    "ScanningSequence": "EP",
    "SequenceName": "_epfid2d1_106",
    "SequenceVariant": "SK",
    "SeriesDescription": "ep2d_bold_me_avec_GLM_2X8x20S_AVEC_EEG",
    "SeriesNumber": 3,
    "ShimSetting": [
      988,
      13326,
      -6585,
      205,
      -671,
      -969,
      1234,
      66
    ],
    "SliceThickness": 4,
    "SliceTiming": [
      1.0025,
      0,
      1.065,
      0.0625,
      1.1275,
      0.125,
      1.19,
      0.1875,
      1.2525,
      0.25,
      1.3175,
      0.3125,
      1.38,
      0.375,
      1.4425,
      0.4375,
      1.505,
      0.5,
      1.5675,
      0.5625,
      1.63,
      0.6275,
      1.6925,
      0.69,
      1.755,
      0.7525,
      1.8175,
      0.815,
      1.88,
      0.8775,
      1.945,
      0.94
    ],
    "SoftwareVersions": "syngo_MR_B17",
    "SpacingBetweenSlices": 4,
    "StationName": "MRC40296",
    "TaskName": "motorloc",
    "TotalReadoutTime": 0.0362248,
    "TxRefAmp": 463.944,
    "dataset": "ds002336",
    "modality": "bold",
    "subject_id": "xp109",
    "task_id": "motorloc"
  },
  "dummy_trs": 0,
  "dvars_nstd": 42.003626921939386,
  "dvars_std": 1.04921124,
  "dvars_vstd": 1.0179891168484851,
  "efc": 0.582008338040873,
  "fber": 450.7248229980469,
  "fd_mean": 0.09464291513234498,
  "fd_num": 8,
  "fd_perc": 4.819277108433735,
  "fwhm_avg": 2.5523695503648245,
  "fwhm_x": 2.559516439070121,
  "fwhm_y": 3.0461372120243526,
  "fwhm_z": 2.051455,
  "gcor": 0.0652133,
  "gsr_x": 0.001776732737198472,
  "gsr_y": 0.04438483342528343,
  "provenance": {
    "md5sum": "b2d431962743319e2ae02fd233e946ee",
    "settings": {
      "fd_thres": 0.2,
      "testing": false
    },
    "software": "mriqc",
    "version": "21.0.0rc2",
    "webapi_port": null,
    "webapi_url": "https://mriqc.nimh.nih.gov/api/v1"
  },
  "size_t": 166,
  "size_x": 106,
  "size_y": 106,
  "size_z": 32,
  "snr": 5.497354956176471,
  "spacing_tr": 2.0,
  "spacing_x": 1.9811320304870605,
  "spacing_y": 1.9811320304870605,
  "spacing_z": 4.0,
  "summary_bg_k": 21.7012243258219,
  "summary_bg_mad": 12.4413533644306,
  "summary_bg_mean": 69.4488525390625,
  "summary_bg_median": 39.891563415527344,
  "summary_bg_n": 216057.0,
  "summary_bg_p05": 28.704818725585938,
  "summary_bg_p95": 220.01927185058582,
  "summary_bg_stdv": 86.54888153076172,
  "summary_fg_k": 1.264722082524929,
  "summary_fg_mad": 141.54828868087594,
  "summary_fg_mean": 862.1482543945312,
  "summary_fg_median": 855.8373413085938,
  "summary_fg_n": 78214.0,
  "summary_fg_p05": 625.1764953613281,
  "summary_fg_p95": 1125.7451538085936,
  "summary_fg_stdv": 155.6806640625,
  "tsnr": 31.684451621724293
}