{
  "aor": 0.00082188679245283,
  "aqi": 0.013036371698113211,
  "bids_meta": {
    "AcquisitionMatrixPE": 106,
    "AcquisitionNumber": 1,
    "AcquisitionTime": "11:20:24.787500",
    "BandwidthPerPixelPhaseEncode": 27.345,
    "BaseResolution": 106,
    "CoilString": "T:HEA;HEP",
    "ConversionSoftware": "dcm2niix",
    "ConversionSoftwareVersion": "v1.0.20190720  GCC7.4.0",
    "Dcm2bidsVersion": "2.1.4",
    "DerivedVendorReportedEchoSpacing": 0.000689995,
    "DeviceSerialNumber": "40296",
    "DwellTime": 2.8e-06,
    "EchoTime": 0.023,
    "EffectiveEchoSpacing": 0.000344998,
    "FlipAngle": 90,
    "ImageOrientationPatientDICOM": [
      0.996636,
      0.0816388,
      -0.00717436,
      -0.0819385,
      0.990956,
      -0.106263
    ],
    "ImageType": [
      "ORIGINAL",
      "PRIMARY",
      "M",
      "ND",
      "MOSAIC"
    ],
    "ImagingFrequency": 123.197,
    "InPlanePhaseEncodingDirectionDICOM": "COL",
    "InstitutionAddress": "Henri_le_Guilloux_2_Rennes_3BA938_District_FR_35000",
    "InstitutionName": "CHU_PONTCHAILLOU",
    "InstitutionalDepartmentName": "Department",
    "Instructions": "When demanded, try to feel the movement of your right arm and hand. When the symbol + is displayed, rest",
    "MRAcquisitionType": "2D",
    "MagneticFieldStrength": 3,
    "Manufacturer": "Siemens",
    "ManufacturersModelName": "Verio",
    "Modality": "MR",
    "ParallelReductionFactorInPlane": 2,
    "PartialFourier": 1,
    "PatientPosition": "HFS",
    "PercentPhaseFOV": 100,
    "PhaseEncodingDirection": "j-",
    "PhaseEncodingSteps": 106,
    "PhaseResolution": 1,
    "PixelBandwidth": 1685,
    "ProcedureStepDescription": "OSS-IRM",
    "ProtocolName": "ep2d_bold_MI_POST_2x5x20",
    "PulseSequenceDetails": "%SiemensSeq%_ep2d_bold",
    "ReceiveCoilName": "HeadMatrix",
    "ReconMatrixPE": 106,
    "RefLinesPE": 24,
    "RepetitionTime": 2,
    "SAR": 0.0502718,
    "ScanOptions": "FS",
    "ScanningSequence": "EP",
    "SequenceName": "_epfid2d1_106",
    "SequenceVariant": "SK",
    "SeriesDescription": "ep2d_bold_MI_POST_2x5x20",
    "SeriesNumber": 13,
    "ShimSetting": [
      982,
      13365,
      -6515,
      456,
      -560,
      -463,
      943,
      -309
    ],
    "SliceThickness": 4,
    "SliceTiming": [
      1.005,
      0,
      1.0675,
      0.0625,
      1.13,
      0.125,
      1.1925,
      0.1875,
      1.255,
      0.25,
      1.3175,
      0.315,
      1.38,
      0.3775,
      1.4425,
      0.44,
      1.505,
      0.5025,
      1.5675,
      0.565,
      1.63,
      0.6275,
      1.695,
      0.69,
      1.7575,
      0.7525,
      1.82,
      0.815,
      1.8825,
      0.8775,
      1.945,
      0.94
    ],
    "SoftwareVersions": "syngo_MR_B17",
    "SpacingBetweenSlices": 4,
    "StationName": "MRC40296",
    "TaskName": "MIpost",
    "TotalReadoutTime": 0.0362248,
    "TxRefAmp": 463.944,
    "dataset": "ds002336",
    "modality": "bold",
    "subject_id": "xp109",
    "task_id": "MIpost"
  },
  "dummy_trs": 0,
  "dvars_nstd": 42.57448977504762,
  "dvars_std": 1.0697108201904761,
  "dvars_vstd": 1.0293543128571432,
  "efc": 0.5844291866961047,
  "fber": 440.8207092285156,
  "fd_mean": 0.061588752163093965,
  "fd_num": 1,
  "fd_perc": 0.9433962264150944,
  "fwhm_avg": 2.5624953678050466,
  "fwhm_x": 2.525359200199291,
  "fwhm_y": 3.0776394032158487,
  "fwhm_z": 2.0844875,
  "gcor": 0.0134548,
  "gsr_x": -0.00015102264296729118,
  "gsr_y": 0.04087817296385765,
  "provenance": {
    "md5sum": "0eaa714e14d7d36fbb2684c578664922",
    "settings": {
      "fd_thres": 0.2,
      "testing": false
    },
    "software": "mriqc",
    "version": "21.0.0rc2",
    "webapi_port": null,
    "webapi_url": "https://mriqc.nimh.nih.gov/api/v1"
  },
  "size_t": 106,
  "size_x": 106,
  "size_y": 106,
  "size_z": 32,
  "snr": 5.431376359917194,
  "spacing_tr": 2.0,
  "spacing_x": 1.9811320304870605,
  "spacing_y": 1.9811320304870605,
  "spacing_z": 4.0,
  "summary_bg_k": 23.677590546053136,
  "summary_bg_mad": 12.322383336631473,
  "summary_bg_mean": 69.32156372070312,
  "summary_bg_median": 40.7358512878418,
  "summary_bg_n": 213761.0,
  "summary_bg_p05": 29.707548141479492,
  "summary_bg_p95": 211.3113250732422,
  "summary_bg_stdv": 83.61351776123047,
  "summary_fg_k": 2.267450661494001,
  "summary_fg_mad": 139.79815024050683,
  "summary_fg_mean": 879.2698974609375,
  "summary_fg_median": 867.9339599609375,
  "summary_fg_n": 79323.0,
  "summary_fg_p05": 655.7981384277344,
  "summary_fg_p95": 1152.5830688476562,
  "summary_fg_stdv": 159.7989959716797,
  "tsnr": 35.27347771957284
}