{
  "aor": 0.000789622641509434,
  "aqi": 0.013908953773584906,
  "bids_meta": {
    "AcquisitionMatrixPE": 106,
    "AcquisitionNumber": 1,
    "AcquisitionTime": "10:45:47.400000",
    "BandwidthPerPixelPhaseEncode": 27.345,
    "BaseResolution": 106,
    "CoilString": "T:HEA;HEP",
    "ConversionSoftware": "dcm2niix",
    "ConversionSoftwareVersion": "v1.0.20190720  GCC7.4.0",
    "Dcm2bidsVersion": "2.1.4",
    "DerivedVendorReportedEchoSpacing": 0.000689995,
    "DeviceSerialNumber": "40296",
    "DwellTime": 2.8e-06,
    "EchoTime": 0.023,
    "EffectiveEchoSpacing": 0.000344998,
    "FlipAngle": 90,
    "ImageOrientationPatientDICOM": [
      0.996636,
      0.0816388,
      -0.00717436,
      -0.0819385,
      0.990956,
      -0.106263
    ],
    "ImageType": [
      "ORIGINAL",
      "PRIMARY",
      "M",
      "ND",
      "MOSAIC"
    ],
    "ImagingFrequency": 123.197,
    "InPlanePhaseEncodingDirectionDICOM": "COL",
    "InstitutionAddress": "Henri_le_Guilloux_2_Rennes_3BA938_District_FR_35000",
    "InstitutionName": "CHU_PONTCHAILLOU",
    "InstitutionalDepartmentName": "Department",
    "Instructions": "When demanded, try to feel the movement of your right arm and hand. When the symbol + is displayed, rest",
    "MRAcquisitionType": "2D",
    "MagneticFieldStrength": 3,
    "Manufacturer": "Siemens",
    "ManufacturersModelName": "Verio",
    "Modality": "MR",
    "ParallelReductionFactorInPlane": 2,
    "PartialFourier": 1,
    "PatientPosition": "HFS",
    "PercentPhaseFOV": 100,
    "PhaseEncodingDirection": "j-",
    "PhaseEncodingSteps": 106,
    "PhaseResolution": 1,
    "PixelBandwidth": 1685,
    "ProcedureStepDescription": "OSS-IRM",
    "ProtocolName": "ep2d_bold_MI_PRE_2x5x20",
    "PulseSequenceDetails": "%SiemensSeq%_ep2d_bold",
    "ReceiveCoilName": "HeadMatrix",
    "ReconMatrixPE": 106,
    "RefLinesPE": 24,
    "RepetitionTime": 2,
    "SAR": 0.0502718,
    "ScanOptions": "FS",
    "ScanningSequence": "EP",
    "SequenceName": "_epfid2d1_106",
    "SequenceVariant": "SK",
    "SeriesDescription": "ep2d_bold_MI_PRE_2x5x20",
    "SeriesNumber": 9,
    "ShimSetting": [
      982,
      13365,
      -6515,
      456,
      -560,
      -463,
      943,
      -309
    ],
    "SliceThickness": 4,
    "SliceTiming": [
      1.0025,
      0,
      1.065,
      0.0625,
      1.1275,
      0.125,
      1.19,
      0.1875,
      1.2525,
      0.25,
      1.315,
      0.3125,
      1.38,
      0.375,
      1.4425,
      0.4375,
      1.505,
      0.5,
      1.5675,
      0.5625,
      1.63,
      0.625,
      1.6925,
      0.69,
      1.755,
      0.7525,
      1.8175,
      0.815,
      1.88,
      0.8775,
      1.9425,
      0.94
    ],
    "SoftwareVersions": "syngo_MR_B17",
    "SpacingBetweenSlices": 4,
    "StationName": "MRC40296",
    "TaskName": "MIpre",
    "TotalReadoutTime": 0.0362248,
    "TxRefAmp": 463.944,
    "dataset": "ds002336",
    "modality": "bold",
    "subject_id": "xp109",
    "task_id": "MIpre"
  },
  "dummy_trs": 0,
  "dvars_nstd": 41.7805090772381,
  "dvars_std": 1.0617627666666667,
  "dvars_vstd": 1.0246912661904757,
  "efc": 0.5812193390905012,
  "fber": 462.6137390136719,
  "fd_mean": 0.06796525672241015,
  "fd_num": 1,
  "fd_perc": 0.9433962264150944,
  "fwhm_avg": 2.5378725975298866,
  "fwhm_x": 2.4853568183385946,
  "fwhm_y": 3.0603159742510657,
  "fwhm_z": 2.067945,
  "gcor": 0.010267,
  "gsr_x": 0.0015107865910977125,
  "gsr_y": 0.044085193425416946,
  "provenance": {
    "md5sum": "90aa05f2075e687cd153af76206ae547",
    "settings": {
      "fd_thres": 0.2,
      "testing": false
    },
    "software": "mriqc",
    "version": "21.0.0rc2",
    "webapi_port": null,
    "webapi_url": "https://mriqc.nimh.nih.gov/api/v1"
  },
  "size_t": 106,
  "size_x": 106,
  "size_y": 106,
  "size_z": 32,
  "snr": 5.4984615682784295,
  "spacing_tr": 2.0,
  "spacing_x": 1.9811320304870605,
  "spacing_y": 1.9811320304870605,
  "spacing_z": 4.0,
  "summary_bg_k": 24.909644702628537,
  "summary_bg_mad": 12.224475056046527,
  "summary_bg_mean": 66.96839904785156,
  "summary_bg_median": 39.5,
  "summary_bg_n": 214635.0,
  "summary_bg_p05": 28.650943756103516,
  "summary_bg_p95": 201.97169494628906,
  "summary_bg_stdv": 81.59320831298828,
  "summary_fg_k": 2.224466152868911,
  "summary_fg_mad": 136.51125080308137,
  "summary_fg_mean": 867.902099609375,
  "summary_fg_median": 860.867919921875,
  "summary_fg_n": 78747.0,
  "summary_fg_p05": 638.9556579589844,
  "summary_fg_p95": 1128.995263671875,
  "summary_fg_stdv": 156.56423950195312,
  "tsnr": 34.76901398348855
}