{
  "bids_meta": {
    "AcquisitionMatrixPE": 256,
    "AcquisitionNumber": 1,
    "AcquisitionTime": "17:47:0.390000",
    "BaseResolution": 256,
    "CoilString": "T:HEA;HEP",
    "ConversionSoftware": "dcm2niix",
    "ConversionSoftwareVersion": "v1.0.20190720  GCC7.4.0",
    "Dcm2bidsVersion": "2.1.4",
    "DeviceSerialNumber": "40296",
    "DwellTime": 9.8e-06,
    "EchoTime": 0.00226,
    "FlipAngle": 9,
    "ImageOrientationPatientDICOM": [
      0.0174771,
      0.999847,
      -2.43312e-08,
      -0.0331141,
      0.000578803,
      -0.999451
    ],
    "ImageType": [
      "ORIGINAL",
      "PRIMARY",
      "M",
      "ND",
      "NORM",
      "FM",
      "FIL"
    ],
    "ImagingFrequency": 123.197,
    "InPlanePhaseEncodingDirectionDICOM": "ROW",
    "InstitutionAddress": "Henri_le_Guilloux_2_Rennes_3BA938_District_FR_35000",
    "InstitutionName": "CHU_PONTCHAILLOU",
    "InstitutionalDepartmentName": "Department",
    "Interpolation2D": 1,
    "InversionTime": 0.9,
    "MRAcquisitionType": "3D",
    "MagneticFieldStrength": 3,
    "Manufacturer": "Siemens",
    "ManufacturersModelName": "Verio",
    "Modality": "MR",
    "ParallelReductionFactorInPlane": 2,
    "PartialFourier": 1,
    "PatientPosition": "HFS",
    "PercentPhaseFOV": 100,
    "PhaseEncodingSteps": 255,
    "PhaseResolution": 1,
    "PixelBandwidth": 199,
    "ProcedureStepDescription": "RECHERCHE_HEMISFER",
    "ProtocolName": "T1_3D_MPRAGE",
    "PulseSequenceDetails": "%SiemensSeq%_tfl",
    "ReceiveCoilName": "HeadMatrix",
    "ReconMatrixPE": 512,
    "RefLinesPE": 24,
    "RepetitionTime": 1.9,
    "SAR": 0.037776,
    "ScanOptions": "IR",
    "ScanningSequence": "GR_IR",
    "SequenceName": "_tfl3d1_ns",
    "SequenceVariant": "SP_MP",
    "SeriesDescription": "T1_3D_MPRAGE",
    "SeriesNumber": 9,
    "ShimSetting": [
      936,
      13482,
      -6965,
      33,
      -607,
      -326,
      728,
      -255
    ],
    "SliceThickness": 1,
    "SoftwareVersions": "syngo_MR_B17",
    "StationName": "MRC40296",
    "TxRefAmp": 482.643,
    "dataset": "ds002336",
    "modality": "T1w",
    "subject_id": "xp104"
  },
  "cjv": 0.4610025218864747,
  "cnr": 2.8547385922058814,
  "efc": 0.6014652906741822,
  "fber": 2065.9481829802776,
  "fwhm_avg": 6.4835899999999995,
  "fwhm_x": 4.01357,
  "fwhm_y": 8.2559,
  "fwhm_z": 7.1813,
  "icvs_csf": 0.21711345902531023,
  "icvs_gm": 0.42032895593754477,
  "icvs_wm": 0.36255758503714497,
  "inu_med": 1.2199584245681763,
  "inu_range": 0.514759799838066,
  "provenance": {
    "md5sum": "7948e3153cdfda544adca0f8d3ebd97e",
    "settings": {
      "testing": false
    },
    "software": "mriqc",
    "version": "21.0.0rc2",
    "warnings": {
      "large_rot_frame": true,
      "small_air_mask": false
    },
    "webapi_port": null,
    "webapi_url": "https://mriqc.nimh.nih.gov/api/v1"
  },
  "qi_1": 0.0,
  "qi_2": 0.0041788732454674975,
  "rpve_csf": 23.55288994579904,
  "rpve_gm": 13.21136933175959,
  "rpve_wm": 17.81936640969643,
  "size_x": 176,
  "size_y": 512,
  "size_z": 512,
  "snr_csf": 3.3004889006329656,
  "snr_gm": 12.492466189446692,
  "snr_total": 12.257905549443484,
  "snr_wm": 20.98076155825079,
  "snrd_csf": 39.43558246513481,
  "snrd_gm": 66.47880808988114,
  "snrd_total": 63.8962487800379,
  "snrd_wm": 85.77435578509775,
  "spacing_x": 1.0,
  "spacing_y": 0.5,
  "spacing_z": 0.5,
  "summary_bg_k": 104.80738457570115,
  "summary_bg_mad": 7.6379050660964145,
  "summary_bg_mean": 15.624484686860654,
  "summary_bg_median": 12.821980714797974,
  "summary_bg_n": 9350292.0,
  "summary_bg_p05": 5.094447694718838,
  "summary_bg_p95": 33.085289523005486,
  "summary_bg_stdv": 9.42666132935642,
  "summary_csf_k": 40.210115347276194,
  "summary_csf_mad": 100.90521248431818,
  "summary_csf_mean": 457.5962275665135,
  "summary_csf_median": 459.7595942020416,
  "summary_csf_n": 228055.0,
  "summary_csf_p05": 277.21809197217226,
  "summary_csf_p95": 600.0744215510779,
  "summary_csf_stdv": 139.30014614234835,
  "summary_gm_k": -0.010745490541673508,
  "summary_gm_mad": 59.99998757477961,
  "summary_gm_mean": 781.1449843011001,
  "summary_gm_median": 775.0429414212704,
  "summary_gm_n": 245122.0,
  "summary_gm_p05": 688.494571596384,
  "summary_gm_p95": 894.7338417544961,
  "summary_gm_stdv": 62.04070107000523,
  "summary_wm_k": 0.5353528575245146,
  "summary_wm_mad": 43.705790100440595,
  "summary_wm_mean": 998.5216043647101,
  "summary_wm_median": 1000.0000137835741,
  "summary_wm_n": 1108406.0,
  "summary_wm_p05": 915.9702473133802,
  "summary_wm_p95": 1074.3560537323356,
  "summary_wm_stdv": 47.66269136174267,
  "tpm_overlap_csf": 0.14826801419258118,
  "tpm_overlap_gm": 0.43692755699157715,
  "tpm_overlap_wm": 0.48947855830192566,
  "wm2max": 0.3988402356056801
}