{
  "bids_meta": {
    "AcquisitionMatrixPE": 256,
    "AcquisitionNumber": 1,
    "AcquisitionTime": "14:37:6.377500",
    "BaseResolution": 256,
    "CoilString": "T:HEA;HEP",
    "ConversionSoftware": "dcm2niix",
    "ConversionSoftwareVersion": "v1.0.20190720  GCC7.4.0",
    "Dcm2bidsVersion": "2.1.4",
    "DeviceSerialNumber": "40296",
    "DwellTime": 9.8e-06,
    "EchoTime": 0.00226,
    "FlipAngle": 9,
    "ImageOrientationPatientDICOM": [
      0.0299064,
      0.999553,
      -2.14426e-08,
      -0.00701894,
      0.000209984,
      -0.999975
    ],
    "ImageType": [
      "ORIGINAL",
      "PRIMARY",
      "M",
      "ND",
      "NORM",
      "FM",
      "FIL"
    ],
    "ImagingFrequency": 123.197,
    "InPlanePhaseEncodingDirectionDICOM": "ROW",
    "InstitutionAddress": "Henri_le_Guilloux_2_Rennes_3BA938_District_FR_35000",
    "InstitutionName": "CHU_PONTCHAILLOU",
    "InstitutionalDepartmentName": "Department",
    "Interpolation2D": 1,
    "InversionTime": 0.9,
    "MRAcquisitionType": "3D",
    "MagneticFieldStrength": 3,
    "Manufacturer": "Siemens",
    "ManufacturersModelName": "Verio",
    "Modality": "MR",
    "ParallelReductionFactorInPlane": 2,
    "PartialFourier": 1,
    "PatientPosition": "HFS",
    "PercentPhaseFOV": 100,
    "PhaseEncodingSteps": 255,
    "PhaseResolution": 1,
    "PixelBandwidth": 199,
    "ProcedureStepDescription": "OSS-IRM",
    "ProtocolName": "T1_3D_MPRAGE",
    "PulseSequenceDetails": "%SiemensSeq%_tfl",
    "ReceiveCoilName": "HeadMatrix",
    "ReconMatrixPE": 512,
    "RefLinesPE": 24,
    "RepetitionTime": 1.9,
    "SAR": 0.0392814,
    "ScanOptions": "IR",
    "ScanningSequence": "GR_IR",
    "SequenceName": "_tfl3d1_ns",
    "SequenceVariant": "SP_MP",
    "SeriesDescription": "T1_3D_MPRAGE",
    "SeriesNumber": 9,
    "ShimSetting": [
      936,
      13482,
      -6965,
      33,
      -607,
      -326,
      728,
      -255
    ],
    "SliceThickness": 1,
    "SoftwareVersions": "syngo_MR_B17",
    "StationName": "MRC40296",
    "TxRefAmp": 483.722,
    "dataset": "ds002336",
    "modality": "T1w",
    "subject_id": "xp101"
  },
  "cjv": 0.45518489164645676,
  "cnr": 2.836201793295973,
  "efc": 0.598970818893502,
  "fber": 2264.226836628981,
  "fwhm_avg": 6.6424666666666665,
  "fwhm_x": 4.04274,
  "fwhm_y": 8.15728,
  "fwhm_z": 7.72738,
  "icvs_csf": 0.23806359531861704,
  "icvs_gm": 0.42218696647140846,
  "icvs_wm": 0.3397494382099745,
  "inu_med": 1.5708991289138794,
  "inu_range": 0.6544026136398315,
  "provenance": {
    "md5sum": "98dd540e67a019d05595709424c6a713",
    "settings": {
      "testing": false
    },
    "software": "mriqc",
    "version": "21.0.0rc2",
    "warnings": {
      "large_rot_frame": true,
      "small_air_mask": false
    },
    "webapi_port": null,
    "webapi_url": "https://mriqc.nimh.nih.gov/api/v1"
  },
  "qi_1": 0.0,
  "qi_2": 0.0038511680259416103,
  "rpve_csf": 23.037789894408146,
  "rpve_gm": 13.44195039962576,
  "rpve_wm": 19.11938274561706,
  "size_x": 176,
  "size_y": 512,
  "size_z": 512,
  "snr_csf": 3.6673383118136007,
  "snr_gm": 12.605942438241838,
  "snr_total": 11.223264043817279,
  "snr_wm": 17.396511381396394,
  "snrd_csf": 29.95333930658762,
  "snrd_gm": 57.44476031400365,
  "snrd_total": 54.277933783872676,
  "snrd_wm": 75.43570173102677,
  "spacing_x": 1.0,
  "spacing_y": 0.5,
  "spacing_z": 0.5,
  "summary_bg_k": 26.985044118127437,
  "summary_bg_mad": 8.684699004133737,
  "summary_bg_mean": 16.221559990729,
  "summary_bg_median": 12.552300989627838,
  "summary_bg_n": 10151108.0,
  "summary_bg_p05": 6.066945478320122,
  "summary_bg_p95": 35.355647787451744,
  "summary_bg_stdv": 10.841643222811875,
  "summary_csf_k": 37.744256230183986,
  "summary_csf_mad": 109.33415710561223,
  "summary_csf_mean": 407.0993542360488,
  "summary_csf_median": 397.0711213052273,
  "summary_csf_n": 260771.0,
  "summary_csf_p05": 261.40166810899973,
  "summary_csf_p95": 573.3263477012515,
  "summary_csf_stdv": 108.27208351211337,
  "summary_gm_k": 0.4568200643478022,
  "summary_gm_mad": 56.450543526869296,
  "summary_gm_mean": 767.2635205866611,
  "summary_gm_median": 761.5062600374222,
  "summary_gm_n": 215924.0,
  "summary_gm_p05": 677.7196509316564,
  "summary_gm_p95": 876.8828266337514,
  "summary_gm_stdv": 60.40837489141924,
  "summary_wm_k": 0.6150061797685211,
  "summary_wm_mad": 52.10819402480243,
  "summary_wm_mean": 997.3524456119569,
  "summary_wm_median": 999.9999788403511,
  "summary_wm_n": 951700.0,
  "summary_wm_p05": 895.5020731016994,
  "summary_wm_p95": 1087.5522782430053,
  "summary_wm_stdv": 57.4827579818082,
  "tpm_overlap_csf": 0.1631385236978531,
  "tpm_overlap_gm": 0.435990571975708,
  "tpm_overlap_wm": 0.4853197932243347,
  "wm2max": 0.4105647412497316
}