{
  "aor": 0.001134142857142857,
  "aqi": 0.0062777646190476195,
  "bids_meta": {
    "AcquisitionMatrixPE": 106,
    "AcquisitionNumber": 1,
    "AcquisitionTime": "17:28:21.820000",
    "BandwidthPerPixelPhaseEncode": 27.345,
    "BaseResolution": 106,
    "CoilString": "T:HEA;HEP",
    "ConversionSoftware": "dcm2niix",
    "ConversionSoftwareVersion": "v1.0.20190720  GCC7.4.0",
    "Dcm2bidsVersion": "2.1.4",
    "DerivedVendorReportedEchoSpacing": 0.000689995,
    "DeviceSerialNumber": "40296",
    "DwellTime": 2.8e-06,
    "EchoTime": 0.023,
    "EffectiveEchoSpacing": 0.000344998,
    "FlipAngle": 90,
    "ImageOrientationPatientDICOM": [
      0.999262,
      -0.0187687,
      -0.0335003,
      0.00872045,
      0.960534,
      -0.278027
    ],
    "ImageType": [
      "ORIGINAL",
      "PRIMARY",
      "M",
      "ND",
      "MOSAIC"
    ],
    "ImagingFrequency": 123.197,
    "InPlanePhaseEncodingDirectionDICOM": "COL",
    "InstitutionAddress": "Henri_le_Guilloux_2_Rennes_3BA938_District_FR_35000",
    "InstitutionName": "CHU_PONTCHAILLOU",
    "InstitutionalDepartmentName": "Department",
    "Instructions": "Try to move up the ball by feeling the movement of your right arm and hand. When the symbol + is displayed, rest",
    "MRAcquisitionType": "2D",
    "MagneticFieldStrength": 3,
    "Manufacturer": "Siemens",
    "ManufacturersModelName": "Verio",
    "Modality": "MR",
    "ParallelReductionFactorInPlane": 2,
    "PartialFourier": 1,
    "PatientPosition": "HFS",
    "PercentPhaseFOV": 100,
    "PhaseEncodingDirection": "j-",
    "PhaseEncodingSteps": 106,
    "PhaseResolution": 1,
    "PixelBandwidth": 1685,
    "ProcedureStepDescription": "RECHERCHE_HEMISFER",
    "ProtocolName": "2eme_ep2d_bold_online_2X10x20_EEG_IRMF",
    "PulseSequenceDetails": "%SiemensSeq%_ep2d_bold",
    "ReceiveCoilName": "HeadMatrix",
    "ReconMatrixPE": 106,
    "RefLinesPE": 24,
    "RepetitionTime": 2,
    "SAR": 0.0520404,
    "ScanOptions": "FS",
    "ScanningSequence": "EP",
    "SequenceName": "_epfid2d1_106",
    "SequenceVariant": "SK",
    "SeriesDescription": "2eme_ep2d_bold_online_2X10x20_EEG_IRMF",
    "SeriesNumber": 7,
    "ShimSetting": [
      898,
      13487,
      -6525,
      352,
      -708,
      -568,
      663,
      -242
    ],
    "SliceThickness": 4,
    "SliceTiming": [
      1.005,
      0,
      1.0675,
      0.065,
      1.13,
      0.1275,
      1.1925,
      0.19,
      1.255,
      0.2525,
      1.3175,
      0.315,
      1.38,
      0.3775,
      1.445,
      0.44,
      1.5075,
      0.5025,
      1.57,
      0.565,
      1.6325,
      0.6275,
      1.695,
      0.69,
      1.7575,
      0.755,
      1.82,
      0.8175,
      1.8825,
      0.88,
      1.945,
      0.9425
    ],
    "SoftwareVersions": "syngo_MR_B17",
    "SpacingBetweenSlices": 4,
    "StationName": "MRC40296",
    "TaskName": "eegfmriNF",
    "TotalReadoutTime": 0.0362248,
    "TxRefAmp": 482.643,
    "dataset": "ds002336",
    "modality": "bold",
    "subject_id": "xp104",
    "task_id": "eegfmriNF"
  },
  "dummy_trs": 0,
  "dvars_nstd": 35.523426804306226,
  "dvars_std": 1.0589887055980862,
  "dvars_vstd": 1.0065285952153116,
  "efc": 0.5706573834761877,
  "fber": 541.6571044921875,
  "fd_mean": 0.09345061044480103,
  "fd_num": 7,
  "fd_perc": 3.3333333333333335,
  "fwhm_avg": 2.97800921649335,
  "fwhm_x": 3.016674258974399,
  "fwhm_y": 3.566455890505652,
  "fwhm_z": 2.3508975,
  "gcor": 0.117951,
  "gsr_x": -0.015283836051821709,
  "gsr_y": 0.04618767276406288,
  "provenance": {
    "md5sum": "2826025cc983fe92945500456993969e",
    "settings": {
      "fd_thres": 0.2,
      "testing": false
    },
    "software": "mriqc",
    "version": "21.0.0rc2",
    "webapi_port": null,
    "webapi_url": "https://mriqc.nimh.nih.gov/api/v1"
  },
  "size_t": 210,
  "size_x": 106,
  "size_y": 106,
  "size_z": 32,
  "snr": 4.316001084006435,
  "spacing_tr": 2.0,
  "spacing_x": 1.9811320304870605,
  "spacing_y": 1.9811320304870605,
  "spacing_z": 4.0,
  "summary_bg_k": 13.489596744016165,
  "summary_bg_mad": 11.39485769716347,
  "summary_bg_mean": 76.7409439086914,
  "summary_bg_median": 38.21428680419922,
  "summary_bg_n": 220390.0,
  "summary_bg_p05": 28.400001525878906,
  "summary_bg_p95": 286.74119262695297,
  "summary_bg_stdv": 97.8518295288086,
  "summary_fg_k": 0.5483716593283794,
  "summary_fg_mad": 193.39479958097596,
  "summary_fg_mean": 921.6513671875,
  "summary_fg_median": 905.5809936523438,
  "summary_fg_n": 74105.0,
  "summary_fg_p05": 606.5962280273437,
  "summary_fg_p95": 1305.5076171875,
  "summary_fg_stdv": 209.8180389404297,
  "tsnr": 38.789137346320786
}