{
  "aor": 0.00043433734939759037,
  "aqi": 0.0054919269879518074,
  "bids_meta": {
    "AcquisitionMatrixPE": 106,
    "AcquisitionNumber": 1,
    "AcquisitionTime": "16:40:0.342500",
    "BandwidthPerPixelPhaseEncode": 27.345,
    "BaseResolution": 106,
    "CoilString": "T:HEA;HEP",
    "ConversionSoftware": "dcm2niix",
    "ConversionSoftwareVersion": "v1.0.20190720  GCC7.4.0",
    "Dcm2bidsVersion": "2.1.4",
    "DerivedVendorReportedEchoSpacing": 0.000689995,
    "DeviceSerialNumber": "40296",
    "DwellTime": 2.8e-06,
    "EchoTime": 0.023,
    "EffectiveEchoSpacing": 0.000344998,
    "FlipAngle": 90,
    "ImageOrientationPatientDICOM": [
      0.999148,
      -0.0283753,
      -0.0299582,
      0.0174402,
      0.948391,
      -0.316624
    ],
    "ImageType": [
      "ORIGINAL",
      "PRIMARY",
      "FMRI",
      "NONE",
      "ND",
      "MOSAIC"
    ],
    "ImagingFrequency": 123.197,
    "InPlanePhaseEncodingDirectionDICOM": "COL",
    "InstitutionAddress": "Henri_le_Guilloux_2_Rennes_3BA938_District_FR_35000",
    "InstitutionName": "CHU_PONTCHAILLOU",
    "InstitutionalDepartmentName": "Department",
    "Instructions": "When demanded,move your right hand. When the symbol + is displayed, rest",
    "MRAcquisitionType": "2D",
    "MagneticFieldStrength": 3,
    "Manufacturer": "Siemens",
    "ManufacturersModelName": "Verio",
    "Modality": "MR",
    "ParallelReductionFactorInPlane": 2,
    "PartialFourier": 1,
    "PatientPosition": "HFS",
    "PercentPhaseFOV": 100,
    "PhaseEncodingDirection": "j-",
    "PhaseEncodingSteps": 106,
    "PhaseResolution": 1,
    "PixelBandwidth": 1685,
    "ProcedureStepDescription": "RECHERCHE_HEMISFER",
    "ProtocolName": "ep2d_bold_me_avec_GLM_2X8x20S_AVEC_EEG",
    "PulseSequenceDetails": "%SiemensSeq%_ep2d_bold",
    "ReceiveCoilName": "HeadMatrix",
    "ReconMatrixPE": 106,
    "RefLinesPE": 24,
    "RepetitionTime": 2,
    "SAR": 0.0519926,
    "ScanOptions": "FS",
    "ScanningSequence": "EP",
    "SequenceName": "_epfid2d1_106",
    "SequenceVariant": "SK",
    "SeriesDescription": "ep2d_bold_me_avec_GLM_2X8x20S_AVEC_EEG",
    "SeriesNumber": 3,
    "ShimSetting": [
      903,
      13467,
      -6532,
      359,
      -696,
      -615,
      735,
      -243
    ],
    "SliceThickness": 4,
    "SliceTiming": [
      1.005,
      0,
      1.0675,
      0.0625,
      1.13,
      0.125,
      1.1925,
      0.1875,
      1.255,
      0.2525,
      1.3175,
      0.315,
      1.38,
      0.3775,
      1.4425,
      0.44,
      1.505,
      0.5025,
      1.5675,
      0.565,
      1.6325,
      0.6275,
      1.695,
      0.69,
      1.7575,
      0.7525,
      1.82,
      0.815,
      1.8825,
      0.8775,
      1.945,
      0.9425
    ],
    "SoftwareVersions": "syngo_MR_B17",
    "SpacingBetweenSlices": 4,
    "StationName": "MRC40296",
    "TaskName": "motorloc",
    "TotalReadoutTime": 0.0362248,
    "TxRefAmp": 474.314,
    "dataset": "ds002336",
    "modality": "bold",
    "subject_id": "xp104",
    "task_id": "motorloc"
  },
  "dummy_trs": 0,
  "dvars_nstd": 33.74465538951514,
  "dvars_std": 1.038945726545454,
  "dvars_vstd": 1.0097525150303035,
  "efc": 0.5699730327125371,
  "fber": 541.628662109375,
  "fd_mean": 0.06193037711962872,
  "fd_num": 0,
  "fd_perc": 0.0,
  "fwhm_avg": 2.9592123909757984,
  "fwhm_x": 3.0145694017837483,
  "fwhm_y": 3.552610271143647,
  "fwhm_z": 2.3104575,
  "gcor": 0.116227,
  "gsr_x": -0.015635354444384575,
  "gsr_y": 0.04423840343952179,
  "provenance": {
    "md5sum": "317ca7b7254484c7c79218958eda3f7e",
    "settings": {
      "fd_thres": 0.2,
      "testing": false
    },
    "software": "mriqc",
    "version": "21.0.0rc2",
    "webapi_port": null,
    "webapi_url": "https://mriqc.nimh.nih.gov/api/v1"
  },
  "size_t": 166,
  "size_x": 106,
  "size_y": 106,
  "size_z": 32,
  "snr": 4.340989545382112,
  "spacing_tr": 2.0,
  "spacing_x": 1.9811320304870605,
  "spacing_y": 1.9811320304870605,
  "spacing_z": 4.0,
  "summary_bg_k": 14.078264081255771,
  "summary_bg_mad": 10.547908511122015,
  "summary_bg_mean": 74.7474136352539,
  "summary_bg_median": 37.65662384033203,
  "summary_bg_n": 219866.0,
  "summary_bg_p05": 28.698793411254883,
  "summary_bg_p95": 278.95782470703125,
  "summary_bg_stdv": 95.49868774414062,
  "summary_fg_k": 0.6131241212143492,
  "summary_fg_mad": 187.11156685136555,
  "summary_fg_mean": 909.3966674804688,
  "summary_fg_median": 892.7830810546875,
  "summary_fg_n": 74221.0,
  "summary_fg_p05": 600.2108154296875,
  "summary_fg_p95": 1286.2830810546875,
  "summary_fg_stdv": 205.662109375,
  "tsnr": 40.47053760336712
}