{
  "aor": 0.0009215714285714286,
  "aqi": 0.006843766619047619,
  "bids_meta": {
    "AcquisitionMatrixPE": 106,
    "AcquisitionNumber": 1,
    "AcquisitionTime": "17:15:55.220000",
    "BandwidthPerPixelPhaseEncode": 27.345,
    "BaseResolution": 106,
    "CoilString": "T:HEA;HEP",
    "ConversionSoftware": "dcm2niix",
    "ConversionSoftwareVersion": "v1.0.20190720  GCC7.4.0",
    "Dcm2bidsVersion": "2.1.4",
    "DerivedVendorReportedEchoSpacing": 0.000689995,
    "DeviceSerialNumber": "40296",
    "DwellTime": 2.8e-06,
    "EchoTime": 0.023,
    "EffectiveEchoSpacing": 0.000344998,
    "FlipAngle": 90,
    "ImageOrientationPatientDICOM": [
      0.999262,
      -0.0187687,
      -0.0335003,
      0.00872045,
      0.960534,
      -0.278027
    ],
    "ImageType": [
      "ORIGINAL",
      "PRIMARY",
      "M",
      "ND",
      "MOSAIC"
    ],
    "ImagingFrequency": 123.197,
    "InPlanePhaseEncodingDirectionDICOM": "COL",
    "InstitutionAddress": "Henri_le_Guilloux_2_Rennes_3BA938_District_FR_35000",
    "InstitutionName": "CHU_PONTCHAILLOU",
    "InstitutionalDepartmentName": "Department",
    "Instructions": "Try to move up the ball by feeling the movement of your right arm and hand. When the symbol + is displayed, rest",
    "MRAcquisitionType": "2D",
    "MagneticFieldStrength": 3,
    "Manufacturer": "Siemens",
    "ManufacturersModelName": "Verio",
    "Modality": "MR",
    "ParallelReductionFactorInPlane": 2,
    "PartialFourier": 1,
    "PatientPosition": "HFS",
    "PercentPhaseFOV": 100,
    "PhaseEncodingDirection": "j-",
    "PhaseEncodingSteps": 106,
    "PhaseResolution": 1,
    "PixelBandwidth": 1685,
    "ProcedureStepDescription": "RECHERCHE_HEMISFER",
    "ProtocolName": "ep2d_bold_online_2X10x20",
    "PulseSequenceDetails": "%SiemensSeq%_ep2d_bold",
    "ReceiveCoilName": "HeadMatrix",
    "ReconMatrixPE": 106,
    "RefLinesPE": 24,
    "RepetitionTime": 2,
    "SAR": 0.0520404,
    "ScanOptions": "FS",
    "ScanningSequence": "EP",
    "SequenceName": "_epfid2d1_106",
    "SequenceVariant": "SK",
    "SeriesDescription": "ep2d_bold_online_2X10x20",
    "SeriesNumber": 5,
    "ShimSetting": [
      905,
      13482,
      -6520,
      369,
      -668,
      -559,
      714,
      -226
    ],
    "SliceThickness": 4,
    "SliceTiming": [
      1.0025,
      0,
      1.065,
      0.0625,
      1.1275,
      0.125,
      1.19,
      0.1875,
      1.255,
      0.25,
      1.3175,
      0.3125,
      1.38,
      0.375,
      1.4425,
      0.4375,
      1.505,
      0.5,
      1.5675,
      0.565,
      1.63,
      0.6275,
      1.6925,
      0.69,
      1.755,
      0.7525,
      1.8175,
      0.815,
      1.88,
      0.8775,
      1.945,
      0.94
    ],
    "SoftwareVersions": "syngo_MR_B17",
    "SpacingBetweenSlices": 4,
    "StationName": "MRC40296",
    "TaskName": "fmriNF",
    "TotalReadoutTime": 0.0362248,
    "TxRefAmp": 482.643,
    "dataset": "ds002336",
    "modality": "bold",
    "subject_id": "xp104",
    "task_id": "fmriNF"
  },
  "dummy_trs": 0,
  "dvars_nstd": 35.51195042459331,
  "dvars_std": 1.0358972200478471,
  "dvars_vstd": 0.995637595358852,
  "efc": 0.5709040451085146,
  "fber": 533.4270629882812,
  "fd_mean": 0.10819755092657171,
  "fd_num": 14,
  "fd_perc": 6.666666666666667,
  "fwhm_avg": 2.988980018305219,
  "fwhm_x": 3.037717783261748,
  "fwhm_y": 3.575082271653908,
  "fwhm_z": 2.35414,
  "gcor": 0.157895,
  "gsr_x": -0.015670940279960632,
  "gsr_y": 0.04626902937889099,
  "provenance": {
    "md5sum": "8930d8520f6b5237c664c8a3929a3318",
    "settings": {
      "fd_thres": 0.2,
      "testing": false
    },
    "software": "mriqc",
    "version": "21.0.0rc2",
    "webapi_port": null,
    "webapi_url": "https://mriqc.nimh.nih.gov/api/v1"
  },
  "size_t": 210,
  "size_x": 106,
  "size_y": 106,
  "size_z": 32,
  "snr": 4.274554064900592,
  "spacing_tr": 2.0,
  "spacing_x": 1.9811320304870605,
  "spacing_y": 1.9811320304870605,
  "spacing_z": 4.0,
  "summary_bg_k": 13.446146195139683,
  "summary_bg_mad": 11.006561425214768,
  "summary_bg_mean": 75.71824645996094,
  "summary_bg_median": 37.81428527832031,
  "summary_bg_n": 220277.0,
  "summary_bg_p05": 28.414287567138672,
  "summary_bg_p95": 280.81334838867156,
  "summary_bg_stdv": 96.10405731201172,
  "summary_fg_k": 0.5596073169296614,
  "summary_fg_mad": 190.26024150309968,
  "summary_fg_mean": 907.1792602539062,
  "summary_fg_median": 889.0357666015625,
  "summary_fg_n": 73990.0,
  "summary_fg_p05": 595.975244140625,
  "summary_fg_p95": 1290.631280517578,
  "summary_fg_stdv": 207.98187255859375,
  "tsnr": 36.40634149778634
}