{
  "bids_meta": {
    "AcquisitionMatrixPE": 256,
    "AcquisitionNumber": 1,
    "AcquisitionTime": "11:24:13.395000",
    "BaseResolution": 256,
    "CoilString": "T:HEA;HEP",
    "ConversionSoftware": "dcm2niix",
    "ConversionSoftwareVersion": "v1.0.20190720  GCC7.4.0",
    "Dcm2bidsVersion": "2.1.4",
    "DeviceSerialNumber": "40296",
    "DwellTime": 9.8e-06,
    "EchoTime": 0.00226,
    "FlipAngle": 9,
    "ImageOrientationPatientDICOM": [
      -0.104336,
      0.994542,
      2.07737e-08,
      0.0450177,
      0.00472277,
      -0.998975
    ],
    "ImageType": [
      "ORIGINAL",
      "PRIMARY",
      "M",
      "ND",
      "NORM",
      "FM",
      "FIL"
    ],
    "ImagingFrequency": 123.197,
    "InPlanePhaseEncodingDirectionDICOM": "ROW",
    "InstitutionAddress": "Henri_le_Guilloux_2_Rennes_3BA938_District_FR_35000",
    "InstitutionName": "CHU_PONTCHAILLOU",
    "InstitutionalDepartmentName": "Department",
    "Interpolation2D": 1,
    "InversionTime": 0.9,
    "MRAcquisitionType": "3D",
    "MagneticFieldStrength": 3,
    "Manufacturer": "Siemens",
    "ManufacturersModelName": "Verio",
    "Modality": "MR",
    "ParallelReductionFactorInPlane": 2,
    "PartialFourier": 1,
    "PatientPosition": "HFS",
    "PercentPhaseFOV": 100,
    "PhaseEncodingSteps": 255,
    "PhaseResolution": 1,
    "PixelBandwidth": 199,
    "ProcedureStepDescription": "OSS-IRM",
    "ProtocolName": "T1_3D_MPRAGE",
    "PulseSequenceDetails": "%SiemensSeq%_tfl",
    "ReceiveCoilName": "HeadMatrix",
    "ReconMatrixPE": 512,
    "RefLinesPE": 24,
    "RepetitionTime": 1.9,
    "SAR": 0.0366151,
    "ScanOptions": "IR",
    "ScanningSequence": "GR_IR",
    "SequenceName": "_tfl3d1_ns",
    "SequenceVariant": "SP_MP",
    "SeriesDescription": "T1_3D_MPRAGE",
    "SeriesNumber": 14,
    "ShimSetting": [
      936,
      13482,
      -6965,
      33,
      -607,
      -326,
      728,
      -255
    ],
    "SliceThickness": 1,
    "SoftwareVersions": "syngo_MR_B17",
    "StationName": "MRC40296",
    "TxRefAmp": 463.944,
    "dataset": "ds002336",
    "modality": "T1w",
    "subject_id": "xp109"
  },
  "cjv": 0.4050569352246317,
  "cnr": 3.2645389816095354,
  "efc": 0.6167088800617389,
  "fber": 1966.4408253727781,
  "fwhm_avg": 6.690456666666667,
  "fwhm_x": 4.11479,
  "fwhm_y": 8.09578,
  "fwhm_z": 7.8608,
  "icvs_csf": 0.2310989498749701,
  "icvs_gm": 0.4009601147877731,
  "icvs_wm": 0.3679409353372568,
  "inu_med": 1.1549623012542725,
  "inu_range": 0.41311672925949094,
  "provenance": {
    "md5sum": "f7c3bf3456bc1a1e9f80c409cdd41d50",
    "settings": {
      "testing": false
    },
    "software": "mriqc",
    "version": "21.0.0rc2",
    "warnings": {
      "large_rot_frame": true,
      "small_air_mask": false
    },
    "webapi_port": null,
    "webapi_url": "https://mriqc.nimh.nih.gov/api/v1"
  },
  "qi_1": 0.0,
  "qi_2": 0.004537952872950852,
  "rpve_csf": 22.35301158457847,
  "rpve_gm": 13.191608494028527,
  "rpve_wm": 17.44547060615291,
  "size_x": 176,
  "size_y": 512,
  "size_z": 512,
  "snr_csf": 4.06908762444125,
  "snr_gm": 13.904418019099296,
  "snr_total": 13.079432803887968,
  "snr_wm": 21.26479276812336,
  "snrd_csf": 33.492705532727655,
  "snrd_gm": 61.095314575216996,
  "snrd_total": 58.24148834166874,
  "snrd_wm": 80.13644491706157,
  "spacing_x": 1.0,
  "spacing_y": 0.5,
  "spacing_z": 0.5,
  "summary_bg_k": 82.29222276469469,
  "summary_bg_mad": 8.175261277272307,
  "summary_bg_mean": 14.90444436930549,
  "summary_bg_median": 13.910645976662636,
  "summary_bg_n": 8190981.0,
  "summary_bg_p05": 5.6394510716199875,
  "summary_bg_p95": 31.01698089390993,
  "summary_bg_stdv": 8.931499375320389,
  "summary_csf_k": 33.53652165713981,
  "summary_csf_mad": 105.53519103387889,
  "summary_csf_mean": 410.7824996929443,
  "summary_csf_median": 417.9459849745035,
  "summary_csf_n": 196872.0,
  "summary_csf_p05": 251.83282063156366,
  "summary_csf_p95": 552.415562748909,
  "summary_csf_stdv": 102.71219548000043,
  "summary_gm_k": 0.2565051730356731,
  "summary_gm_mad": 52.58179412427416,
  "summary_gm_mean": 765.5900467665472,
  "summary_gm_median": 762.3911243155599,
  "summary_gm_n": 191944.0,
  "summary_gm_p05": 680.4937626421452,
  "summary_gm_p95": 861.5201420411468,
  "summary_gm_stdv": 54.83071188545614,
  "summary_wm_k": 0.4975413718490591,
  "summary_wm_mad": 43.66332727634074,
  "summary_wm_mean": 999.1151335765633,
  "summary_wm_median": 999.9999961331487,
  "summary_wm_n": 1133889.0,
  "summary_wm_p05": 919.1678641065955,
  "summary_wm_p95": 1075.0046953856945,
  "summary_wm_stdv": 47.02606632836863,
  "tpm_overlap_csf": 0.17270083725452423,
  "tpm_overlap_gm": 0.44809725880622864,
  "tpm_overlap_wm": 0.5121290683746338,
  "wm2max": 0.41248384595502713
}