{
  "aor": 0.0008402830188679246,
  "aqi": 0.008570430660377359,
  "bids_meta": {
    "AcquisitionMatrixPE": 106,
    "AcquisitionNumber": 1,
    "AcquisitionTime": "15:13:58.950000",
    "BandwidthPerPixelPhaseEncode": 27.345,
    "BaseResolution": 106,
    "CoilString": "T:HEA;HEP",
    "ConversionSoftware": "dcm2niix",
    "ConversionSoftwareVersion": "v1.0.20190720  GCC7.4.0",
    "Dcm2bidsVersion": "2.1.4",
    "DerivedVendorReportedEchoSpacing": 0.000689995,
    "DeviceSerialNumber": "40296",
    "DwellTime": 2.8e-06,
    "EchoTime": 0.023,
    "EffectiveEchoSpacing": 0.000344998,
    "FlipAngle": 90,
    "ImageOrientationPatientDICOM": [
      0.999537,
      -0.0204772,
      -0.0225118,
      0.015702,
      0.9807,
      -0.194888
    ],
    "ImageType": [
      "ORIGINAL",
      "PRIMARY",
      "M",
      "ND",
      "MOSAIC"
    ],
    "ImagingFrequency": 123.197,
    "InPlanePhaseEncodingDirectionDICOM": "COL",
    "InstitutionAddress": "Henri_le_Guilloux_2_Rennes_3BA938_District_FR_35000",
    "InstitutionName": "CHU_PONTCHAILLOU",
    "InstitutionalDepartmentName": "Department",
    "Instructions": "When demanded, try to feel the movement of your right arm and hand. When the symbol + is displayed, rest",
    "MRAcquisitionType": "2D",
    "MagneticFieldStrength": 3,
    "Manufacturer": "Siemens",
    "ManufacturersModelName": "Verio",
    "Modality": "MR",
    "ParallelReductionFactorInPlane": 2,
    "PartialFourier": 1,
    "PatientPosition": "HFS",
    "PercentPhaseFOV": 100,
    "PhaseEncodingDirection": "j-",
    "PhaseEncodingSteps": 106,
    "PhaseResolution": 1,
    "PixelBandwidth": 1685,
    "ProcedureStepDescription": "OSS-IRM",
    "ProtocolName": "ep2d_bold_MI_POST_2x5x20",
    "PulseSequenceDetails": "%SiemensSeq%_ep2d_bold",
    "ReceiveCoilName": "HeadMatrix",
    "ReconMatrixPE": 106,
    "RefLinesPE": 24,
    "RepetitionTime": 2,
    "SAR": 0.0539589,
    "ScanOptions": "FS",
    "ScanningSequence": "EP",
    "SequenceName": "_epfid2d1_106",
    "SequenceVariant": "SK",
    "SeriesDescription": "ep2d_bold_MI_POST_2x5x20",
    "SeriesNumber": 13,
    "ShimSetting": [
      911,
      13456,
      -6522,
      463,
      -746,
      -493,
      691,
      -276
    ],
    "SliceThickness": 4,
    "SliceTiming": [
      1.0025,
      0,
      1.065,
      0.0625,
      1.1275,
      0.125,
      1.19,
      0.1875,
      1.2525,
      0.25,
      1.3175,
      0.3125,
      1.38,
      0.375,
      1.4425,
      0.4375,
      1.505,
      0.5,
      1.5675,
      0.5625,
      1.63,
      0.6275,
      1.6925,
      0.69,
      1.755,
      0.7525,
      1.8175,
      0.815,
      1.88,
      0.8775,
      1.9425,
      0.94
    ],
    "SoftwareVersions": "syngo_MR_B17",
    "SpacingBetweenSlices": 4,
    "StationName": "MRC40296",
    "TaskName": "MIpost",
    "TotalReadoutTime": 0.0362248,
    "TxRefAmp": 489.175,
    "dataset": "ds002336",
    "modality": "bold",
    "subject_id": "xp110",
    "task_id": "MIpost"
  },
  "dummy_trs": 0,
  "dvars_nstd": 35.95028722809525,
  "dvars_std": 1.0560735349523807,
  "dvars_vstd": 1.019995823142857,
  "efc": 0.5910399730609234,
  "fber": 517.1127319335938,
  "fd_mean": 0.10610077718457982,
  "fd_num": 10,
  "fd_perc": 9.433962264150944,
  "fwhm_avg": 2.5911904003975788,
  "fwhm_x": 2.613505773629365,
  "fwhm_y": 3.1013329275633703,
  "fwhm_z": 2.0587325,
  "gcor": 0.019925,
  "gsr_x": -0.009673908352851868,
  "gsr_y": 0.046185899525880814,
  "provenance": {
    "md5sum": "370188a21f1af0491a64b6206d363491",
    "settings": {
      "fd_thres": 0.2,
      "testing": false
    },
    "software": "mriqc",
    "version": "21.0.0rc2",
    "webapi_port": null,
    "webapi_url": "https://mriqc.nimh.nih.gov/api/v1"
  },
  "size_t": 106,
  "size_x": 106,
  "size_y": 106,
  "size_z": 32,
  "snr": 4.848572958291904,
  "spacing_tr": 2.0,
  "spacing_x": 1.9811320304870605,
  "spacing_y": 1.9811320304870605,
  "spacing_z": 4.0,
  "summary_bg_k": 19.335590147868704,
  "summary_bg_mad": 9.371165392869644,
  "summary_bg_mean": 69.8443832397461,
  "summary_bg_median": 36.81132125854492,
  "summary_bg_n": 207688.0,
  "summary_bg_p05": 28.339622497558594,
  "summary_bg_p95": 245.8646293640136,
  "summary_bg_stdv": 92.44158172607422,
  "summary_fg_k": 0.7008737447775566,
  "summary_fg_mad": 161.20502958734272,
  "summary_fg_mean": 863.8005981445312,
  "summary_fg_median": 850.1792602539062,
  "summary_fg_n": 84256.0,
  "summary_fg_p05": 595.4882354736328,
  "summary_fg_p95": 1167.1627502441406,
  "summary_fg_stdv": 175.34524536132812,
  "tsnr": 39.73845377762336
}