{
  "aor": 0.0003537619047619048,
  "aqi": 0.007674035904761905,
  "bids_meta": {
    "AcquisitionMatrixPE": 106,
    "AcquisitionNumber": 1,
    "AcquisitionTime": "14:58:45.390000",
    "BandwidthPerPixelPhaseEncode": 27.345,
    "BaseResolution": 106,
    "CoilString": "T:HEA;HEP",
    "ConversionSoftware": "dcm2niix",
    "ConversionSoftwareVersion": "v1.0.20190720  GCC7.4.0",
    "Dcm2bidsVersion": "2.1.4",
    "DerivedVendorReportedEchoSpacing": 0.000689995,
    "DeviceSerialNumber": "40296",
    "DwellTime": 2.8e-06,
    "EchoTime": 0.023,
    "EffectiveEchoSpacing": 0.000344998,
    "FlipAngle": 90,
    "ImageOrientationPatientDICOM": [
      0.999537,
      -0.0204772,
      -0.0225118,
      0.015702,
      0.9807,
      -0.194888
    ],
    "ImageType": [
      "ORIGINAL",
      "PRIMARY",
      "M",
      "ND",
      "MOSAIC"
    ],
    "ImagingFrequency": 123.197,
    "InPlanePhaseEncodingDirectionDICOM": "COL",
    "InstitutionAddress": "Henri_le_Guilloux_2_Rennes_3BA938_District_FR_35000",
    "InstitutionName": "CHU_PONTCHAILLOU",
    "InstitutionalDepartmentName": "Department",
    "Instructions": "Try to move up the ball by feeling the movement of your right arm and hand. When the symbol + is displayed, rest",
    "MRAcquisitionType": "2D",
    "MagneticFieldStrength": 3,
    "Manufacturer": "Siemens",
    "ManufacturersModelName": "Verio",
    "Modality": "MR",
    "ParallelReductionFactorInPlane": 2,
    "PartialFourier": 1,
    "PatientPosition": "HFS",
    "PercentPhaseFOV": 100,
    "PhaseEncodingDirection": "j-",
    "PhaseEncodingSteps": 106,
    "PhaseResolution": 1,
    "PixelBandwidth": 1685,
    "ProcedureStepDescription": "OSS-IRM",
    "ProtocolName": "ep2d_bold_online_NF_EEG_2X10x20",
    "PulseSequenceDetails": "%SiemensSeq%_ep2d_bold",
    "ReceiveCoilName": "HeadMatrix",
    "ReconMatrixPE": 106,
    "RefLinesPE": 24,
    "RepetitionTime": 2,
    "SAR": 0.0488267,
    "ScanOptions": "FS",
    "ScanningSequence": "EP",
    "SequenceName": "_epfid2d1_106",
    "SequenceVariant": "SK",
    "SeriesDescription": "ep2d_bold_online_NF_EEG_2X10x20",
    "SeriesNumber": 12,
    "ShimSetting": [
      916,
      13455,
      -6516,
      463,
      -731,
      -443,
      670,
      -273
    ],
    "SliceThickness": 4,
    "SliceTiming": [
      1.005,
      0,
      1.0675,
      0.0625,
      1.13,
      0.125,
      1.1925,
      0.1875,
      1.255,
      0.25,
      1.3175,
      0.315,
      1.38,
      0.3775,
      1.4425,
      0.44,
      1.505,
      0.5025,
      1.5675,
      0.565,
      1.63,
      0.6275,
      1.695,
      0.69,
      1.7575,
      0.7525,
      1.82,
      0.815,
      1.8825,
      0.8775,
      1.945,
      0.94
    ],
    "SoftwareVersions": "syngo_MR_B17",
    "SpacingBetweenSlices": 4,
    "StationName": "MRC40296",
    "TaskName": "eegNF",
    "TotalReadoutTime": 0.0362248,
    "TxRefAmp": 450.86,
    "dataset": "ds002336",
    "modality": "bold",
    "subject_id": "xp110",
    "task_id": "eegNF"
  },
  "dummy_trs": 0,
  "dvars_nstd": 34.04820429449761,
  "dvars_std": 1.0468753394258377,
  "dvars_vstd": 1.0080784669377993,
  "efc": 0.5891582153383824,
  "fber": 559.3568115234375,
  "fd_mean": 0.10425458092037011,
  "fd_num": 15,
  "fd_perc": 7.142857142857143,
  "fwhm_avg": 2.6186542341232353,
  "fwhm_x": 2.6306727264001193,
  "fwhm_y": 3.1359999759695865,
  "fwhm_z": 2.08929,
  "gcor": 0.0429662,
  "gsr_x": -0.00720389187335968,
  "gsr_y": 0.04824168607592583,
  "provenance": {
    "md5sum": "86c34ac694e87642728b83a25b68db37",
    "settings": {
      "fd_thres": 0.2,
      "testing": false
    },
    "software": "mriqc",
    "version": "21.0.0rc2",
    "webapi_port": null,
    "webapi_url": "https://mriqc.nimh.nih.gov/api/v1"
  },
  "size_t": 210,
  "size_x": 106,
  "size_y": 106,
  "size_z": 32,
  "snr": 4.840195392110236,
  "spacing_tr": 2.0,
  "spacing_x": 1.9811320304870605,
  "spacing_y": 1.9811320304870605,
  "spacing_z": 4.0,
  "summary_bg_k": 22.81969528718216,
  "summary_bg_mad": 9.276856951732022,
  "summary_bg_mean": 68.76685333251953,
  "summary_bg_median": 36.82857131958008,
  "summary_bg_n": 206280.0,
  "summary_bg_p05": 28.457143783569336,
  "summary_bg_p95": 238.5961975097654,
  "summary_bg_stdv": 91.90084838867188,
  "summary_fg_k": 1.1842001813501124,
  "summary_fg_mad": 166.88455255738523,
  "summary_fg_mean": 899.7363891601562,
  "summary_fg_median": 887.800048828125,
  "summary_fg_n": 85120.0,
  "summary_fg_p05": 622.2664245605469,
  "summary_fg_p95": 1211.0624877929688,
  "summary_fg_stdv": 183.42127990722656,
  "tsnr": 41.76208073133603
}