{
  "aor": 0.0007605660377358491,
  "aqi": 0.007251599339622642,
  "bids_meta": {
    "AcquisitionMatrixPE": 106,
    "AcquisitionNumber": 1,
    "AcquisitionTime": "14:34:25.935000",
    "BandwidthPerPixelPhaseEncode": 27.345,
    "BaseResolution": 106,
    "CoilString": "T:HEA;HEP",
    "ConversionSoftware": "dcm2niix",
    "ConversionSoftwareVersion": "v1.0.20190720  GCC7.4.0",
    "Dcm2bidsVersion": "2.1.4",
    "DerivedVendorReportedEchoSpacing": 0.000689995,
    "DeviceSerialNumber": "40296",
    "DwellTime": 2.8e-06,
    "EchoTime": 0.023,
    "EffectiveEchoSpacing": 0.000344998,
    "FlipAngle": 90,
    "ImageOrientationPatientDICOM": [
      0.999537,
      -0.0204772,
      -0.0225118,
      0.015702,
      0.9807,
      -0.194888
    ],
    "ImageType": [
      "ORIGINAL",
      "PRIMARY",
      "M",
      "ND",
      "MOSAIC"
    ],
    "ImagingFrequency": 123.197,
    "InPlanePhaseEncodingDirectionDICOM": "COL",
    "InstitutionAddress": "Henri_le_Guilloux_2_Rennes_3BA938_District_FR_35000",
    "InstitutionName": "CHU_PONTCHAILLOU",
    "InstitutionalDepartmentName": "Department",
    "Instructions": "When demanded, try to feel the movement of your right arm and hand. When the symbol + is displayed, rest",
    "MRAcquisitionType": "2D",
    "MagneticFieldStrength": 3,
    "Manufacturer": "Siemens",
    "ManufacturersModelName": "Verio",
    "Modality": "MR",
    "ParallelReductionFactorInPlane": 2,
    "PartialFourier": 1,
    "PatientPosition": "HFS",
    "PercentPhaseFOV": 100,
    "PhaseEncodingDirection": "j-",
    "PhaseEncodingSteps": 106,
    "PhaseResolution": 1,
    "PixelBandwidth": 1685,
    "ProcedureStepDescription": "OSS-IRM",
    "ProtocolName": "ep2d_bold_MI_PRE_2x5x20",
    "PulseSequenceDetails": "%SiemensSeq%_ep2d_bold",
    "ReceiveCoilName": "HeadMatrix",
    "ReconMatrixPE": 106,
    "RefLinesPE": 24,
    "RepetitionTime": 2,
    "SAR": 0.0486628,
    "ScanOptions": "FS",
    "ScanningSequence": "EP",
    "SequenceName": "_epfid2d1_106",
    "SequenceVariant": "SK",
    "SeriesDescription": "ep2d_bold_MI_PRE_2x5x20",
    "SeriesNumber": 9,
    "ShimSetting": [
      916,
      13455,
      -6516,
      463,
      -731,
      -443,
      670,
      -273
    ],
    "SliceThickness": 4,
    "SliceTiming": [
      1.005,
      0,
      1.0675,
      0.0625,
      1.13,
      0.1275,
      1.1925,
      0.19,
      1.255,
      0.2525,
      1.3175,
      0.315,
      1.38,
      0.3775,
      1.4425,
      0.44,
      1.5075,
      0.5025,
      1.57,
      0.565,
      1.6325,
      0.6275,
      1.695,
      0.69,
      1.7575,
      0.7525,
      1.82,
      0.8175,
      1.8825,
      0.88,
      1.945,
      0.9425
    ],
    "SoftwareVersions": "syngo_MR_B17",
    "SpacingBetweenSlices": 4,
    "StationName": "MRC40296",
    "TaskName": "MIpre",
    "TotalReadoutTime": 0.0362248,
    "TxRefAmp": 450.86,
    "dataset": "ds002336",
    "modality": "bold",
    "subject_id": "xp110",
    "task_id": "MIpre"
  },
  "dummy_trs": 0,
  "dvars_nstd": 34.42058040076189,
  "dvars_std": 1.0590398457142858,
  "dvars_vstd": 1.0243027882857139,
  "efc": 0.5884489756203474,
  "fber": 548.8109130859375,
  "fd_mean": 0.08498052690009562,
  "fd_num": 5,
  "fd_perc": 4.716981132075472,
  "fwhm_avg": 2.641761694791605,
  "fwhm_x": 2.6454016791155155,
  "fwhm_y": 3.1676334052593007,
  "fwhm_z": 2.11225,
  "gcor": 0.0386156,
  "gsr_x": -0.007208933122456074,
  "gsr_y": 0.04728333279490471,
  "provenance": {
    "md5sum": "db8f705521fbd0ed1cf789c1b6a8f10a",
    "settings": {
      "fd_thres": 0.2,
      "testing": false
    },
    "software": "mriqc",
    "version": "21.0.0rc2",
    "webapi_port": null,
    "webapi_url": "https://mriqc.nimh.nih.gov/api/v1"
  },
  "size_t": 106,
  "size_x": 106,
  "size_y": 106,
  "size_z": 32,
  "snr": 4.791575542788313,
  "spacing_tr": 2.0,
  "spacing_x": 1.9811320304870605,
  "spacing_y": 1.9811320304870605,
  "spacing_z": 4.0,
  "summary_bg_k": 23.25202116364448,
  "summary_bg_mad": 8.923586297532363,
  "summary_bg_mean": 67.02039337158203,
  "summary_bg_median": 36.349056243896484,
  "summary_bg_n": 206407.0,
  "summary_bg_p05": 28.339622497558594,
  "summary_bg_p95": 227.51604156494125,
  "summary_bg_stdv": 89.00643157958984,
  "summary_fg_k": 1.2048114033117647,
  "summary_fg_mad": 163.30306013153537,
  "summary_fg_mean": 880.2470092773438,
  "summary_fg_median": 867.924560546875,
  "summary_fg_n": 84926.0,
  "summary_fg_p05": 607.3867797851562,
  "summary_fg_p95": 1189.1627197265625,
  "summary_fg_stdv": 181.13446044921875,
  "tsnr": 42.30371501669288
}