{
  "aor": 0.0006214285714285715,
  "aqi": 0.009237773380952382,
  "bids_meta": {
    "AcquisitionMatrixPE": 106,
    "AcquisitionNumber": 1,
    "AcquisitionTime": "14:49:47.322500",
    "BandwidthPerPixelPhaseEncode": 27.345,
    "BaseResolution": 106,
    "CoilString": "T:HEA;HEP",
    "ConversionSoftware": "dcm2niix",
    "ConversionSoftwareVersion": "v1.0.20190720  GCC7.4.0",
    "Dcm2bidsVersion": "2.1.4",
    "DerivedVendorReportedEchoSpacing": 0.000689995,
    "DeviceSerialNumber": "40296",
    "DwellTime": 2.8e-06,
    "EchoTime": 0.023,
    "EffectiveEchoSpacing": 0.000344998,
    "FlipAngle": 90,
    "ImageOrientationPatientDICOM": [
      0.999537,
      -0.0204772,
      -0.0225118,
      0.015702,
      0.9807,
      -0.194888
    ],
    "ImageType": [
      "ORIGINAL",
      "PRIMARY",
      "M",
      "ND",
      "MOSAIC"
    ],
    "ImagingFrequency": 123.197,
    "InPlanePhaseEncodingDirectionDICOM": "COL",
    "InstitutionAddress": "Henri_le_Guilloux_2_Rennes_3BA938_District_FR_35000",
    "InstitutionName": "CHU_PONTCHAILLOU",
    "InstitutionalDepartmentName": "Department",
    "Instructions": "Try to move up the ball by feeling the movement of your right arm and hand. When the symbol + is displayed, rest",
    "MRAcquisitionType": "2D",
    "MagneticFieldStrength": 3,
    "Manufacturer": "Siemens",
    "ManufacturersModelName": "Verio",
    "Modality": "MR",
    "ParallelReductionFactorInPlane": 2,
    "PartialFourier": 1,
    "PatientPosition": "HFS",
    "PercentPhaseFOV": 100,
    "PhaseEncodingDirection": "j-",
    "PhaseEncodingSteps": 106,
    "PhaseResolution": 1,
    "PixelBandwidth": 1685,
    "ProcedureStepDescription": "OSS-IRM",
    "ProtocolName": "ep2d_bold_online_NF_IRMF_2X10x20",
    "PulseSequenceDetails": "%SiemensSeq%_ep2d_bold",
    "ReceiveCoilName": "HeadMatrix",
    "ReconMatrixPE": 106,
    "RefLinesPE": 24,
    "RepetitionTime": 2,
    "SAR": 0.0488267,
    "ScanOptions": "FS",
    "ScanningSequence": "EP",
    "SequenceName": "_epfid2d1_106",
    "SequenceVariant": "SK",
    "SeriesDescription": "ep2d_bold_online_NF_IRMF_2X10x20",
    "SeriesNumber": 11,
    "ShimSetting": [
      916,
      13455,
      -6516,
      463,
      -731,
      -443,
      670,
      -273
    ],
    "SliceThickness": 4,
    "SliceTiming": [
      1.005,
      0,
      1.0675,
      0.0625,
      1.13,
      0.125,
      1.1925,
      0.1875,
      1.255,
      0.25,
      1.3175,
      0.3125,
      1.38,
      0.3775,
      1.4425,
      0.44,
      1.505,
      0.5025,
      1.5675,
      0.565,
      1.63,
      0.6275,
      1.695,
      0.69,
      1.7575,
      0.7525,
      1.82,
      0.815,
      1.8825,
      0.8775,
      1.945,
      0.94
    ],
    "SoftwareVersions": "syngo_MR_B17",
    "SpacingBetweenSlices": 4,
    "StationName": "MRC40296",
    "TaskName": "fmriNF",
    "TotalReadoutTime": 0.0362248,
    "TxRefAmp": 450.86,
    "dataset": "ds002336",
    "modality": "bold",
    "subject_id": "xp110",
    "task_id": "fmriNF"
  },
  "dummy_trs": 0,
  "dvars_nstd": 34.35951828842105,
  "dvars_std": 1.046743086076555,
  "dvars_vstd": 1.0078313994736836,
  "efc": 0.5895573297731409,
  "fber": 559.5618286132812,
  "fd_mean": 0.11772342190792165,
  "fd_num": 25,
  "fd_perc": 11.904761904761905,
  "fwhm_avg": 2.6372906790766035,
  "fwhm_x": 2.6516960602108197,
  "fwhm_y": 3.1822159770189913,
  "fwhm_z": 2.07796,
  "gcor": 0.0526358,
  "gsr_x": -0.007668066304177046,
  "gsr_y": 0.048114340752363205,
  "provenance": {
    "md5sum": "ce9c0ee07a98e89b8bfb77cec7e33534",
    "settings": {
      "fd_thres": 0.2,
      "testing": false
    },
    "software": "mriqc",
    "version": "21.0.0rc2",
    "webapi_port": null,
    "webapi_url": "https://mriqc.nimh.nih.gov/api/v1"
  },
  "size_t": 210,
  "size_x": 106,
  "size_y": 106,
  "size_z": 32,
  "snr": 4.81592299103968,
  "spacing_tr": 2.0,
  "spacing_x": 1.9811320304870605,
  "spacing_y": 1.9811320304870605,
  "spacing_z": 4.0,
  "summary_bg_k": 23.046352073257882,
  "summary_bg_mad": 9.531014665798772,
  "summary_bg_mean": 68.64155578613281,
  "summary_bg_median": 36.757144927978516,
  "summary_bg_n": 205847.0,
  "summary_bg_p05": 27.757143020629883,
  "summary_bg_p95": 235.78143615722632,
  "summary_bg_stdv": 91.25980377197266,
  "summary_fg_k": 1.249691240977258,
  "summary_fg_mad": 166.61624716322817,
  "summary_fg_mean": 894.582275390625,
  "summary_fg_median": 883.0476684570312,
  "summary_fg_n": 85404.0,
  "summary_fg_p05": 616.9435852050781,
  "summary_fg_p95": 1205.128662109375,
  "summary_fg_stdv": 183.3589324951172,
  "tsnr": 38.970277022977825
}