{
  "aor": 0.0008902830188679247,
  "aqi": 0.009309924905660377,
  "bids_meta": {
    "AcquisitionMatrixPE": 106,
    "AcquisitionNumber": 1,
    "AcquisitionTime": "12:43:48.140000",
    "BandwidthPerPixelPhaseEncode": 27.345,
    "BaseResolution": 106,
    "CoilString": "T:HEA;HEP",
    "ConversionSoftware": "dcm2niix",
    "ConversionSoftwareVersion": "v1.0.20190720  GCC7.4.0",
    "Dcm2bidsVersion": "2.1.4",
    "DerivedVendorReportedEchoSpacing": 0.000689995,
    "DeviceSerialNumber": "40296",
    "DwellTime": 2.8e-06,
    "EchoTime": 0.023,
    "EffectiveEchoSpacing": 0.000344998,
    "FlipAngle": 90,
    "ImageOrientationPatientDICOM": [
      0.999627,
      0.0191341,
      -0.019466,
      -0.0226848,
      0.978995,
      -0.202618
    ],
    "ImageType": [
      "ORIGINAL",
      "PRIMARY",
      "M",
      "ND",
      "MOSAIC"
    ],
    "ImagingFrequency": 123.197,
    "InPlanePhaseEncodingDirectionDICOM": "COL",
    "InstitutionAddress": "Henri_le_Guilloux_2_Rennes_3BA938_District_FR_35000",
    "InstitutionName": "CHU_PONTCHAILLOU",
    "InstitutionalDepartmentName": "Department",
    "Instructions": "When demanded, try to feel the movement of your right arm and hand. When the symbol + is displayed, rest",
    "MRAcquisitionType": "2D",
    "MagneticFieldStrength": 3,
    "Manufacturer": "Siemens",
    "ManufacturersModelName": "Verio",
    "Modality": "MR",
    "ParallelReductionFactorInPlane": 2,
    "PartialFourier": 1,
    "PatientPosition": "HFS",
    "PercentPhaseFOV": 100,
    "PhaseEncodingDirection": "j-",
    "PhaseEncodingSteps": 106,
    "PhaseResolution": 1,
    "PixelBandwidth": 1685,
    "ProcedureStepDescription": "OSS-IRM",
    "ProtocolName": "ep2d_bold_MI_POST_2x5x20",
    "PulseSequenceDetails": "%SiemensSeq%_ep2d_bold",
    "ReceiveCoilName": "HeadMatrix",
    "ReconMatrixPE": 106,
    "RefLinesPE": 24,
    "RepetitionTime": 2,
    "SAR": 0.0442279,
    "ScanOptions": "FS",
    "ScanningSequence": "EP",
    "SequenceName": "_epfid2d1_106",
    "SequenceVariant": "SK",
    "SeriesDescription": "ep2d_bold_MI_POST_2x5x20",
    "SeriesNumber": 17,
    "ShimSetting": [
      929,
      13451,
      -6519,
      463,
      -866,
      -393,
      818,
      -181
    ],
    "SliceThickness": 4,
    "SliceTiming": [
      1.005,
      0,
      1.0675,
      0.0625,
      1.13,
      0.125,
      1.1925,
      0.1875,
      1.255,
      0.25,
      1.3175,
      0.315,
      1.38,
      0.3775,
      1.4425,
      0.44,
      1.505,
      0.5025,
      1.5675,
      0.565,
      1.6325,
      0.6275,
      1.695,
      0.69,
      1.7575,
      0.7525,
      1.82,
      0.815,
      1.8825,
      0.8775,
      1.945,
      0.9425
    ],
    "SoftwareVersions": "syngo_MR_B17",
    "SpacingBetweenSlices": 4,
    "StationName": "MRC40296",
    "TaskName": "MIpost",
    "TotalReadoutTime": 0.0362248,
    "TxRefAmp": 462.301,
    "dataset": "ds002336",
    "modality": "bold",
    "subject_id": "xp107",
    "task_id": "MIpost"
  },
  "dummy_trs": 0,
  "dvars_nstd": 38.854056439904745,
  "dvars_std": 1.0849509404761901,
  "dvars_vstd": 1.0214871013333338,
  "efc": 0.5873422764875385,
  "fber": 506.2388000488281,
  "fd_mean": 0.14254925346456881,
  "fd_num": 25,
  "fd_perc": 23.58490566037736,
  "fwhm_avg": 2.7080046326304004,
  "fwhm_x": 2.7321601572759757,
  "fwhm_y": 3.2567087406152258,
  "fwhm_z": 2.135145,
  "gcor": 0.0338817,
  "gsr_x": -0.01702919788658619,
  "gsr_y": 0.062144987285137177,
  "provenance": {
    "md5sum": "e2608976b547609963e248663d5b5f9d",
    "settings": {
      "fd_thres": 0.2,
      "testing": false
    },
    "software": "mriqc",
    "version": "21.0.0rc2",
    "webapi_port": null,
    "webapi_url": "https://mriqc.nimh.nih.gov/api/v1"
  },
  "size_t": 106,
  "size_x": 106,
  "size_y": 106,
  "size_z": 32,
  "snr": 4.530050582620284,
  "spacing_tr": 2.0,
  "spacing_x": 1.9811320304870605,
  "spacing_y": 1.9811320304870605,
  "spacing_z": 4.0,
  "summary_bg_k": 12.725900236005351,
  "summary_bg_mad": 10.182401796208639,
  "summary_bg_mean": 82.58846282958984,
  "summary_bg_median": 37.905662536621094,
  "summary_bg_n": 216458.0,
  "summary_bg_p05": 29.028303146362305,
  "summary_bg_p95": 346.26981811523416,
  "summary_bg_stdv": 115.57766723632812,
  "summary_fg_k": 1.4838962702905283,
  "summary_fg_mad": 164.85561178332372,
  "summary_fg_mean": 885.2764892578125,
  "summary_fg_median": 871.0802001953125,
  "summary_fg_n": 77062.0,
  "summary_fg_p05": 610.2943664550781,
  "summary_fg_p95": 1231.8863647460937,
  "summary_fg_stdv": 192.2880401611328,
  "tsnr": 38.14830482471734
}