{
  "aor": 0.0007490361445783132,
  "aqi": 0.009274540361445783,
  "bids_meta": {
    "AcquisitionMatrixPE": 106,
    "AcquisitionNumber": 1,
    "AcquisitionTime": "14:24:14.750000",
    "BandwidthPerPixelPhaseEncode": 27.345,
    "BaseResolution": 106,
    "CoilString": "T:HEA;HEP",
    "ConversionSoftware": "dcm2niix",
    "ConversionSoftwareVersion": "v1.0.20190720  GCC7.4.0",
    "Dcm2bidsVersion": "2.1.4",
    "DerivedVendorReportedEchoSpacing": 0.000689995,
    "DeviceSerialNumber": "40296",
    "DwellTime": 2.8e-06,
    "EchoTime": 0.023,
    "EffectiveEchoSpacing": 0.000344998,
    "FlipAngle": 90,
    "ImageOrientationPatientDICOM": [
      0.999537,
      -0.0204772,
      -0.0225118,
      0.015702,
      0.9807,
      -0.194888
    ],
    "ImageType": [
      "ORIGINAL",
      "PRIMARY",
      "FMRI",
      "NONE",
      "ND",
      "MOSAIC"
    ],
    "ImagingFrequency": 123.197,
    "InPlanePhaseEncodingDirectionDICOM": "COL",
    "InstitutionAddress": "Henri_le_Guilloux_2_Rennes_3BA938_District_FR_35000",
    "InstitutionName": "CHU_PONTCHAILLOU",
    "InstitutionalDepartmentName": "Department",
    "Instructions": "When demanded,move your right hand. When the symbol + is displayed, rest",
    "MRAcquisitionType": "2D",
    "MagneticFieldStrength": 3,
    "Manufacturer": "Siemens",
    "ManufacturersModelName": "Verio",
    "Modality": "MR",
    "ParallelReductionFactorInPlane": 2,
    "PartialFourier": 1,
    "PatientPosition": "HFS",
    "PercentPhaseFOV": 100,
    "PhaseEncodingDirection": "j-",
    "PhaseEncodingSteps": 106,
    "PhaseResolution": 1,
    "PixelBandwidth": 1685,
    "ProcedureStepDescription": "OSS-IRM",
    "ProtocolName": "ep2d_bold_me_avec_GLM_2X8x20S_AVEC_EEG",
    "PulseSequenceDetails": "%SiemensSeq%_ep2d_bold",
    "ReceiveCoilName": "HeadMatrix",
    "ReconMatrixPE": 106,
    "RefLinesPE": 24,
    "RepetitionTime": 2,
    "SAR": 0.0487819,
    "ScanOptions": "FS",
    "ScanningSequence": "EP",
    "SequenceName": "_epfid2d1_106",
    "SequenceVariant": "SK",
    "SeriesDescription": "ep2d_bold_me_avec_GLM_2X8x20S_AVEC_EEG",
    "SeriesNumber": 3,
    "ShimSetting": [
      961,
      13418,
      -6568,
      310,
      -643,
      -661,
      554,
      149
    ],
    "SliceThickness": 4,
    "SliceTiming": [
      1.005,
      0,
      1.0675,
      0.0625,
      1.13,
      0.1275,
      1.1925,
      0.19,
      1.255,
      0.2525,
      1.3175,
      0.315,
      1.38,
      0.3775,
      1.445,
      0.44,
      1.5075,
      0.5025,
      1.57,
      0.565,
      1.6325,
      0.6275,
      1.695,
      0.69,
      1.7575,
      0.7525,
      1.82,
      0.8175,
      1.8825,
      0.88,
      1.945,
      0.9425
    ],
    "SoftwareVersions": "syngo_MR_B17",
    "SpacingBetweenSlices": 4,
    "StationName": "MRC40296",
    "TaskName": "motorloc",
    "TotalReadoutTime": 0.0362248,
    "TxRefAmp": 450.86,
    "dataset": "ds002336",
    "modality": "bold",
    "subject_id": "xp110",
    "task_id": "motorloc"
  },
  "dummy_trs": 0,
  "dvars_nstd": 35.57950203642423,
  "dvars_std": 1.0352874133333336,
  "dvars_vstd": 1.001666974606061,
  "efc": 0.590502346184373,
  "fber": 528.1670532226562,
  "fd_mean": 0.0916109362344876,
  "fd_num": 4,
  "fd_perc": 2.4096385542168677,
  "fwhm_avg": 2.715694188116691,
  "fwhm_x": 2.6911633944403195,
  "fwhm_y": 3.288554169909754,
  "fwhm_z": 2.167365,
  "gcor": 0.0814011,
  "gsr_x": -0.010403871536254883,
  "gsr_y": 0.04812423884868622,
  "provenance": {
    "md5sum": "3d3af736d16fcb2d326bde618359df2d",
    "settings": {
      "fd_thres": 0.2,
      "testing": false
    },
    "software": "mriqc",
    "version": "21.0.0rc2",
    "webapi_port": null,
    "webapi_url": "https://mriqc.nimh.nih.gov/api/v1"
  },
  "size_t": 166,
  "size_x": 106,
  "size_y": 106,
  "size_z": 32,
  "snr": 4.64560836362296,
  "spacing_tr": 2.0,
  "spacing_x": 1.9811320304870605,
  "spacing_y": 1.9811320304870605,
  "spacing_z": 4.0,
  "summary_bg_k": 21.184714880952498,
  "summary_bg_mad": 9.770886135648812,
  "summary_bg_mean": 65.5707778930664,
  "summary_bg_median": 36.367469787597656,
  "summary_bg_n": 205278.0,
  "summary_bg_p05": 27.373493194580078,
  "summary_bg_p95": 222.23582839965817,
  "summary_bg_stdv": 82.17549133300781,
  "summary_fg_k": 1.3958374539252594,
  "summary_fg_mad": 163.44345669782024,
  "summary_fg_mean": 862.342529296875,
  "summary_fg_median": 851.3463745117188,
  "summary_fg_n": 85634.0,
  "summary_fg_p05": 582.0641296386718,
  "summary_fg_p95": 1168.4779663085938,
  "summary_fg_stdv": 183.2572479248047,
  "tsnr": 36.6991380029358
}