{
  "aor": 0.0003703809523809524,
  "aqi": 0.009836494619047618,
  "bids_meta": {
    "AcquisitionMatrixPE": 106,
    "AcquisitionNumber": 1,
    "AcquisitionTime": "14:40:42.962500",
    "BandwidthPerPixelPhaseEncode": 27.345,
    "BaseResolution": 106,
    "CoilString": "T:HEA;HEP",
    "ConversionSoftware": "dcm2niix",
    "ConversionSoftwareVersion": "v1.0.20190720  GCC7.4.0",
    "Dcm2bidsVersion": "2.1.4",
    "DerivedVendorReportedEchoSpacing": 0.000689995,
    "DeviceSerialNumber": "40296",
    "DwellTime": 2.8e-06,
    "EchoTime": 0.023,
    "EffectiveEchoSpacing": 0.000344998,
    "FlipAngle": 90,
    "ImageOrientationPatientDICOM": [
      0.999537,
      -0.0204772,
      -0.0225118,
      0.015702,
      0.9807,
      -0.194888
    ],
    "ImageType": [
      "ORIGINAL",
      "PRIMARY",
      "M",
      "ND",
      "MOSAIC"
    ],
    "ImagingFrequency": 123.197,
    "InPlanePhaseEncodingDirectionDICOM": "COL",
    "InstitutionAddress": "Henri_le_Guilloux_2_Rennes_3BA938_District_FR_35000",
    "InstitutionName": "CHU_PONTCHAILLOU",
    "InstitutionalDepartmentName": "Department",
    "Instructions": "Try to move up the ball by feeling the movement of your right arm and hand. When the symbol + is displayed, rest",
    "MRAcquisitionType": "2D",
    "MagneticFieldStrength": 3,
    "Manufacturer": "Siemens",
    "ManufacturersModelName": "Verio",
    "Modality": "MR",
    "ParallelReductionFactorInPlane": 2,
    "PartialFourier": 1,
    "PatientPosition": "HFS",
    "PercentPhaseFOV": 100,
    "PhaseEncodingDirection": "j-",
    "PhaseEncodingSteps": 106,
    "PhaseResolution": 1,
    "PixelBandwidth": 1685,
    "ProcedureStepDescription": "OSS-IRM",
    "ProtocolName": "ep2d_bold_online_NF_EEG_IRMF_2X10x20",
    "PulseSequenceDetails": "%SiemensSeq%_ep2d_bold",
    "ReceiveCoilName": "HeadMatrix",
    "ReconMatrixPE": 106,
    "RefLinesPE": 24,
    "RepetitionTime": 2,
    "SAR": 0.0488267,
    "ScanOptions": "FS",
    "ScanningSequence": "EP",
    "SequenceName": "_epfid2d1_106",
    "SequenceVariant": "SK",
    "SeriesDescription": "ep2d_bold_online_NF_EEG_IRMF_2X10x20",
    "SeriesNumber": 10,
    "ShimSetting": [
      918,
      13442,
      -6505,
      507,
      -719,
      -462,
      727,
      -276
    ],
    "SliceThickness": 4,
    "SliceTiming": [
      1.0025,
      0,
      1.065,
      0.0625,
      1.13,
      0.125,
      1.1925,
      0.1875,
      1.255,
      0.25,
      1.3175,
      0.3125,
      1.38,
      0.375,
      1.4425,
      0.4375,
      1.505,
      0.5025,
      1.5675,
      0.565,
      1.63,
      0.6275,
      1.6925,
      0.69,
      1.755,
      0.7525,
      1.82,
      0.815,
      1.8825,
      0.8775,
      1.945,
      0.94
    ],
    "SoftwareVersions": "syngo_MR_B17",
    "SpacingBetweenSlices": 4,
    "StationName": "MRC40296",
    "TaskName": "eegfmriNF",
    "TotalReadoutTime": 0.0362248,
    "TxRefAmp": 450.86,
    "dataset": "ds002336",
    "modality": "bold",
    "subject_id": "xp110",
    "task_id": "eegfmriNF"
  },
  "dummy_trs": 0,
  "dvars_nstd": 34.213995390717706,
  "dvars_std": 1.0280986205263167,
  "dvars_vstd": 0.9905462186602865,
  "efc": 0.5902638323427398,
  "fber": 551.2273559570312,
  "fd_mean": 0.09622312708245906,
  "fd_num": 10,
  "fd_perc": 4.761904761904762,
  "fwhm_avg": 2.65208905212667,
  "fwhm_x": 2.6252616786582057,
  "fwhm_y": 3.2131679777218043,
  "fwhm_z": 2.1178375,
  "gcor": 0.0818214,
  "gsr_x": -0.009525684639811516,
  "gsr_y": 0.04674246907234192,
  "provenance": {
    "md5sum": "c29dbce0f176385490ef813e35b4a3ae",
    "settings": {
      "fd_thres": 0.2,
      "testing": false
    },
    "software": "mriqc",
    "version": "21.0.0rc2",
    "webapi_port": null,
    "webapi_url": "https://mriqc.nimh.nih.gov/api/v1"
  },
  "size_t": 210,
  "size_x": 106,
  "size_y": 106,
  "size_z": 32,
  "snr": 4.746422303923672,
  "spacing_tr": 2.0,
  "spacing_x": 1.9811320304870605,
  "spacing_y": 1.9811320304870605,
  "spacing_z": 4.0,
  "summary_bg_k": 21.597022073642908,
  "summary_bg_mad": 9.149773852939676,
  "summary_bg_mean": 66.88602447509766,
  "summary_bg_median": 36.642860412597656,
  "summary_bg_n": 205132.0,
  "summary_bg_p05": 28.576190948486328,
  "summary_bg_p95": 228.22119750976555,
  "summary_bg_stdv": 85.899169921875,
  "summary_fg_k": 1.6763839329747174,
  "summary_fg_mad": 164.5264965325483,
  "summary_fg_mean": 886.6015625,
  "summary_fg_median": 876.3857421875,
  "summary_fg_n": 85926.0,
  "summary_fg_p05": 612.6250305175781,
  "summary_fg_p95": 1196.1679382324219,
  "summary_fg_stdv": 184.6402587890625,
  "tsnr": 37.61427270399872
}