{
  "aor": 0.00044433333333333336,
  "aqi": 0.010156400047619047,
  "bids_meta": {
    "AcquisitionMatrixPE": 106,
    "AcquisitionNumber": 1,
    "AcquisitionTime": "16:09:57.217500",
    "BandwidthPerPixelPhaseEncode": 27.345,
    "BaseResolution": 106,
    "CoilString": "T:HEA;HEP",
    "ConversionSoftware": "dcm2niix",
    "ConversionSoftwareVersion": "v1.0.20190720  GCC7.4.0",
    "Dcm2bidsVersion": "2.1.4",
    "DerivedVendorReportedEchoSpacing": 0.000689995,
    "DeviceSerialNumber": "40296",
    "DwellTime": 2.8e-06,
    "EchoTime": 0.023,
    "EffectiveEchoSpacing": 0.000344998,
    "FlipAngle": 90,
    "ImageOrientationPatientDICOM": [
      0.999847,
      0.0135187,
      0.011086,
      -0.00698033,
      0.890051,
      -0.455808
    ],
    "ImageType": [
      "ORIGINAL",
      "PRIMARY",
      "M",
      "ND",
      "MOSAIC"
    ],
    "ImagingFrequency": 123.197,
    "InPlanePhaseEncodingDirectionDICOM": "COL",
    "InstitutionAddress": "Henri_le_Guilloux_2_Rennes_3BA938_District_FR_35000",
    "InstitutionName": "CHU_PONTCHAILLOU",
    "InstitutionalDepartmentName": "Department",
    "Instructions": "Try to move up the ball by feeling the movement of your right arm and hand. When the symbol + is displayed, rest",
    "MRAcquisitionType": "2D",
    "MagneticFieldStrength": 3,
    "Manufacturer": "Siemens",
    "ManufacturersModelName": "Verio",
    "Modality": "MR",
    "ParallelReductionFactorInPlane": 2,
    "PartialFourier": 1,
    "PatientPosition": "HFS",
    "PercentPhaseFOV": 100,
    "PhaseEncodingDirection": "j-",
    "PhaseEncodingSteps": 106,
    "PhaseResolution": 1,
    "PixelBandwidth": 1685,
    "ProcedureStepDescription": "RECHERCHE_HEMISFER",
    "ProtocolName": "ep2d_bold_online_2X10x20_NEUROFEEDBACK_EEG",
    "PulseSequenceDetails": "%SiemensSeq%_ep2d_bold",
    "ReceiveCoilName": "HeadMatrix",
    "ReconMatrixPE": 106,
    "RefLinesPE": 24,
    "RepetitionTime": 2,
    "SAR": 0.0539998,
    "ScanOptions": "FS",
    "ScanningSequence": "EP",
    "SequenceName": "_epfid2d1_106",
    "SequenceVariant": "SK",
    "SeriesDescription": "ep2d_bold_online_2X10x20_NEUROFEEDBACK_EEG",
    "SeriesNumber": 13,
    "ShimSetting": [
      937,
      13523,
      -6519,
      440,
      -704,
      -332,
      767,
      -279
    ],
    "SliceThickness": 4,
    "SliceTiming": [
      1.005,
      0,
      1.0675,
      0.0625,
      1.13,
      0.125,
      1.1925,
      0.19,
      1.255,
      0.2525,
      1.3175,
      0.315,
      1.38,
      0.3775,
      1.4425,
      0.44,
      1.5075,
      0.5025,
      1.57,
      0.565,
      1.6325,
      0.6275,
      1.695,
      0.69,
      1.7575,
      0.7525,
      1.82,
      0.8175,
      1.8825,
      0.88,
      1.945,
      0.9425
    ],
    "SoftwareVersions": "syngo_MR_B17",
    "SpacingBetweenSlices": 4,
    "StationName": "MRC40296",
    "TaskName": "eegNF",
    "TotalReadoutTime": 0.0362248,
    "TxRefAmp": 453.861,
    "dataset": "ds002336",
    "modality": "bold",
    "subject_id": "xp103",
    "task_id": "eegNF"
  },
  "dummy_trs": 0,
  "dvars_nstd": 38.98982780827752,
  "dvars_std": 1.0114742594258372,
  "dvars_vstd": 0.9924113785645934,
  "efc": 0.5926244000777614,
  "fber": 461.8199462890625,
  "fd_mean": 0.08838130825011432,
  "fd_num": 8,
  "fd_perc": 3.8095238095238093,
  "fwhm_avg": 2.9220966041785257,
  "fwhm_x": 2.921208637759087,
  "fwhm_y": 3.50288617477649,
  "fwhm_z": 2.342195,
  "gcor": 0.0398736,
  "gsr_x": -0.014299935661256313,
  "gsr_y": 0.05492103844881058,
  "provenance": {
    "md5sum": "749182a025c9bd9c6048a614fa8381cd",
    "settings": {
      "fd_thres": 0.2,
      "testing": false
    },
    "software": "mriqc",
    "version": "21.0.0rc2",
    "webapi_port": null,
    "webapi_url": "https://mriqc.nimh.nih.gov/api/v1"
  },
  "size_t": 210,
  "size_x": 106,
  "size_y": 106,
  "size_z": 32,
  "snr": 4.39812951347358,
  "spacing_tr": 2.0,
  "spacing_x": 1.9811320304870605,
  "spacing_y": 1.9811320304870605,
  "spacing_z": 4.0,
  "summary_bg_k": 14.718351966486974,
  "summary_bg_mad": 11.797281854327272,
  "summary_bg_mean": 74.87814331054688,
  "summary_bg_median": 39.19047927856445,
  "summary_bg_n": 208865.0,
  "summary_bg_p05": 28.96666717529297,
  "summary_bg_p95": 265.04287719726534,
  "summary_bg_stdv": 91.98193359375,
  "summary_fg_k": 0.46601180375036844,
  "summary_fg_mad": 184.06157248034924,
  "summary_fg_mean": 865.3588256835938,
  "summary_fg_median": 857.3428955078125,
  "summary_fg_n": 82331.0,
  "summary_fg_p05": 562.86669921875,
  "summary_fg_p95": 1209.6524658203125,
  "summary_fg_stdv": 194.93234252929688,
  "tsnr": 32.22465735778678
}