{
  "aor": 0.0008489047619047619,
  "aqi": 0.009659987904761906,
  "bids_meta": {
    "AcquisitionMatrixPE": 106,
    "AcquisitionNumber": 1,
    "AcquisitionTime": "16:19:12.767500",
    "BandwidthPerPixelPhaseEncode": 27.345,
    "BaseResolution": 106,
    "CoilString": "T:HEA;HEP",
    "ConversionSoftware": "dcm2niix",
    "ConversionSoftwareVersion": "v1.0.20190720  GCC7.4.0",
    "Dcm2bidsVersion": "2.1.4",
    "DerivedVendorReportedEchoSpacing": 0.000689995,
    "DeviceSerialNumber": "40296",
    "DwellTime": 2.8e-06,
    "EchoTime": 0.023,
    "EffectiveEchoSpacing": 0.000344998,
    "FlipAngle": 90,
    "ImageOrientationPatientDICOM": [
      0.999847,
      0.0135187,
      0.011086,
      -0.00698033,
      0.890051,
      -0.455808
    ],
    "ImageType": [
      "ORIGINAL",
      "PRIMARY",
      "M",
      "ND",
      "MOSAIC"
    ],
    "ImagingFrequency": 123.197,
    "InPlanePhaseEncodingDirectionDICOM": "COL",
    "InstitutionAddress": "Henri_le_Guilloux_2_Rennes_3BA938_District_FR_35000",
    "InstitutionName": "CHU_PONTCHAILLOU",
    "InstitutionalDepartmentName": "Department",
    "Instructions": "Try to move up the ball by feeling the movement of your right arm and hand. When the symbol + is displayed, rest",
    "MRAcquisitionType": "2D",
    "MagneticFieldStrength": 3,
    "Manufacturer": "Siemens",
    "ManufacturersModelName": "Verio",
    "Modality": "MR",
    "ParallelReductionFactorInPlane": 2,
    "PartialFourier": 1,
    "PatientPosition": "HFS",
    "PercentPhaseFOV": 100,
    "PhaseEncodingDirection": "j-",
    "PhaseEncodingSteps": 106,
    "PhaseResolution": 1,
    "PixelBandwidth": 1685,
    "ProcedureStepDescription": "RECHERCHE_HEMISFER",
    "ProtocolName": "ep2d_bold_online_2X10x20_NEUROFEEDBACK_EEG_IRMF",
    "PulseSequenceDetails": "%SiemensSeq%_ep2d_bold",
    "ReceiveCoilName": "HeadMatrix",
    "ReconMatrixPE": 106,
    "RefLinesPE": 24,
    "RepetitionTime": 2,
    "SAR": 0.0539998,
    "ScanOptions": "FS",
    "ScanningSequence": "EP",
    "SequenceName": "_epfid2d1_106",
    "SequenceVariant": "SK",
    "SeriesDescription": "ep2d_bold_online_2X10x20_NEUROFEEDBACK_EEG_IRMF",
    "SeriesNumber": 14,
    "ShimSetting": [
      937,
      13523,
      -6519,
      440,
      -704,
      -332,
      767,
      -279
    ],
    "SliceThickness": 4,
    "SliceTiming": [
      1.005,
      0,
      1.0675,
      0.0625,
      1.13,
      0.125,
      1.1925,
      0.19,
      1.255,
      0.2525,
      1.3175,
      0.315,
      1.38,
      0.3775,
      1.4425,
      0.44,
      1.505,
      0.5025,
      1.57,
      0.565,
      1.6325,
      0.6275,
      1.695,
      0.69,
      1.7575,
      0.7525,
      1.82,
      0.815,
      1.8825,
      0.88,
      1.945,
      0.9425
    ],
    "SoftwareVersions": "syngo_MR_B17",
    "SpacingBetweenSlices": 4,
    "StationName": "MRC40296",
    "TaskName": "eegfmriNF",
    "TotalReadoutTime": 0.0362248,
    "TxRefAmp": 453.861,
    "dataset": "ds002336",
    "modality": "bold",
    "subject_id": "xp103",
    "task_id": "eegfmriNF"
  },
  "dummy_trs": 0,
  "dvars_nstd": 39.274784489665066,
  "dvars_std": 1.0185919263157894,
  "dvars_vstd": 1.0025675810047854,
  "efc": 0.592699639832448,
  "fber": 467.0731506347656,
  "fd_mean": 0.09834738968104526,
  "fd_num": 9,
  "fd_perc": 4.285714285714286,
  "fwhm_avg": 2.9005012864125708,
  "fwhm_x": 2.9010938753975886,
  "fwhm_y": 3.4826199838401246,
  "fwhm_z": 2.31779,
  "gcor": 0.0269973,
  "gsr_x": -0.013863888569176197,
  "gsr_y": 0.05465640872716904,
  "provenance": {
    "md5sum": "1c0e96f2ab81a390410ff6c71ceef6fd",
    "settings": {
      "fd_thres": 0.2,
      "testing": false
    },
    "software": "mriqc",
    "version": "21.0.0rc2",
    "webapi_port": null,
    "webapi_url": "https://mriqc.nimh.nih.gov/api/v1"
  },
  "size_t": 210,
  "size_x": 106,
  "size_y": 106,
  "size_z": 32,
  "snr": 4.407965918965141,
  "spacing_tr": 2.0,
  "spacing_x": 1.9811320304870605,
  "spacing_y": 1.9811320304870605,
  "spacing_z": 4.0,
  "summary_bg_k": 14.699105346958824,
  "summary_bg_mad": 11.761976280486095,
  "summary_bg_mean": 75.08157348632812,
  "summary_bg_median": 39.07619094848633,
  "summary_bg_n": 208787.0,
  "summary_bg_p05": 28.823810577392578,
  "summary_bg_p95": 265.58762817382797,
  "summary_bg_stdv": 92.37017822265625,
  "summary_fg_k": 0.46707534709101317,
  "summary_fg_mad": 184.11088999799364,
  "summary_fg_mean": 867.7225952148438,
  "summary_fg_median": 859.7190551757812,
  "summary_fg_n": 82379.0,
  "summary_fg_p05": 564.393359375,
  "summary_fg_p95": 1210.3890747070309,
  "summary_fg_stdv": 195.03640747070312,
  "tsnr": 32.75077958393376
}