{
  "aor": 0.0005787349397590361,
  "aqi": 0.00872009469879518,
  "bids_meta": {
    "AcquisitionMatrixPE": 106,
    "AcquisitionNumber": 1,
    "AcquisitionTime": "15:35:50.902500",
    "BandwidthPerPixelPhaseEncode": 27.345,
    "BaseResolution": 106,
    "CoilString": "T:HEA;HEP",
    "ConversionSoftware": "dcm2niix",
    "ConversionSoftwareVersion": "v1.0.20190720  GCC7.4.0",
    "Dcm2bidsVersion": "2.1.4",
    "DerivedVendorReportedEchoSpacing": 0.000689995,
    "DeviceSerialNumber": "40296",
    "DwellTime": 2.8e-06,
    "EchoTime": 0.023,
    "EffectiveEchoSpacing": 0.000344998,
    "FlipAngle": 90,
    "ImageOrientationPatientDICOM": [
      0.999847,
      0.0135187,
      0.011086,
      -0.00698033,
      0.890051,
      -0.455808
    ],
    "ImageType": [
      "ORIGINAL",
      "PRIMARY",
      "FMRI",
      "NONE",
      "ND",
      "MOSAIC"
    ],
    "ImagingFrequency": 123.197,
    "InPlanePhaseEncodingDirectionDICOM": "COL",
    "InstitutionAddress": "Henri_le_Guilloux_2_Rennes_3BA938_District_FR_35000",
    "InstitutionName": "CHU_PONTCHAILLOU",
    "InstitutionalDepartmentName": "Department",
    "Instructions": "When demanded,move your right hand. When the symbol + is displayed, rest",
    "MRAcquisitionType": "2D",
    "MagneticFieldStrength": 3,
    "Manufacturer": "Siemens",
    "ManufacturersModelName": "Verio",
    "Modality": "MR",
    "ParallelReductionFactorInPlane": 2,
    "PartialFourier": 1,
    "PatientPosition": "HFS",
    "PercentPhaseFOV": 100,
    "PhaseEncodingDirection": "j-",
    "PhaseEncodingSteps": 106,
    "PhaseResolution": 1,
    "PixelBandwidth": 1685,
    "ProcedureStepDescription": "RECHERCHE_HEMISFER",
    "ProtocolName": "ep2d_bold_me_avec_GLM_2X8x20S_AVEC_EEG",
    "PulseSequenceDetails": "%SiemensSeq%_ep2d_bold",
    "ReceiveCoilName": "HeadMatrix",
    "ReconMatrixPE": 106,
    "RefLinesPE": 24,
    "RepetitionTime": 2,
    "SAR": 0.0539502,
    "ScanOptions": "FS",
    "ScanningSequence": "EP",
    "SequenceName": "_epfid2d1_106",
    "SequenceVariant": "SK",
    "SeriesDescription": "ep2d_bold_me_avec_GLM_2X8x20S_AVEC_EEG",
    "SeriesNumber": 4,
    "ShimSetting": [
      937,
      13523,
      -6519,
      440,
      -704,
      -332,
      767,
      -279
    ],
    "SliceThickness": 4,
    "SliceTiming": [
      1.005,
      0,
      1.0675,
      0.0625,
      1.13,
      0.125,
      1.1925,
      0.1875,
      1.255,
      0.25,
      1.3175,
      0.315,
      1.38,
      0.3775,
      1.4425,
      0.44,
      1.505,
      0.5025,
      1.5675,
      0.565,
      1.6325,
      0.6275,
      1.695,
      0.69,
      1.7575,
      0.7525,
      1.82,
      0.815,
      1.8825,
      0.8775,
      1.945,
      0.94
    ],
    "SoftwareVersions": "syngo_MR_B17",
    "SpacingBetweenSlices": 4,
    "StationName": "MRC40296",
    "TaskName": "motorloc",
    "TotalReadoutTime": 0.0362248,
    "TxRefAmp": 453.861,
    "dataset": "ds002336",
    "modality": "bold",
    "subject_id": "xp103",
    "task_id": "motorloc"
  },
  "dummy_trs": 0,
  "dvars_nstd": 39.707283829030295,
  "dvars_std": 1.0309511587878784,
  "dvars_vstd": 1.0091956093333336,
  "efc": 0.5907609748842811,
  "fber": 452.4875183105469,
  "fd_mean": 0.08848985493122863,
  "fd_num": 10,
  "fd_perc": 6.024096385542169,
  "fwhm_avg": 2.9138090404135277,
  "fwhm_x": 2.903895304032628,
  "fwhm_y": 3.4841393172079567,
  "fwhm_z": 2.3533925,
  "gcor": 0.0812692,
  "gsr_x": -0.014204713515937328,
  "gsr_y": 0.05141110345721245,
  "provenance": {
    "md5sum": "0ff35a7c44bce87a2222b5d84086e6f9",
    "settings": {
      "fd_thres": 0.2,
      "testing": false
    },
    "software": "mriqc",
    "version": "21.0.0rc2",
    "webapi_port": null,
    "webapi_url": "https://mriqc.nimh.nih.gov/api/v1"
  },
  "size_t": 166,
  "size_x": 106,
  "size_y": 106,
  "size_z": 32,
  "snr": 4.335414475826654,
  "spacing_tr": 2.0,
  "spacing_x": 1.9811320304870605,
  "spacing_y": 1.9811320304870605,
  "spacing_z": 4.0,
  "summary_bg_k": 14.977618435381505,
  "summary_bg_mad": 11.217761432255381,
  "summary_bg_mean": 72.31946563720703,
  "summary_bg_median": 38.71686553955078,
  "summary_bg_n": 209100.0,
  "summary_bg_p05": 28.71084213256836,
  "summary_bg_p95": 253.02590026855427,
  "summary_bg_stdv": 88.09866333007812,
  "summary_fg_k": 0.491446781890609,
  "summary_fg_mad": 181.51163059098954,
  "summary_fg_mean": 847.7655029296875,
  "summary_fg_median": 839.277099609375,
  "summary_fg_n": 81777.0,
  "summary_fg_p05": 547.9337158203125,
  "summary_fg_p95": 1191.1794921874998,
  "summary_fg_stdv": 193.58517456054688,
  "tsnr": 32.596507152193226
}