{
  "aor": 0.00045690476190476194,
  "aqi": 0.01129294542857143,
  "bids_meta": {
    "AcquisitionMatrixPE": 106,
    "AcquisitionNumber": 1,
    "AcquisitionTime": "16:00:55.930000",
    "BandwidthPerPixelPhaseEncode": 27.345,
    "BaseResolution": 106,
    "CoilString": "T:HEA;HEP",
    "ConversionSoftware": "dcm2niix",
    "ConversionSoftwareVersion": "v1.0.20190720  GCC7.4.0",
    "Dcm2bidsVersion": "2.1.4",
    "DerivedVendorReportedEchoSpacing": 0.000689995,
    "DeviceSerialNumber": "40296",
    "DwellTime": 2.8e-06,
    "EchoTime": 0.023,
    "EffectiveEchoSpacing": 0.000344998,
    "FlipAngle": 90,
    "ImageOrientationPatientDICOM": [
      0.999847,
      0.0135187,
      0.011086,
      -0.00698033,
      0.890051,
      -0.455808
    ],
    "ImageType": [
      "ORIGINAL",
      "PRIMARY",
      "M",
      "ND",
      "MOSAIC"
    ],
    "ImagingFrequency": 123.197,
    "InPlanePhaseEncodingDirectionDICOM": "COL",
    "InstitutionAddress": "Henri_le_Guilloux_2_Rennes_3BA938_District_FR_35000",
    "InstitutionName": "CHU_PONTCHAILLOU",
    "InstitutionalDepartmentName": "Department",
    "Instructions": "Try to move up the ball by feeling the movement of your right arm and hand. When the symbol + is displayed, rest",
    "MRAcquisitionType": "2D",
    "MagneticFieldStrength": 3,
    "Manufacturer": "Siemens",
    "ManufacturersModelName": "Verio",
    "Modality": "MR",
    "ParallelReductionFactorInPlane": 2,
    "PartialFourier": 1,
    "PatientPosition": "HFS",
    "PercentPhaseFOV": 100,
    "PhaseEncodingDirection": "j-",
    "PhaseEncodingSteps": 106,
    "PhaseResolution": 1,
    "PixelBandwidth": 1685,
    "ProcedureStepDescription": "RECHERCHE_HEMISFER",
    "ProtocolName": "ep2d_bold_online_2X10x20_NEUROFEEDBACK_IRMF",
    "PulseSequenceDetails": "%SiemensSeq%_ep2d_bold",
    "ReceiveCoilName": "HeadMatrix",
    "ReconMatrixPE": 106,
    "RefLinesPE": 24,
    "RepetitionTime": 2,
    "SAR": 0.0539998,
    "ScanOptions": "FS",
    "ScanningSequence": "EP",
    "SequenceName": "_epfid2d1_106",
    "SequenceVariant": "SK",
    "SeriesDescription": "ep2d_bold_online_2X10x20_NEUROFEEDBACK_IRMF",
    "SeriesNumber": 12,
    "ShimSetting": [
      937,
      13524,
      -6501,
      457,
      -694,
      -318,
      727,
      -275
    ],
    "SliceThickness": 4,
    "SliceTiming": [
      1.0025,
      0,
      1.065,
      0.0625,
      1.1275,
      0.125,
      1.1925,
      0.1875,
      1.255,
      0.25,
      1.3175,
      0.3125,
      1.38,
      0.375,
      1.4425,
      0.4375,
      1.505,
      0.5025,
      1.5675,
      0.565,
      1.63,
      0.6275,
      1.6925,
      0.69,
      1.755,
      0.7525,
      1.8175,
      0.815,
      1.8825,
      0.8775,
      1.945,
      0.94
    ],
    "SoftwareVersions": "syngo_MR_B17",
    "SpacingBetweenSlices": 4,
    "StationName": "MRC40296",
    "TaskName": "fmriNF",
    "TotalReadoutTime": 0.0362248,
    "TxRefAmp": 453.861,
    "dataset": "ds002336",
    "modality": "bold",
    "subject_id": "xp103",
    "task_id": "fmriNF"
  },
  "dummy_trs": 0,
  "dvars_nstd": 39.43111001698562,
  "dvars_std": 1.0079394695215314,
  "dvars_vstd": 0.9874954032057416,
  "efc": 0.5929645066846059,
  "fber": 452.12841796875,
  "fd_mean": 0.09439786521704047,
  "fd_num": 9,
  "fd_perc": 4.285714285714286,
  "fwhm_avg": 2.9298676121716145,
  "fwhm_x": 2.901341208736538,
  "fwhm_y": 3.530229127778306,
  "fwhm_z": 2.3580325,
  "gcor": 0.0442872,
  "gsr_x": -0.013700200244784355,
  "gsr_y": 0.055047597736120224,
  "provenance": {
    "md5sum": "9f64caeec08c54489c21f848d1b35d33",
    "settings": {
      "fd_thres": 0.2,
      "testing": false
    },
    "software": "mriqc",
    "version": "21.0.0rc2",
    "webapi_port": null,
    "webapi_url": "https://mriqc.nimh.nih.gov/api/v1"
  },
  "size_t": 210,
  "size_x": 106,
  "size_y": 106,
  "size_z": 32,
  "snr": 4.3657509580897855,
  "spacing_tr": 2.0,
  "spacing_x": 1.9811320304870605,
  "spacing_y": 1.9811320304870605,
  "spacing_z": 4.0,
  "summary_bg_k": 14.906896674741354,
  "summary_bg_mad": 11.804337313416877,
  "summary_bg_mean": 73.59716796875,
  "summary_bg_median": 39.18095397949219,
  "summary_bg_n": 208247.0,
  "summary_bg_p05": 28.866668701171875,
  "summary_bg_p95": 257.41287841796867,
  "summary_bg_stdv": 89.25675964355469,
  "summary_fg_k": 0.5549521810597651,
  "summary_fg_mad": 183.05196597693939,
  "summary_fg_mean": 859.1765747070312,
  "summary_fg_median": 850.6381225585938,
  "summary_fg_n": 82381.0,
  "summary_fg_p05": 558.44287109375,
  "summary_fg_p95": 1203.6334228515625,
  "summary_fg_stdv": 194.84230041503906,
  "tsnr": 31.160109367221594
}