{
  "aor": 0.00114688679245283,
  "aqi": 0.0072173760377358485,
  "bids_meta": {
    "AcquisitionMatrixPE": 106,
    "AcquisitionNumber": 1,
    "AcquisitionTime": "15:48:2.357500",
    "BandwidthPerPixelPhaseEncode": 27.345,
    "BaseResolution": 106,
    "CoilString": "T:HEA;HEP",
    "ConversionSoftware": "dcm2niix",
    "ConversionSoftwareVersion": "v1.0.20190720  GCC7.4.0",
    "Dcm2bidsVersion": "2.1.4",
    "DerivedVendorReportedEchoSpacing": 0.000689995,
    "DeviceSerialNumber": "40296",
    "DwellTime": 2.8e-06,
    "EchoTime": 0.023,
    "EffectiveEchoSpacing": 0.000344998,
    "FlipAngle": 90,
    "ImageOrientationPatientDICOM": [
      0.999847,
      0.0135187,
      0.011086,
      -0.00698033,
      0.890051,
      -0.455808
    ],
    "ImageType": [
      "ORIGINAL",
      "PRIMARY",
      "M",
      "ND",
      "MOSAIC"
    ],
    "ImagingFrequency": 123.197,
    "InPlanePhaseEncodingDirectionDICOM": "COL",
    "InstitutionAddress": "Henri_le_Guilloux_2_Rennes_3BA938_District_FR_35000",
    "InstitutionName": "CHU_PONTCHAILLOU",
    "InstitutionalDepartmentName": "Department",
    "Instructions": "When demanded, try to feel the movement of your right arm and hand. When the symbol + is displayed, rest",
    "MRAcquisitionType": "2D",
    "MagneticFieldStrength": 3,
    "Manufacturer": "Siemens",
    "ManufacturersModelName": "Verio",
    "Modality": "MR",
    "ParallelReductionFactorInPlane": 2,
    "PartialFourier": 1,
    "PatientPosition": "HFS",
    "PercentPhaseFOV": 100,
    "PhaseEncodingDirection": "j-",
    "PhaseEncodingSteps": 106,
    "PhaseResolution": 1,
    "PixelBandwidth": 1685,
    "ProcedureStepDescription": "RECHERCHE_HEMISFER",
    "ProtocolName": "ep2d_bold_MI_PRE_2x5x20",
    "PulseSequenceDetails": "%SiemensSeq%_ep2d_bold",
    "ReceiveCoilName": "HeadMatrix",
    "ReconMatrixPE": 106,
    "RefLinesPE": 24,
    "RepetitionTime": 2,
    "SAR": 0.0538185,
    "ScanOptions": "FS",
    "ScanningSequence": "EP",
    "SequenceName": "_epfid2d1_106",
    "SequenceVariant": "SK",
    "SeriesDescription": "ep2d_bold_MI_PRE_2x5x20",
    "SeriesNumber": 10,
    "ShimSetting": [
      937,
      13523,
      -6519,
      440,
      -704,
      -332,
      767,
      -279
    ],
    "SliceThickness": 4,
    "SliceTiming": [
      1.005,
      0,
      1.0675,
      0.0625,
      1.13,
      0.125,
      1.1925,
      0.19,
      1.255,
      0.2525,
      1.3175,
      0.315,
      1.38,
      0.3775,
      1.4425,
      0.44,
      1.5075,
      0.5025,
      1.57,
      0.565,
      1.6325,
      0.6275,
      1.695,
      0.69,
      1.7575,
      0.7525,
      1.82,
      0.8175,
      1.8825,
      0.88,
      1.945,
      0.9425
    ],
    "SoftwareVersions": "syngo_MR_B17",
    "SpacingBetweenSlices": 4,
    "StationName": "MRC40296",
    "TaskName": "MIpre",
    "TotalReadoutTime": 0.0362248,
    "TxRefAmp": 453.861,
    "dataset": "ds002336",
    "modality": "bold",
    "subject_id": "xp103",
    "task_id": "MIpre"
  },
  "dummy_trs": 0,
  "dvars_nstd": 39.57668140980954,
  "dvars_std": 1.0520738521904767,
  "dvars_vstd": 1.029667049809524,
  "efc": 0.5910180758734342,
  "fber": 457.9652404785156,
  "fd_mean": 0.09133145945592304,
  "fd_num": 2,
  "fd_perc": 1.8867924528301887,
  "fwhm_avg": 2.934414048624842,
  "fwhm_x": 2.907908161266603,
  "fwhm_y": 3.5164339846079233,
  "fwhm_z": 2.3789,
  "gcor": 0.0293227,
  "gsr_x": -0.013907787390053272,
  "gsr_y": 0.054357707500457764,
  "provenance": {
    "md5sum": "c53e53218941d32ae7fe51ea096406f7",
    "settings": {
      "fd_thres": 0.2,
      "testing": false
    },
    "software": "mriqc",
    "version": "21.0.0rc2",
    "webapi_port": null,
    "webapi_url": "https://mriqc.nimh.nih.gov/api/v1"
  },
  "size_t": 106,
  "size_x": 106,
  "size_y": 106,
  "size_z": 32,
  "snr": 4.351505901631351,
  "spacing_tr": 2.0,
  "spacing_x": 1.9811320304870605,
  "spacing_y": 1.9811320304870605,
  "spacing_z": 4.0,
  "summary_bg_k": 15.41536440462382,
  "summary_bg_mad": 11.007621864957693,
  "summary_bg_mean": 72.44345092773438,
  "summary_bg_median": 38.81132125854492,
  "summary_bg_n": 208496.0,
  "summary_bg_p05": 29.226415634155273,
  "summary_bg_p95": 253.16510009765625,
  "summary_bg_stdv": 88.28215789794922,
  "summary_fg_k": 0.5549449235448272,
  "summary_fg_mad": 182.38803455133052,
  "summary_fg_mean": 857.8108520507812,
  "summary_fg_median": 849.556640625,
  "summary_fg_n": 81843.0,
  "summary_fg_p05": 555.660400390625,
  "summary_fg_p95": 1203.808532714843,
  "summary_fg_stdv": 195.23159790039062,
  "tsnr": 36.35311089665629
}