{
  "aor": 0.0026640476190476193,
  "aqi": 0.006989212142857144,
  "bids_meta": {
    "AcquisitionMatrixPE": 106,
    "AcquisitionNumber": 1,
    "AcquisitionTime": "17:39:34.155000",
    "BandwidthPerPixelPhaseEncode": 27.345,
    "BaseResolution": 106,
    "CoilString": "T:HEA;HEP",
    "ConversionSoftware": "dcm2niix",
    "ConversionSoftwareVersion": "v1.0.20190720  GCC7.4.0",
    "Dcm2bidsVersion": "2.1.4",
    "DerivedVendorReportedEchoSpacing": 0.000689995,
    "DeviceSerialNumber": "40296",
    "DwellTime": 2.8e-06,
    "EchoTime": 0.023,
    "EffectiveEchoSpacing": 0.000344998,
    "FlipAngle": 90,
    "ImageOrientationPatientDICOM": [
      0.999262,
      -0.0187687,
      -0.0335003,
      0.00872045,
      0.960534,
      -0.278027
    ],
    "ImageType": [
      "ORIGINAL",
      "PRIMARY",
      "M",
      "ND",
      "MOSAIC"
    ],
    "ImagingFrequency": 123.197,
    "InPlanePhaseEncodingDirectionDICOM": "COL",
    "InstitutionAddress": "Henri_le_Guilloux_2_Rennes_3BA938_District_FR_35000",
    "InstitutionName": "CHU_PONTCHAILLOU",
    "InstitutionalDepartmentName": "Department",
    "Instructions": "Try to move up the ball by feeling the movement of your right arm and hand. When the symbol + is displayed, rest",
    "MRAcquisitionType": "2D",
    "MagneticFieldStrength": 3,
    "Manufacturer": "Siemens",
    "ManufacturersModelName": "Verio",
    "Modality": "MR",
    "ParallelReductionFactorInPlane": 2,
    "PartialFourier": 1,
    "PatientPosition": "HFS",
    "PercentPhaseFOV": 100,
    "PhaseEncodingDirection": "j-",
    "PhaseEncodingSteps": 106,
    "PhaseResolution": 1,
    "PixelBandwidth": 1685,
    "ProcedureStepDescription": "RECHERCHE_HEMISFER",
    "ProtocolName": "ep2d_bold_online_2X10x20_EEG",
    "PulseSequenceDetails": "%SiemensSeq%_ep2d_bold",
    "ReceiveCoilName": "HeadMatrix",
    "ReconMatrixPE": 106,
    "RefLinesPE": 24,
    "RepetitionTime": 2,
    "SAR": 0.0520404,
    "ScanOptions": "FS",
    "ScanningSequence": "EP",
    "SequenceName": "_epfid2d1_106",
    "SequenceVariant": "SK",
    "SeriesDescription": "ep2d_bold_online_2X10x20_EEG",
    "SeriesNumber": 8,
    "ShimSetting": [
      898,
      13487,
      -6525,
      352,
      -708,
      -568,
      663,
      -242
    ],
    "SliceThickness": 4,
    "SliceTiming": [
      1.0025,
      0,
      1.065,
      0.0625,
      1.13,
      0.125,
      1.1925,
      0.1875,
      1.255,
      0.25,
      1.3175,
      0.3125,
      1.38,
      0.375,
      1.4425,
      0.44,
      1.505,
      0.5025,
      1.5675,
      0.565,
      1.63,
      0.6275,
      1.6925,
      0.69,
      1.7575,
      0.7525,
      1.82,
      0.815,
      1.8825,
      0.8775,
      1.945,
      0.94
    ],
    "SoftwareVersions": "syngo_MR_B17",
    "SpacingBetweenSlices": 4,
    "StationName": "MRC40296",
    "TaskName": "eegNF",
    "TotalReadoutTime": 0.0362248,
    "TxRefAmp": 482.643,
    "dataset": "ds002336",
    "modality": "bold",
    "subject_id": "xp104",
    "task_id": "eegNF"
  },
  "dummy_trs": 0,
  "dvars_nstd": 37.57113868301435,
  "dvars_std": 1.0822205049760762,
  "dvars_vstd": 1.0248894560287087,
  "efc": 0.5714572037110746,
  "fber": 544.07861328125,
  "fd_mean": 0.15576055051347845,
  "fd_num": 28,
  "fd_perc": 13.333333333333334,
  "fwhm_avg": 3.0454695112740846,
  "fwhm_x": 3.0557882598625423,
  "fwhm_y": 3.676630273959711,
  "fwhm_z": 2.40399,
  "gcor": 0.0788266,
  "gsr_x": -0.016122866421937943,
  "gsr_y": 0.04781917855143547,
  "provenance": {
    "md5sum": "e3660e642d76221b730b8363788292e1",
    "settings": {
      "fd_thres": 0.2,
      "testing": false
    },
    "software": "mriqc",
    "version": "21.0.0rc2",
    "webapi_port": null,
    "webapi_url": "https://mriqc.nimh.nih.gov/api/v1"
  },
  "size_t": 210,
  "size_x": 106,
  "size_y": 106,
  "size_z": 32,
  "snr": 4.279695982053403,
  "spacing_tr": 2.0,
  "spacing_x": 1.9811320304870605,
  "spacing_y": 1.9811320304870605,
  "spacing_z": 4.0,
  "summary_bg_k": 14.676535688998282,
  "summary_bg_mad": 11.112458351863093,
  "summary_bg_mean": 75.84379577636719,
  "summary_bg_median": 38.16190719604492,
  "summary_bg_n": 218966.0,
  "summary_bg_p05": 28.790477752685547,
  "summary_bg_p95": 277.4119186401367,
  "summary_bg_stdv": 95.99507904052734,
  "summary_fg_k": 0.7649199583459731,
  "summary_fg_mad": 193.61369696663056,
  "summary_fg_mean": 925.2117309570312,
  "summary_fg_median": 911.1286010742188,
  "summary_fg_n": 74653.0,
  "summary_fg_p05": 606.8124267578125,
  "summary_fg_p95": 1312.0467041015618,
  "summary_fg_stdv": 212.8942108154297,
  "tsnr": 38.45384350512177
}