{
  "aor": 0.002104761904761905,
  "aqi": 0.017198327857142856,
  "bids_meta": {
    "AcquisitionMatrixPE": 106,
    "AcquisitionNumber": 1,
    "AcquisitionTime": "12:29:21.897500",
    "BandwidthPerPixelPhaseEncode": 27.345,
    "BaseResolution": 106,
    "CoilString": "T:HEA;HEP",
    "ConversionSoftware": "dcm2niix",
    "ConversionSoftwareVersion": "v1.0.20190720  GCC7.4.0",
    "Dcm2bidsVersion": "2.1.4",
    "DerivedVendorReportedEchoSpacing": 0.000689995,
    "DeviceSerialNumber": "40296",
    "DwellTime": 2.8e-06,
    "EchoTime": 0.023,
    "EffectiveEchoSpacing": 0.000344998,
    "FlipAngle": 90,
    "ImageOrientationPatientDICOM": [
      0.999257,
      0.0354035,
      -0.0152241,
      -0.0383876,
      0.949267,
      -0.31212
    ],
    "ImageType": [
      "ORIGINAL",
      "PRIMARY",
      "M",
      "ND",
      "MOSAIC"
    ],
    "ImagingFrequency": 123.197,
    "InPlanePhaseEncodingDirectionDICOM": "COL",
    "InstitutionAddress": "Henri_le_Guilloux_2_Rennes_3BA938_District_FR_35000",
    "InstitutionName": "CHU_PONTCHAILLOU",
    "InstitutionalDepartmentName": "Department",
    "Instructions": "Try to move up the ball by feeling the movement of your right arm and hand. When the symbol + is displayed, rest",
    "MRAcquisitionType": "2D",
    "MagneticFieldStrength": 3,
    "Manufacturer": "Siemens",
    "ManufacturersModelName": "Verio",
    "Modality": "MR",
    "ParallelReductionFactorInPlane": 2,
    "PartialFourier": 1,
    "PatientPosition": "HFS",
    "PercentPhaseFOV": 100,
    "PhaseEncodingDirection": "j-",
    "PhaseEncodingSteps": 106,
    "PhaseResolution": 1,
    "PixelBandwidth": 1685,
    "ProcedureStepDescription": "OSS-IRM",
    "ProtocolName": "ep2d_bold_NEUROFEEDBACK_IRMF_BOLD",
    "PulseSequenceDetails": "%SiemensSeq%_ep2d_bold",
    "ReceiveCoilName": "HeadMatrix",
    "ReconMatrixPE": 106,
    "RefLinesPE": 24,
    "RepetitionTime": 2,
    "SAR": 0.0650406,
    "ScanOptions": "FS",
    "ScanningSequence": "EP",
    "SequenceName": "_epfid2d1_106",
    "SequenceVariant": "SK",
    "SeriesDescription": "ep2d_bold_NEUROFEEDBACK_IRMF_BOLD",
    "SeriesNumber": 25,
    "ShimSetting": [
      935,
      13455,
      -6480,
      462,
      -701,
      -592,
      488,
      -473
    ],
    "SliceThickness": 4,
    "SliceTiming": [
      1.005,
      0,
      1.0675,
      0.065,
      1.13,
      0.1275,
      1.1925,
      0.19,
      1.255,
      0.2525,
      1.3175,
      0.315,
      1.38,
      0.3775,
      1.445,
      0.44,
      1.5075,
      0.5025,
      1.57,
      0.565,
      1.6325,
      0.6275,
      1.695,
      0.69,
      1.7575,
      0.755,
      1.82,
      0.8175,
      1.8825,
      0.88,
      1.945,
      0.9425
    ],
    "SoftwareVersions": "syngo_MR_B17",
    "SpacingBetweenSlices": 4,
    "StationName": "MRC40296",
    "TaskName": "fmriNF",
    "TotalReadoutTime": 0.0362248,
    "TxRefAmp": 454.495,
    "dataset": "ds002336",
    "modality": "bold",
    "subject_id": "xp102",
    "task_id": "fmriNF"
  },
  "dummy_trs": 0,
  "dvars_nstd": 40.66168216535883,
  "dvars_std": 0.9890504257416258,
  "dvars_vstd": 0.9815631082296655,
  "efc": 0.5597882306908782,
  "fber": 477.1054382324219,
  "fd_mean": 0.1765290064427899,
  "fd_num": 40,
  "fd_perc": 19.047619047619047,
  "fwhm_avg": 3.1053993540358173,
  "fwhm_x": 3.115668165984112,
  "fwhm_y": 3.813859896123339,
  "fwhm_z": 2.38667,
  "gcor": 0.0214816,
  "gsr_x": -0.02212667465209961,
  "gsr_y": 0.05720837041735649,
  "provenance": {
    "md5sum": "94d2082cf974ef10b9ee80d750d126e1",
    "settings": {
      "fd_thres": 0.2,
      "testing": false
    },
    "software": "mriqc",
    "version": "21.0.0rc2",
    "webapi_port": null,
    "webapi_url": "https://mriqc.nimh.nih.gov/api/v1"
  },
  "size_t": 210,
  "size_x": 106,
  "size_y": 106,
  "size_z": 32,
  "snr": 4.1226132164074905,
  "spacing_tr": 2.0,
  "spacing_x": 1.9811320304870605,
  "spacing_y": 1.9811320304870605,
  "spacing_z": 4.0,
  "summary_bg_k": 14.462286737517712,
  "summary_bg_mad": 12.736263070858199,
  "summary_bg_mean": 73.00416564941406,
  "summary_bg_median": 37.971431732177734,
  "summary_bg_n": 227666.0,
  "summary_bg_p05": 26.728572845458984,
  "summary_bg_p95": 262.9083480834961,
  "summary_bg_stdv": 88.44158172607422,
  "summary_fg_k": 0.6071609688550463,
  "summary_fg_mad": 186.53966462840685,
  "summary_fg_mean": 850.3966064453125,
  "summary_fg_median": 843.1952514648438,
  "summary_fg_n": 66293.0,
  "summary_fg_p05": 526.84765625,
  "summary_fg_p95": 1208.2143554687498,
  "summary_fg_stdv": 204.52777099609375,
  "tsnr": 25.910328689031303
}