{
  "aor": 0.004952285714285714,
  "aqi": 0.012188085904761906,
  "bids_meta": {
    "AcquisitionMatrixPE": 106,
    "AcquisitionNumber": 1,
    "AcquisitionTime": "12:19:52.027500",
    "BandwidthPerPixelPhaseEncode": 27.345,
    "BaseResolution": 106,
    "CoilString": "T:HEA;HEP",
    "ConversionSoftware": "dcm2niix",
    "ConversionSoftwareVersion": "v1.0.20190720  GCC7.4.0",
    "Dcm2bidsVersion": "2.1.4",
    "DerivedVendorReportedEchoSpacing": 0.000689995,
    "DeviceSerialNumber": "40296",
    "DwellTime": 2.8e-06,
    "EchoTime": 0.023,
    "EffectiveEchoSpacing": 0.000344998,
    "FlipAngle": 90,
    "ImageOrientationPatientDICOM": [
      0.999257,
      0.0354035,
      -0.0152241,
      -0.0383876,
      0.949267,
      -0.31212
    ],
    "ImageType": [
      "ORIGINAL",
      "PRIMARY",
      "M",
      "ND",
      "MOSAIC"
    ],
    "ImagingFrequency": 123.197,
    "InPlanePhaseEncodingDirectionDICOM": "COL",
    "InstitutionAddress": "Henri_le_Guilloux_2_Rennes_3BA938_District_FR_35000",
    "InstitutionName": "CHU_PONTCHAILLOU",
    "InstitutionalDepartmentName": "Department",
    "Instructions": "Try to move up the ball by feeling the movement of your right arm and hand. When the symbol + is displayed, rest",
    "MRAcquisitionType": "2D",
    "MagneticFieldStrength": 3,
    "Manufacturer": "Siemens",
    "ManufacturersModelName": "Verio",
    "Modality": "MR",
    "ParallelReductionFactorInPlane": 2,
    "PartialFourier": 1,
    "PatientPosition": "HFS",
    "PercentPhaseFOV": 100,
    "PhaseEncodingDirection": "j-",
    "PhaseEncodingSteps": 106,
    "PhaseResolution": 1,
    "PixelBandwidth": 1685,
    "ProcedureStepDescription": "OSS-IRM",
    "ProtocolName": "ep2d_bold_NEUROFEEDBACK_EEG_IRMF_BOLD",
    "PulseSequenceDetails": "%SiemensSeq%_ep2d_bold",
    "ReceiveCoilName": "HeadMatrix",
    "ReconMatrixPE": 106,
    "RefLinesPE": 24,
    "RepetitionTime": 2,
    "SAR": 0.0650406,
    "ScanOptions": "FS",
    "ScanningSequence": "EP",
    "SequenceName": "_epfid2d1_106",
    "SequenceVariant": "SK",
    "SeriesDescription": "ep2d_bold_NEUROFEEDBACK_EEG_IRMF_BOLD",
    "SeriesNumber": 24,
    "ShimSetting": [
      935,
      13455,
      -6480,
      462,
      -701,
      -592,
      488,
      -473
    ],
    "SliceThickness": 4,
    "SliceTiming": [
      1.0025,
      0,
      1.0675,
      0.0625,
      1.13,
      0.125,
      1.1925,
      0.1875,
      1.255,
      0.25,
      1.3175,
      0.3125,
      1.38,
      0.3775,
      1.4425,
      0.44,
      1.505,
      0.5025,
      1.5675,
      0.565,
      1.63,
      0.6275,
      1.6925,
      0.69,
      1.7575,
      0.7525,
      1.82,
      0.815,
      1.8825,
      0.8775,
      1.945,
      0.94
    ],
    "SoftwareVersions": "syngo_MR_B17",
    "SpacingBetweenSlices": 4,
    "StationName": "MRC40296",
    "TaskName": "eegfmriNF",
    "TotalReadoutTime": 0.0362248,
    "TxRefAmp": 454.495,
    "dataset": "ds002336",
    "modality": "bold",
    "subject_id": "xp102",
    "task_id": "eegfmriNF"
  },
  "dummy_trs": 0,
  "dvars_nstd": 42.528157375502374,
  "dvars_std": 1.0284841988516742,
  "dvars_vstd": 1.016499071196173,
  "efc": 0.5599742294753064,
  "fber": 492.4882507324219,
  "fd_mean": 0.19221617562060847,
  "fd_num": 35,
  "fd_perc": 16.666666666666668,
  "fwhm_avg": 3.048919011716151,
  "fwhm_x": 3.0820813080786142,
  "fwhm_y": 3.7087432270698373,
  "fwhm_z": 2.3559325,
  "gcor": 0.0649517,
  "gsr_x": -0.02473611757159233,
  "gsr_y": 0.05612987279891968,
  "provenance": {
    "md5sum": "4f19ae0282c85fa61d47a5f2286f8679",
    "settings": {
      "fd_thres": 0.2,
      "testing": false
    },
    "software": "mriqc",
    "version": "21.0.0rc2",
    "webapi_port": null,
    "webapi_url": "https://mriqc.nimh.nih.gov/api/v1"
  },
  "size_t": 210,
  "size_x": 106,
  "size_y": 106,
  "size_z": 32,
  "snr": 4.142221892331528,
  "spacing_tr": 2.0,
  "spacing_x": 1.9811320304870605,
  "spacing_y": 1.9811320304870605,
  "spacing_z": 4.0,
  "summary_bg_k": 15.157784739675346,
  "summary_bg_mad": 11.288957942675829,
  "summary_bg_mean": 72.01593780517578,
  "summary_bg_median": 37.085716247558594,
  "summary_bg_n": 227836.0,
  "summary_bg_p05": 27.095239639282227,
  "summary_bg_p95": 263.0666809082031,
  "summary_bg_stdv": 89.73238372802734,
  "summary_fg_k": 0.5065427890439786,
  "summary_fg_mad": 185.23351958312426,
  "summary_fg_mean": 846.1578369140625,
  "summary_fg_median": 839.0952758789062,
  "summary_fg_n": 65883.0,
  "summary_fg_p05": 524.9623962402344,
  "summary_fg_p95": 1202.3600341796873,
  "summary_fg_stdv": 202.56976318359375,
  "tsnr": 27.670583013095893
}