{
  "aor": 0.012480560747663549,
  "aqi": 0.015484611121495327,
  "bids_meta": {
    "AcquisitionMatrixPE": 106,
    "AcquisitionNumber": 1,
    "AcquisitionTime": "11:57:33.317500",
    "BandwidthPerPixelPhaseEncode": 27.345,
    "BaseResolution": 106,
    "CoilString": "T:HEA;HEP",
    "ConversionSoftware": "dcm2niix",
    "ConversionSoftwareVersion": "v1.0.20190720  GCC7.4.0",
    "Dcm2bidsVersion": "2.1.4",
    "DerivedVendorReportedEchoSpacing": 0.000689995,
    "DeviceSerialNumber": "40296",
    "DwellTime": 2.8e-06,
    "EchoTime": 0.023,
    "EffectiveEchoSpacing": 0.000344998,
    "FlipAngle": 90,
    "ImageOrientationPatientDICOM": [
      0.999257,
      0.0354035,
      -0.0152241,
      -0.0383876,
      0.949267,
      -0.31212
    ],
    "ImageType": [
      "ORIGINAL",
      "PRIMARY",
      "FMRI",
      "NONE",
      "ND",
      "MOSAIC"
    ],
    "ImagingFrequency": 123.196,
    "InPlanePhaseEncodingDirectionDICOM": "COL",
    "InstitutionAddress": "Henri_le_Guilloux_2_Rennes_3BA938_District_FR_35000",
    "InstitutionName": "CHU_PONTCHAILLOU",
    "InstitutionalDepartmentName": "Department",
    "Instructions": "When demanded, try to feel the movement of your right arm and hand. When the symbol + is displayed, rest",
    "MRAcquisitionType": "2D",
    "MagneticFieldStrength": 3,
    "Manufacturer": "Siemens",
    "ManufacturersModelName": "Verio",
    "Modality": "MR",
    "ParallelReductionFactorInPlane": 2,
    "PartialFourier": 1,
    "PatientPosition": "HFS",
    "PercentPhaseFOV": 100,
    "PhaseEncodingDirection": "j-",
    "PhaseEncodingSteps": 106,
    "PhaseResolution": 1,
    "PixelBandwidth": 1685,
    "ProcedureStepDescription": "OSS-IRM",
    "ProtocolName": "ep2d_bold_MI_PRE_avec_GLM_2X5x20S_AVEC_EEG",
    "PulseSequenceDetails": "%SiemensSeq%_ep2d_bold",
    "ReceiveCoilName": "HeadMatrix",
    "ReconMatrixPE": 106,
    "RefLinesPE": 24,
    "RepetitionTime": 2,
    "SAR": 0.0649808,
    "ScanOptions": "FS",
    "ScanningSequence": "EP",
    "SequenceName": "_epfid2d1_106",
    "SequenceVariant": "SK",
    "SeriesDescription": "ep2d_bold_MI_PRE_avec_GLM_2X5x20S_AVEC_EEG",
    "SeriesNumber": 16,
    "ShimSetting": [
      935,
      13455,
      -6480,
      462,
      -701,
      -592,
      488,
      -473
    ],
    "SliceThickness": 4,
    "SliceTiming": [
      1.0025,
      0,
      1.065,
      0.0625,
      1.1275,
      0.125,
      1.19,
      0.1875,
      1.2525,
      0.25,
      1.315,
      0.3125,
      1.38,
      0.375,
      1.4425,
      0.4375,
      1.505,
      0.5,
      1.5675,
      0.5625,
      1.63,
      0.625,
      1.6925,
      0.69,
      1.755,
      0.7525,
      1.8175,
      0.815,
      1.88,
      0.8775,
      1.9425,
      0.94
    ],
    "SoftwareVersions": "syngo_MR_B17",
    "SpacingBetweenSlices": 4,
    "StationName": "MRC40296",
    "TaskName": "MIpre",
    "TotalReadoutTime": 0.0362248,
    "TxRefAmp": 454.495,
    "dataset": "ds002336",
    "modality": "bold",
    "subject_id": "xp102",
    "task_id": "MIpre"
  },
  "dummy_trs": 1,
  "dvars_nstd": 48.19449198018868,
  "dvars_std": 1.064710011509434,
  "dvars_vstd": 1.0674674455660376,
  "efc": 0.5601923101855907,
  "fber": 464.6048278808594,
  "fd_mean": 0.46548988442861833,
  "fd_num": 23,
  "fd_perc": 21.49532710280374,
  "fwhm_avg": 3.0770182504393575,
  "fwhm_x": 3.1115240706519187,
  "fwhm_y": 3.7622681806661555,
  "fwhm_z": 2.3572625,
  "gcor": 0.0397802,
  "gsr_x": -0.024559330195188522,
  "gsr_y": 0.05871083587408066,
  "provenance": {
    "md5sum": "46d28ba0db3a95085609b98ba60fb221",
    "settings": {
      "fd_thres": 0.2,
      "testing": false
    },
    "software": "mriqc",
    "version": "21.0.0rc2",
    "webapi_port": null,
    "webapi_url": "https://mriqc.nimh.nih.gov/api/v1"
  },
  "size_t": 107,
  "size_x": 106,
  "size_y": 106,
  "size_z": 32,
  "snr": 4.096800153975914,
  "spacing_tr": 2.0,
  "spacing_x": 1.9811320304870605,
  "spacing_y": 1.9811320304870605,
  "spacing_z": 4.0,
  "summary_bg_k": 15.276703858145325,
  "summary_bg_mad": 12.096371107261657,
  "summary_bg_mean": 71.13224029541016,
  "summary_bg_median": 37.47663497924805,
  "summary_bg_n": 228343.0,
  "summary_bg_p05": 27.196260452270508,
  "summary_bg_p95": 256.6626098632812,
  "summary_bg_stdv": 86.94188690185547,
  "summary_fg_k": 0.4993643940506911,
  "summary_fg_mad": 184.93729775925476,
  "summary_fg_mean": 830.46337890625,
  "summary_fg_median": 823.8223876953125,
  "summary_fg_n": 66048.0,
  "summary_fg_p05": 512.5373657226563,
  "summary_fg_p95": 1183.033557128906,
  "summary_fg_stdv": 201.08770751953125,
  "tsnr": 24.906043798546307
}