{
  "aor": 0.001849905660377359,
  "aqi": 0.00816908254716981,
  "bids_meta": {
    "AcquisitionMatrixPE": 106,
    "AcquisitionNumber": 1,
    "AcquisitionTime": "12:38:26.337500",
    "BandwidthPerPixelPhaseEncode": 27.345,
    "BaseResolution": 106,
    "CoilString": "T:HEA;HEP",
    "ConversionSoftware": "dcm2niix",
    "ConversionSoftwareVersion": "v1.0.20190720  GCC7.4.0",
    "Dcm2bidsVersion": "2.1.4",
    "DerivedVendorReportedEchoSpacing": 0.000689995,
    "DeviceSerialNumber": "40296",
    "DwellTime": 2.8e-06,
    "EchoTime": 0.023,
    "EffectiveEchoSpacing": 0.000344998,
    "FlipAngle": 90,
    "ImageOrientationPatientDICOM": [
      0.999257,
      0.0354035,
      -0.0152241,
      -0.0383876,
      0.949267,
      -0.31212
    ],
    "ImageType": [
      "ORIGINAL",
      "PRIMARY",
      "M",
      "ND",
      "MOSAIC"
    ],
    "ImagingFrequency": 123.197,
    "InPlanePhaseEncodingDirectionDICOM": "COL",
    "InstitutionAddress": "Henri_le_Guilloux_2_Rennes_3BA938_District_FR_35000",
    "InstitutionName": "CHU_PONTCHAILLOU",
    "InstitutionalDepartmentName": "Department",
    "Instructions": "When demanded, try to feel the movement of your right arm and hand. When the symbol + is displayed, rest",
    "MRAcquisitionType": "2D",
    "MagneticFieldStrength": 3,
    "Manufacturer": "Siemens",
    "ManufacturersModelName": "Verio",
    "Modality": "MR",
    "ParallelReductionFactorInPlane": 2,
    "PartialFourier": 1,
    "PatientPosition": "HFS",
    "PercentPhaseFOV": 100,
    "PhaseEncodingDirection": "j-",
    "PhaseEncodingSteps": 106,
    "PhaseResolution": 1,
    "PixelBandwidth": 1685,
    "ProcedureStepDescription": "OSS-IRM",
    "ProtocolName": "ep2d_bold_MI_POST_2x5x20",
    "PulseSequenceDetails": "%SiemensSeq%_ep2d_bold",
    "ReceiveCoilName": "HeadMatrix",
    "ReconMatrixPE": 106,
    "RefLinesPE": 24,
    "RepetitionTime": 2,
    "SAR": 0.0648221,
    "ScanOptions": "FS",
    "ScanningSequence": "EP",
    "SequenceName": "_epfid2d1_106",
    "SequenceVariant": "SK",
    "SeriesDescription": "ep2d_bold_MI_POST_2x5x20",
    "SeriesNumber": 26,
    "ShimSetting": [
      935,
      13455,
      -6480,
      462,
      -701,
      -592,
      488,
      -473
    ],
    "SliceThickness": 4,
    "SliceTiming": [
      1.0025,
      0,
      1.065,
      0.0625,
      1.1275,
      0.125,
      1.1925,
      0.1875,
      1.255,
      0.25,
      1.3175,
      0.3125,
      1.38,
      0.375,
      1.4425,
      0.4375,
      1.505,
      0.5025,
      1.5675,
      0.565,
      1.63,
      0.6275,
      1.6925,
      0.69,
      1.755,
      0.7525,
      1.8175,
      0.815,
      1.8825,
      0.8775,
      1.945,
      0.94
    ],
    "SoftwareVersions": "syngo_MR_B17",
    "SpacingBetweenSlices": 4,
    "StationName": "MRC40296",
    "TaskName": "MIpost",
    "TotalReadoutTime": 0.0362248,
    "TxRefAmp": 454.495,
    "dataset": "ds002336",
    "modality": "bold",
    "subject_id": "xp102",
    "task_id": "MIpost"
  },
  "dummy_trs": 0,
  "dvars_nstd": 40.364613233238096,
  "dvars_std": 1.0401202719047618,
  "dvars_vstd": 1.0252606971428577,
  "efc": 0.5594180154512362,
  "fber": 498.5280456542969,
  "fd_mean": 0.12613584355808186,
  "fd_num": 10,
  "fd_perc": 9.433962264150944,
  "fwhm_avg": 3.024763931701019,
  "fwhm_x": 3.0272994973108998,
  "fwhm_y": 3.6776397977921578,
  "fwhm_z": 2.3693525,
  "gcor": 0.0142229,
  "gsr_x": -0.023837314918637276,
  "gsr_y": 0.05301506072282791,
  "provenance": {
    "md5sum": "3568e745d67adca0314e85814d5ad849",
    "settings": {
      "fd_thres": 0.2,
      "testing": false
    },
    "software": "mriqc",
    "version": "21.0.0rc2",
    "webapi_port": null,
    "webapi_url": "https://mriqc.nimh.nih.gov/api/v1"
  },
  "size_t": 106,
  "size_x": 106,
  "size_y": 106,
  "size_z": 32,
  "snr": 4.193917743131933,
  "spacing_tr": 2.0,
  "spacing_x": 1.9811320304870605,
  "spacing_y": 1.9811320304870605,
  "spacing_z": 4.0,
  "summary_bg_k": 15.972124749582836,
  "summary_bg_mad": 10.546059104210352,
  "summary_bg_mean": 71.15965270996094,
  "summary_bg_median": 36.74528503417969,
  "summary_bg_n": 227866.0,
  "summary_bg_p05": 27.50943374633789,
  "summary_bg_p95": 265.0,
  "summary_bg_stdv": 90.57491302490234,
  "summary_fg_k": 0.5350262995612209,
  "summary_fg_mad": 183.07336706487132,
  "summary_fg_mean": 846.1908569335938,
  "summary_fg_median": 840.839599609375,
  "summary_fg_n": 65858.0,
  "summary_fg_p05": 526.4122711181641,
  "summary_fg_p95": 1196.005657958984,
  "summary_fg_stdv": 200.4887237548828,
  "tsnr": 33.62308746250346
}