{
  "aor": 0.0005776506024096385,
  "aqi": 0.008332579518072288,
  "bids_meta": {
    "AcquisitionMatrixPE": 106,
    "AcquisitionNumber": 1,
    "AcquisitionTime": "11:42:8.182500",
    "BandwidthPerPixelPhaseEncode": 27.345,
    "BaseResolution": 106,
    "CoilString": "T:HEA;HEP",
    "ConversionSoftware": "dcm2niix",
    "ConversionSoftwareVersion": "v1.0.20190720  GCC7.4.0",
    "Dcm2bidsVersion": "2.1.4",
    "DerivedVendorReportedEchoSpacing": 0.000689995,
    "DeviceSerialNumber": "40296",
    "DwellTime": 2.8e-06,
    "EchoTime": 0.023,
    "EffectiveEchoSpacing": 0.000344998,
    "FlipAngle": 90,
    "ImageOrientationPatientDICOM": [
      0.999257,
      0.0354035,
      -0.0152241,
      -0.0383876,
      0.949267,
      -0.31212
    ],
    "ImageType": [
      "ORIGINAL",
      "PRIMARY",
      "FMRI",
      "NONE",
      "ND",
      "MOSAIC"
    ],
    "ImagingFrequency": 123.196,
    "InPlanePhaseEncodingDirectionDICOM": "COL",
    "InstitutionAddress": "Henri_le_Guilloux_2_Rennes_3BA938_District_FR_35000",
    "InstitutionName": "CHU_PONTCHAILLOU",
    "InstitutionalDepartmentName": "Department",
    "Instructions": "When demanded,move your right hand. When the symbol + is displayed, rest",
    "MRAcquisitionType": "2D",
    "MagneticFieldStrength": 3,
    "Manufacturer": "Siemens",
    "ManufacturersModelName": "Verio",
    "Modality": "MR",
    "ParallelReductionFactorInPlane": 2,
    "PartialFourier": 1,
    "PatientPosition": "HFS",
    "PercentPhaseFOV": 100,
    "PhaseEncodingDirection": "j-",
    "PhaseEncodingSteps": 106,
    "PhaseResolution": 1,
    "PixelBandwidth": 1685,
    "ProcedureStepDescription": "OSS-IRM",
    "ProtocolName": "ep2d_bold_me_avec_GLM_2X8x20S_AVEC_EEG",
    "PulseSequenceDetails": "%SiemensSeq%_ep2d_bold",
    "ReceiveCoilName": "HeadMatrix",
    "ReconMatrixPE": 106,
    "RefLinesPE": 24,
    "RepetitionTime": 2,
    "SAR": 0.0649808,
    "ScanOptions": "FS",
    "ScanningSequence": "EP",
    "SequenceName": "_epfid2d1_106",
    "SequenceVariant": "SK",
    "SeriesDescription": "ep2d_bold_me_avec_GLM_2X8x20S_AVEC_EEG",
    "SeriesNumber": 3,
    "ShimSetting": [
      935,
      13455,
      -6480,
      462,
      -701,
      -592,
      488,
      -473
    ],
    "SliceThickness": 4,
    "SliceTiming": [
      1.0025,
      0,
      1.065,
      0.0625,
      1.1275,
      0.125,
      1.19,
      0.1875,
      1.2525,
      0.25,
      1.315,
      0.3125,
      1.38,
      0.375,
      1.4425,
      0.4375,
      1.505,
      0.5,
      1.5675,
      0.5625,
      1.63,
      0.625,
      1.6925,
      0.69,
      1.755,
      0.7525,
      1.8175,
      0.815,
      1.88,
      0.8775,
      1.9425,
      0.94
    ],
    "SoftwareVersions": "syngo_MR_B17",
    "SpacingBetweenSlices": 4,
    "StationName": "MRC40296",
    "TaskName": "motorloc",
    "TotalReadoutTime": 0.0362248,
    "TxRefAmp": 454.495,
    "dataset": "ds002336",
    "modality": "bold",
    "subject_id": "xp102",
    "task_id": "motorloc"
  },
  "dummy_trs": 0,
  "dvars_nstd": 40.919642755030296,
  "dvars_std": 1.0374152872727271,
  "dvars_vstd": 1.0040887279393946,
  "efc": 0.5567543244405654,
  "fber": 492.5431823730469,
  "fd_mean": 0.11275890092301163,
  "fd_num": 10,
  "fd_perc": 6.024096385542169,
  "fwhm_avg": 3.0622828847012307,
  "fwhm_x": 3.11462330881753,
  "fwhm_y": 3.6721328452861615,
  "fwhm_z": 2.4000925,
  "gcor": 0.0720238,
  "gsr_x": -0.021154072135686874,
  "gsr_y": 0.05701529234647751,
  "provenance": {
    "md5sum": "aeee2c3aa2e653df295d1ef357a84499",
    "settings": {
      "fd_thres": 0.2,
      "testing": false
    },
    "software": "mriqc",
    "version": "21.0.0rc2",
    "webapi_port": null,
    "webapi_url": "https://mriqc.nimh.nih.gov/api/v1"
  },
  "size_t": 166,
  "size_x": 106,
  "size_y": 106,
  "size_z": 32,
  "snr": 4.016716247155192,
  "spacing_tr": 2.0,
  "spacing_x": 1.9811320304870605,
  "spacing_y": 1.9811320304870605,
  "spacing_z": 4.0,
  "summary_bg_k": 19.030280368586283,
  "summary_bg_mad": 10.19065625916758,
  "summary_bg_mean": 65.88743591308594,
  "summary_bg_median": 35.4638557434082,
  "summary_bg_n": 226354.0,
  "summary_bg_p05": 26.43975830078125,
  "summary_bg_p95": 234.27920913696275,
  "summary_bg_stdv": 83.04847717285156,
  "summary_fg_k": 0.5730974408734988,
  "summary_fg_mad": 179.36808314519115,
  "summary_fg_mean": 814.22119140625,
  "summary_fg_median": 806.759033203125,
  "summary_fg_n": 66281.0,
  "summary_fg_p05": 492.9638366699219,
  "summary_fg_p95": 1167.2469482421875,
  "summary_fg_stdv": 200.848876953125,
  "tsnr": 31.501083836192265
}